STORAGE: NONE
RESTRICTION: || (== net462) (== net5.0) (== net6.0) (== netstandard2.0) (== netstandard2.1)
NUGET
  remote: https://www.nuget.org/api/v2
    BenchmarkDotNet (0.13.2)
      BenchmarkDotNet.Annotations (>= 0.13.2) - restriction: || (&& (== net462) (>= netstandard2.0)) (== net5.0) (== net6.0) (== netstandard2.0) (== netstandard2.1)
      CommandLineParser (>= 2.4.3) - restriction: || (&& (== net462) (>= netstandard2.0)) (== net5.0) (== net6.0) (== netstandard2.0) (== netstandard2.1)
      Iced (>= 1.17) - restriction: || (&& (== net462) (>= netstandard2.0)) (== net5.0) (== net6.0) (== netstandard2.0) (== netstandard2.1)
      Microsoft.CodeAnalysis.CSharp (>= 3.0) - restriction: || (&& (== net462) (>= netstandard2.0)) (== net5.0) (== net6.0) (== netstandard2.0) (== netstandard2.1)
      Microsoft.Diagnostics.Runtime (>= 2.2.332302) - restriction: || (&& (== net462) (>= netstandard2.0)) (== net5.0) (== net6.0) (== netstandard2.0) (== netstandard2.1)
      Microsoft.Diagnostics.Tracing.TraceEvent (>= 3.0.2) - restriction: || (&& (== net462) (>= netstandard2.0)) (== net5.0) (== net6.0) (== netstandard2.0) (== netstandard2.1)
      Microsoft.DotNet.PlatformAbstractions (>= 3.1.6) - restriction: || (&& (== net462) (>= netstandard2.0)) (== net5.0) (== net6.0) (== netstandard2.0) (== netstandard2.1)
      Microsoft.Win32.Registry (>= 5.0) - restriction: || (&& (== net462) (== net6.0)) (&& (== net462) (>= netstandard2.0)) (== net5.0) (== netstandard2.0) (== netstandard2.1)
      Perfolizer (>= 0.2.1) - restriction: || (&& (== net462) (>= netstandard2.0)) (== net5.0) (== net6.0) (== netstandard2.0) (== netstandard2.1)
      System.Management (>= 6.0) - restriction: || (&& (== net462) (>= netstandard2.0)) (== net5.0) (== net6.0) (== netstandard2.0) (== netstandard2.1)
      System.Numerics.Vectors (>= 4.5) - restriction: || (&& (== net462) (== net6.0)) (&& (== net462) (>= netstandard2.0)) (== net5.0) (== netstandard2.0) (== netstandard2.1)
      System.Reflection.Emit (>= 4.7) - restriction: || (&& (== net462) (>= netstandard2.0)) (== net5.0) (== net6.0) (== netstandard2.0) (== netstandard2.1)
      System.Reflection.Emit.Lightweight (>= 4.7) - restriction: || (&& (== net462) (>= netstandard2.0)) (== net5.0) (== net6.0) (== netstandard2.0) (== netstandard2.1)
      System.Threading.Tasks.Extensions (>= 4.5.4) - restriction: || (&& (== net462) (>= netstandard2.0)) (== net5.0) (== net6.0) (== netstandard2.0) (== netstandard2.1)
    BenchmarkDotNet.Annotations (0.13.2) - restriction: || (&& (== net462) (>= netstandard2.0)) (== net5.0) (== net6.0) (== netstandard2.0) (== netstandard2.1)
    CommandLineParser (2.9.1) - restriction: || (&& (== net462) (>= netstandard2.0)) (== net5.0) (== net6.0) (== netstandard2.0) (== netstandard2.1)
    Iced (1.17) - restriction: || (&& (== net462) (>= netstandard2.0)) (== net5.0) (== net6.0) (== netstandard2.0) (== netstandard2.1)
    K4os.Hash.xxHash (1.0.7)
      System.Memory (>= 4.5.4) - restriction: || (== net462) (&& (== net5.0) (>= net45) (< netstandard1.6)) (&& (== net5.0) (>= net46)) (&& (== net5.0) (< netstandard2.0)) (&& (== net5.0) (< netstandard2.1)) (&& (== net6.0) (>= net45) (< netstandard1.6)) (&& (== net6.0) (>= net46)) (&& (== net6.0) (< netstandard2.0)) (&& (== net6.0) (< netstandard2.1)) (== netstandard2.0) (&& (== netstandard2.1) (>= net45) (< netstandard1.6)) (&& (== netstandard2.1) (>= net46)) (&& (== netstandard2.1) (< netstandard2.0))
    lz4net (1.0.15.93)
      lz4net.unsafe.netcore (1.0.15.93) - restriction: || (&& (== net462) (< net20)) (== net5.0) (== net6.0) (== netstandard2.0) (== netstandard2.1)
      NETStandard.Library (>= 1.6.1) - restriction: || (&& (== net462) (< net20)) (== net5.0) (== net6.0) (== netstandard2.0) (== netstandard2.1)
    lz4net.unsafe.netcore (1.0.15.93) - restriction: || (&& (== net462) (< net20)) (== net5.0) (== net6.0) (== netstandard2.0) (== netstandard2.1)
      NETStandard.Library (>= 1.6.1)
    Microsoft.Bcl.AsyncInterfaces (6.0) - restriction: || (&& (== net462) (>= netstandard2.0)) (== net5.0) (== net6.0) (== netstandard2.0) (== netstandard2.1)
      System.Threading.Tasks.Extensions (>= 4.5.4) - restriction: || (== net462) (&& (== net5.0) (>= net461)) (&& (== net5.0) (< netstandard2.1)) (&& (== net6.0) (>= net461)) (&& (== net6.0) (< netstandard2.1)) (== netstandard2.0) (&& (== netstandard2.1) (>= net461))
    Microsoft.CodeAnalysis.Analyzers (3.3.3) - restriction: || (&& (== net462) (>= netstandard2.0)) (== net5.0) (== net6.0) (== netstandard2.0) (== netstandard2.1)
    Microsoft.CodeAnalysis.Common (4.3.1) - restriction: || (&& (== net462) (>= netstandard2.0)) (== net5.0) (== net6.0) (== netstandard2.0) (== netstandard2.1)
      Microsoft.CodeAnalysis.Analyzers (>= 3.3.3) - restriction: || (&& (== net462) (>= netstandard2.0)) (== net5.0) (== net6.0) (== netstandard2.0) (== netstandard2.1)
      System.Collections.Immutable (>= 6.0) - restriction: || (&& (== net462) (>= netstandard2.0)) (== net5.0) (== net6.0) (== netstandard2.0) (== netstandard2.1)
      System.Memory (>= 4.5.4) - restriction: || (&& (== net462) (>= netstandard2.0)) (== net5.0) (== net6.0) (== netstandard2.0) (== netstandard2.1)
      System.Reflection.Metadata (>= 5.0) - restriction: || (&& (== net462) (>= netstandard2.0)) (== net5.0) (== net6.0) (== netstandard2.0) (== netstandard2.1)
      System.Runtime.CompilerServices.Unsafe (>= 6.0) - restriction: || (&& (== net462) (>= netstandard2.0)) (== net5.0) (== net6.0) (== netstandard2.0) (== netstandard2.1)
      System.Text.Encoding.CodePages (>= 6.0) - restriction: || (&& (== net462) (>= netstandard2.0)) (== net5.0) (== net6.0) (== netstandard2.0) (== netstandard2.1)
      System.Threading.Tasks.Extensions (>= 4.5.4) - restriction: || (&& (== net462) (>= netstandard2.0)) (== net5.0) (== net6.0) (== netstandard2.0) (== netstandard2.1)
    Microsoft.CodeAnalysis.CSharp (4.3.1) - restriction: || (&& (== net462) (>= netstandard2.0)) (== net5.0) (== net6.0) (== netstandard2.0) (== netstandard2.1)
      Microsoft.CodeAnalysis.Common (4.3.1) - restriction: || (&& (== net462) (>= netstandard2.0)) (== net5.0) (== net6.0) (== netstandard2.0) (== netstandard2.1)
    Microsoft.CodeCoverage (17.3.2) - restriction: || (== net462) (== net5.0) (== net6.0) (&& (== netstandard2.0) (>= net45)) (&& (== netstandard2.0) (>= netcoreapp1.0)) (&& (== netstandard2.1) (>= net45)) (&& (== netstandard2.1) (>= netcoreapp1.0))
    Microsoft.Diagnostics.NETCore.Client (0.2.328102) - restriction: || (&& (== net462) (>= netstandard2.0)) (== net5.0) (== net6.0) (== netstandard2.0) (== netstandard2.1)
      Microsoft.Bcl.AsyncInterfaces (>= 1.1) - restriction: || (&& (== net462) (>= netstandard2.0)) (== net5.0) (== net6.0) (== netstandard2.0) (== netstandard2.1)
      Microsoft.Extensions.Logging (>= 2.1.1) - restriction: || (&& (== net462) (>= netstandard2.0)) (== net5.0) (== net6.0) (== netstandard2.0) (== netstandard2.1)
    Microsoft.Diagnostics.Runtime (2.2.332302) - restriction: || (&& (== net462) (>= netstandard2.0)) (== net5.0) (== net6.0) (== netstandard2.0) (== netstandard2.1)
      Microsoft.Diagnostics.NETCore.Client (>= 0.2.251802) - restriction: || (&& (== net462) (>= netstandard2.0)) (== net5.0) (== net6.0) (== netstandard2.0) (== netstandard2.1)
      System.Collections.Immutable (>= 5.0) - restriction: || (&& (== net462) (>= netstandard2.0)) (== net5.0) (== net6.0) (== netstandard2.0) (== netstandard2.1)
      System.Runtime.CompilerServices.Unsafe (>= 5.0) - restriction: || (&& (== net462) (>= netstandard2.0)) (== net5.0) (== net6.0) (== netstandard2.0) (== netstandard2.1)
    Microsoft.Diagnostics.Tracing.TraceEvent (3.0.5) - restriction: || (&& (== net462) (>= netstandard2.0)) (== net5.0) (== net6.0) (== netstandard2.0) (== netstandard2.1)
      System.Runtime.CompilerServices.Unsafe (>= 5.0)
    Microsoft.DotNet.PlatformAbstractions (3.1.6) - restriction: || (&& (== net462) (>= netstandard2.0)) (== net5.0) (== net6.0) (== netstandard2.0) (== netstandard2.1)
    Microsoft.Extensions.DependencyInjection (6.0) - restriction: || (&& (== net462) (>= netstandard2.0)) (== net5.0) (== net6.0) (== netstandard2.0) (== netstandard2.1)
      Microsoft.Bcl.AsyncInterfaces (>= 6.0) - restriction: || (== net462) (&& (== net5.0) (>= net461)) (&& (== net5.0) (< netstandard2.1)) (&& (== net6.0) (>= net461)) (&& (== net6.0) (< netstandard2.1)) (== netstandard2.0) (&& (== netstandard2.1) (>= net461))
      Microsoft.Extensions.DependencyInjection.Abstractions (>= 6.0)
      System.Runtime.CompilerServices.Unsafe (>= 6.0)
      System.Threading.Tasks.Extensions (>= 4.5.4) - restriction: || (== net462) (&& (== net5.0) (>= net461)) (&& (== net5.0) (< netstandard2.1)) (&& (== net6.0) (>= net461)) (&& (== net6.0) (< netstandard2.1)) (== netstandard2.0) (&& (== netstandard2.1) (>= net461))
    Microsoft.Extensions.DependencyInjection.Abstractions (6.0) - restriction: || (&& (== net462) (>= netstandard2.0)) (== net5.0) (== net6.0) (== netstandard2.0) (== netstandard2.1)
      Microsoft.Bcl.AsyncInterfaces (>= 6.0) - restriction: || (== net462) (&& (== net5.0) (>= net461)) (&& (== net5.0) (< netstandard2.1)) (&& (== net6.0) (>= net461)) (&& (== net6.0) (< netstandard2.1)) (== netstandard2.0) (&& (== netstandard2.1) (>= net461))
      System.Threading.Tasks.Extensions (>= 4.5.4) - restriction: || (== net462) (&& (== net5.0) (>= net461)) (&& (== net5.0) (< netstandard2.1)) (&& (== net6.0) (>= net461)) (&& (== net6.0) (< netstandard2.1)) (== netstandard2.0) (&& (== netstandard2.1) (>= net461))
    Microsoft.Extensions.Logging (6.0) - restriction: || (&& (== net462) (>= netstandard2.0)) (== net5.0) (== net6.0) (== netstandard2.0) (== netstandard2.1)
      Microsoft.Bcl.AsyncInterfaces (>= 6.0) - restriction: || (== net462) (&& (== net5.0) (>= net461)) (&& (== net5.0) (< netstandard2.1)) (&& (== net6.0) (>= net461)) (&& (== net6.0) (< netstandard2.1)) (== netstandard2.0) (&& (== netstandard2.1) (>= net461))
      Microsoft.Extensions.DependencyInjection (>= 6.0)
      Microsoft.Extensions.DependencyInjection.Abstractions (>= 6.0)
      Microsoft.Extensions.Logging.Abstractions (>= 6.0)
      Microsoft.Extensions.Options (>= 6.0)
      System.Diagnostics.DiagnosticSource (>= 6.0)
    Microsoft.Extensions.Logging.Abstractions (6.0.2) - restriction: || (&& (== net462) (>= netstandard2.0)) (== net5.0) (== net6.0) (== netstandard2.0) (== netstandard2.1)
      System.Buffers (>= 4.5.1) - restriction: || (== net462) (== net5.0) (&& (== net6.0) (>= net461)) (== netstandard2.0) (== netstandard2.1)
      System.Memory (>= 4.5.4) - restriction: || (== net462) (== net5.0) (&& (== net6.0) (>= net461)) (== netstandard2.0) (== netstandard2.1)
    Microsoft.Extensions.Options (6.0) - restriction: || (&& (== net462) (>= netstandard2.0)) (== net5.0) (== net6.0) (== netstandard2.0) (== netstandard2.1)
      Microsoft.Extensions.DependencyInjection.Abstractions (>= 6.0)
      Microsoft.Extensions.Primitives (>= 6.0)
      System.ComponentModel.Annotations (>= 5.0) - restriction: || (&& (== net462) (== net5.0)) (&& (== net462) (== net6.0)) (&& (== net462) (== netstandard2.1)) (&& (== net462) (< net461) (>= netstandard2.0)) (&& (== net5.0) (< netstandard2.1)) (&& (== net6.0) (< netstandard2.1)) (== netstandard2.0)
    Microsoft.Extensions.Primitives (6.0) - restriction: || (&& (== net462) (>= netstandard2.0)) (== net5.0) (== net6.0) (== netstandard2.0) (== netstandard2.1)
      System.Memory (>= 4.5.4) - restriction: || (== net462) (&& (== net5.0) (>= net461)) (&& (== net5.0) (< netcoreapp3.1)) (&& (== net6.0) (>= net461)) (&& (== net6.0) (< netcoreapp3.1)) (== netstandard2.0) (== netstandard2.1)
      System.Runtime.CompilerServices.Unsafe (>= 6.0)
    Microsoft.NET.Test.Sdk (17.3.2)
      Microsoft.CodeCoverage (>= 17.3.2) - restriction: || (== net462) (== net5.0) (== net6.0) (&& (== netstandard2.0) (>= net45)) (&& (== netstandard2.0) (>= netcoreapp1.0)) (&& (== netstandard2.1) (>= net45)) (&& (== netstandard2.1) (>= netcoreapp1.0))
      Microsoft.TestPlatform.TestHost (>= 17.3.2) - restriction: || (&& (== net462) (>= netcoreapp1.0)) (== net5.0) (== net6.0) (&& (== netstandard2.0) (>= netcoreapp1.0)) (&& (== netstandard2.1) (>= netcoreapp1.0))
    Microsoft.NETCore.Platforms (6.0.5) - restriction: || (&& (== net462) (< net20)) (&& (== net462) (>= netcoreapp2.0)) (&& (== net462) (< netstandard1.0) (>= win8)) (&& (== net462) (< netstandard1.3) (>= wpa81)) (&& (== net462) (< netstandard1.5) (>= uap10.0)) (&& (== net462) (>= uap10.1)) (&& (== net462) (>= wp8)) (== net5.0) (== net6.0) (== netstandard2.0) (== netstandard2.1)
    Microsoft.TestPlatform.ObjectModel (17.3.2) - restriction: || (&& (== net462) (>= netcoreapp1.0)) (== net5.0) (== net6.0) (&& (== netstandard2.0) (>= netcoreapp1.0)) (&& (== netstandard2.1) (>= netcoreapp1.0))
      NuGet.Frameworks (>= 5.11)
      System.Reflection.Metadata (>= 1.6)
    Microsoft.TestPlatform.TestHost (17.3.2) - restriction: || (&& (== net462) (>= netcoreapp1.0)) (== net5.0) (== net6.0) (&& (== netstandard2.0) (>= netcoreapp1.0)) (&& (== netstandard2.1) (>= netcoreapp1.0))
      Microsoft.TestPlatform.ObjectModel (>= 17.3.2) - restriction: || (&& (== net462) (>= netcoreapp1.0)) (&& (== net462) (>= uap10.0)) (== net5.0) (== net6.0) (&& (== netstandard2.0) (>= netcoreapp1.0)) (&& (== netstandard2.0) (>= uap10.0)) (&& (== netstandard2.1) (>= netcoreapp1.0)) (&& (== netstandard2.1) (>= uap10.0))
      Newtonsoft.Json (>= 9.0.1) - restriction: || (&& (== net462) (>= netcoreapp1.0)) (&& (== net462) (>= uap10.0)) (== net5.0) (== net6.0) (&& (== netstandard2.0) (>= netcoreapp1.0)) (&& (== netstandard2.0) (>= uap10.0)) (&& (== netstandard2.1) (>= netcoreapp1.0)) (&& (== netstandard2.1) (>= uap10.0))
    Microsoft.Win32.Registry (5.0) - restriction: || (&& (== net462) (== net6.0)) (&& (== net462) (>= netcoreapp3.1)) (&& (== net462) (>= netstandard2.0)) (== net5.0) (== netstandard2.0) (== netstandard2.1)
      System.Buffers (>= 4.5.1) - restriction: || (&& (== net462) (== net5.0)) (&& (== net462) (== net6.0)) (&& (== net462) (>= monoandroid) (< netstandard1.3)) (&& (== net462) (>= monotouch)) (&& (== net462) (< net46) (>= netstandard2.0)) (&& (== net462) (>= xamarinios)) (&& (== net462) (>= xamarinmac)) (&& (== net462) (>= xamarintvos)) (&& (== net462) (>= xamarinwatchos)) (&& (== net5.0) (>= monoandroid) (< netstandard1.3)) (&& (== net5.0) (>= monotouch)) (&& (== net5.0) (< netcoreapp2.0)) (&& (== net5.0) (>= xamarinios)) (&& (== net5.0) (>= xamarinmac)) (&& (== net5.0) (>= xamarintvos)) (&& (== net5.0) (>= xamarinwatchos)) (&& (== net6.0) (>= monoandroid) (< netstandard1.3)) (&& (== net6.0) (>= monotouch)) (&& (== net6.0) (< netcoreapp2.0)) (&& (== net6.0) (>= xamarinios)) (&& (== net6.0) (>= xamarinmac)) (&& (== net6.0) (>= xamarintvos)) (&& (== net6.0) (>= xamarinwatchos)) (== netstandard2.0) (== netstandard2.1)
      System.Memory (>= 4.5.4) - restriction: || (&& (== net462) (== net5.0)) (&& (== net462) (== net6.0)) (&& (== net462) (< net46) (>= netstandard2.0)) (&& (== net462) (>= netcoreapp2.0)) (&& (== net462) (>= uap10.1)) (&& (== net5.0) (< netcoreapp2.0)) (&& (== net5.0) (< netcoreapp2.1)) (&& (== net5.0) (>= uap10.1)) (&& (== net6.0) (< netcoreapp2.0)) (&& (== net6.0) (< netcoreapp2.1)) (&& (== net6.0) (>= uap10.1)) (== netstandard2.0) (== netstandard2.1)
      System.Security.AccessControl (>= 5.0)
      System.Security.Principal.Windows (>= 5.0)
    NETStandard.Library (2.0.3) - restriction: || (&& (== net462) (< net20)) (== net5.0) (== net6.0) (== netstandard2.0) (== netstandard2.1)
      Microsoft.NETCore.Platforms (>= 1.1)
    Newtonsoft.Json (13.0.1) - restriction: || (&& (== net462) (>= netcoreapp1.0)) (== net5.0) (== net6.0) (&& (== netstandard2.0) (>= netcoreapp1.0)) (&& (== netstandard2.1) (>= netcoreapp1.0))
    NuGet.Frameworks (6.3) - restriction: || (&& (== net462) (>= netcoreapp1.0)) (&& (== net462) (>= netcoreapp2.1)) (== net5.0) (== net6.0) (&& (== netstandard2.0) (>= netcoreapp1.0)) (&& (== netstandard2.0) (>= netcoreapp2.1)) (&& (== netstandard2.1) (>= netcoreapp1.0)) (&& (== netstandard2.1) (>= netcoreapp2.1))
    Perfolizer (0.2.1) - restriction: || (&& (== net462) (>= netstandard2.0)) (== net5.0) (== net6.0) (== netstandard2.0) (== netstandard2.1)
      System.Memory (>= 4.5.3) - restriction: || (&& (== net462) (>= netstandard2.0)) (== net5.0) (== net6.0) (== netstandard2.0) (== netstandard2.1)
    SharpZipLib (1.4)
      System.Memory (>= 4.5.4) - restriction: || (&& (== net462) (== net5.0)) (&& (== net462) (== net6.0)) (&& (== net462) (== netstandard2.1)) (&& (== net462) (>= netstandard2.0)) (&& (== net5.0) (< netstandard2.1)) (&& (== net6.0) (< netstandard2.1)) (== netstandard2.0)
      System.Threading.Tasks.Extensions (>= 4.5.2) - restriction: || (&& (== net462) (== net5.0)) (&& (== net462) (== net6.0)) (&& (== net462) (== netstandard2.1)) (&& (== net462) (>= netstandard2.0)) (&& (== net5.0) (< netstandard2.1)) (&& (== net6.0) (< netstandard2.1)) (== netstandard2.0)
    System.Buffers (4.5.1) - restriction: || (== net462) (== net5.0) (&& (== net6.0) (>= monotouch)) (&& (== net6.0) (>= net45) (< netstandard1.6)) (&& (== net6.0) (>= net46)) (&& (== net6.0) (>= net461)) (&& (== net6.0) (< netcoreapp2.0) (< netstandard2.1)) (&& (== net6.0) (< netstandard1.1)) (&& (== net6.0) (< netstandard2.0)) (&& (== net6.0) (< netstandard2.1) (>= xamarinios)) (&& (== net6.0) (< netstandard2.1) (>= xamarinmac)) (&& (== net6.0) (< netstandard2.1) (>= xamarintvos)) (&& (== net6.0) (< netstandard2.1) (>= xamarinwatchos)) (== netstandard2.0) (== netstandard2.1)
    System.CodeDom (6.0) - restriction: || (&& (== net462) (>= netstandard2.0)) (== net5.0) (== net6.0) (== netstandard2.0) (== netstandard2.1)
    System.Collections.Immutable (6.0) - restriction: || (&& (== net462) (>= netstandard2.0)) (== net5.0) (== net6.0) (== netstandard2.0) (== netstandard2.1)
      System.Memory (>= 4.5.4) - restriction: || (== net462) (== net5.0) (&& (== net6.0) (>= net461)) (== netstandard2.0) (== netstandard2.1)
      System.Runtime.CompilerServices.Unsafe (>= 6.0)
    System.ComponentModel.Annotations (5.0) - restriction: || (&& (== net462) (== net5.0)) (&& (== net462) (== net6.0)) (&& (== net462) (== netstandard2.1)) (&& (== net462) (< net461) (>= netstandard2.0)) (&& (== net5.0) (< netstandard2.1)) (&& (== net6.0) (< netstandard2.1)) (== netstandard2.0)
    System.Diagnostics.DiagnosticSource (6.0) - restriction: || (&& (== net462) (>= netstandard2.0)) (== net5.0) (== net6.0) (== netstandard2.0) (== netstandard2.1)
      System.Memory (>= 4.5.4) - restriction: || (== net462) (&& (== net5.0) (>= net461)) (&& (== net6.0) (>= net461)) (&& (== net6.0) (< net5.0)) (== netstandard2.0) (== netstandard2.1)
      System.Runtime.CompilerServices.Unsafe (>= 6.0)
    System.IO.Pipelines (6.0.3) - restriction: || (== net5.0) (== net6.0)
    System.Management (6.0) - restriction: || (&& (== net462) (>= netstandard2.0)) (== net5.0) (== net6.0) (== netstandard2.0) (== netstandard2.1)
      Microsoft.Win32.Registry (>= 5.0) - restriction: || (&& (== net462) (== net6.0)) (&& (== net462) (>= netcoreapp3.1)) (== net5.0) (&& (== net6.0) (== netstandard2.0)) (&& (== net6.0) (== netstandard2.1)) (&& (== netstandard2.0) (>= netcoreapp3.1)) (&& (== netstandard2.1) (>= netcoreapp3.1))
      System.CodeDom (>= 6.0) - restriction: || (&& (== net462) (>= netstandard2.0)) (== net5.0) (== net6.0) (== netstandard2.0) (== netstandard2.1)
    System.Memory (4.5.5) - restriction: || (== net462) (== netstandard2.0)
      System.Buffers (>= 4.5.1) - restriction: || (== net462) (&& (== net5.0) (>= monotouch)) (&& (== net5.0) (>= net461)) (&& (== net5.0) (< netcoreapp2.0)) (&& (== net5.0) (< netstandard1.1)) (&& (== net5.0) (< netstandard2.0)) (&& (== net5.0) (>= xamarinios)) (&& (== net5.0) (>= xamarinmac)) (&& (== net5.0) (>= xamarintvos)) (&& (== net5.0) (>= xamarinwatchos)) (&& (== net6.0) (>= monotouch)) (&& (== net6.0) (>= net461)) (&& (== net6.0) (< netcoreapp2.0)) (&& (== net6.0) (< netstandard1.1)) (&& (== net6.0) (< netstandard2.0)) (&& (== net6.0) (>= xamarinios)) (&& (== net6.0) (>= xamarinmac)) (&& (== net6.0) (>= xamarintvos)) (&& (== net6.0) (>= xamarinwatchos)) (== netstandard2.0) (== netstandard2.1)
      System.Numerics.Vectors (>= 4.4) - restriction: || (&& (== net462) (== net5.0)) (&& (== net462) (== net6.0)) (&& (== net462) (< net45) (>= netstandard2.0)) (&& (== net5.0) (< netcoreapp2.0)) (&& (== net6.0) (< netcoreapp2.0)) (== netstandard2.0) (== netstandard2.1)
      System.Numerics.Vectors (>= 4.5) - restriction: || (== net462) (&& (== net5.0) (>= net461)) (&& (== net6.0) (>= net461)) (&& (== netstandard2.0) (>= net461)) (&& (== netstandard2.1) (>= net461))
      System.Runtime.CompilerServices.Unsafe (>= 4.5.3) - restriction: || (== net462) (&& (== net5.0) (>= monotouch)) (&& (== net5.0) (>= net461)) (&& (== net5.0) (< netcoreapp2.0)) (&& (== net5.0) (< netcoreapp2.1)) (&& (== net5.0) (< netstandard1.1)) (&& (== net5.0) (< netstandard2.0)) (&& (== net5.0) (>= uap10.1)) (&& (== net5.0) (>= xamarinios)) (&& (== net5.0) (>= xamarinmac)) (&& (== net5.0) (>= xamarintvos)) (&& (== net5.0) (>= xamarinwatchos)) (&& (== net6.0) (>= monotouch)) (&& (== net6.0) (>= net461)) (&& (== net6.0) (< netcoreapp2.0)) (&& (== net6.0) (< netcoreapp2.1)) (&& (== net6.0) (< netstandard1.1)) (&& (== net6.0) (< netstandard2.0)) (&& (== net6.0) (>= uap10.1)) (&& (== net6.0) (>= xamarinios)) (&& (== net6.0) (>= xamarinmac)) (&& (== net6.0) (>= xamarintvos)) (&& (== net6.0) (>= xamarinwatchos)) (== netstandard2.0) (== netstandard2.1)
    System.Numerics.Vectors (4.5) - restriction: || (== net462) (== net5.0) (&& (== net6.0) (>= net45) (< netstandard1.6)) (&& (== net6.0) (>= net46)) (&& (== net6.0) (>= net461)) (&& (== net6.0) (< netcoreapp2.0) (< netstandard2.1)) (&& (== net6.0) (< netstandard2.0)) (== netstandard2.0) (== netstandard2.1)
    System.Reflection.Emit (4.7) - restriction: || (&& (== net462) (>= netstandard2.0)) (== net5.0) (== net6.0) (== netstandard2.0) (== netstandard2.1)
      System.Reflection.Emit.ILGeneration (>= 4.7) - restriction: || (&& (== net462) (== net5.0)) (&& (== net462) (== net6.0)) (&& (== net462) (== netstandard2.1)) (&& (== net462) (< net45)) (&& (== net462) (< netstandard1.1)) (&& (== net462) (>= uap10.1)) (&& (== net462) (>= wpa81)) (&& (== net5.0) (< netcoreapp2.0) (< netstandard2.1)) (&& (== net5.0) (< netstandard1.1)) (&& (== net5.0) (< netstandard2.0)) (&& (== net5.0) (>= uap10.1)) (&& (== net6.0) (< netcoreapp2.0) (< netstandard2.1)) (&& (== net6.0) (< netstandard1.1)) (&& (== net6.0) (< netstandard2.0)) (&& (== net6.0) (>= uap10.1)) (== netstandard2.0) (&& (== netstandard2.1) (< netstandard1.1)) (&& (== netstandard2.1) (< netstandard2.0)) (&& (== netstandard2.1) (>= uap10.1))
    System.Reflection.Emit.ILGeneration (4.7) - restriction: || (&& (== net462) (== net5.0)) (&& (== net462) (== net6.0)) (&& (== net462) (== netstandard2.1)) (&& (== net462) (< net45) (>= netstandard2.0)) (&& (== net462) (< netstandard1.1) (>= netstandard2.0)) (&& (== net462) (>= netstandard2.0) (>= uap10.1)) (&& (== net462) (>= netstandard2.0) (>= wpa81)) (&& (== net5.0) (< netcoreapp2.0) (< netstandard2.1)) (&& (== net5.0) (< netstandard1.1)) (&& (== net5.0) (< netstandard2.0)) (&& (== net5.0) (>= uap10.1)) (&& (== net6.0) (< netcoreapp2.0) (< netstandard2.1)) (&& (== net6.0) (< netstandard1.1)) (&& (== net6.0) (< netstandard2.0)) (&& (== net6.0) (>= uap10.1)) (== netstandard2.0) (&& (== netstandard2.1) (< netstandard1.1)) (&& (== netstandard2.1) (< netstandard2.0)) (&& (== netstandard2.1) (>= uap10.1))
    System.Reflection.Emit.Lightweight (4.7) - restriction: || (&& (== net462) (>= netstandard2.0)) (== net5.0) (== net6.0) (== netstandard2.0) (== netstandard2.1)
      System.Reflection.Emit.ILGeneration (>= 4.7) - restriction: || (&& (== net462) (== net5.0)) (&& (== net462) (== net6.0)) (&& (== net462) (== netstandard2.1)) (&& (== net462) (< net45)) (&& (== net462) (< portable-net45+wp8)) (&& (== net462) (>= uap10.1)) (&& (== net462) (>= wpa81)) (&& (== net5.0) (< netcoreapp2.0) (< netstandard2.1)) (&& (== net5.0) (< netstandard2.0)) (&& (== net5.0) (< portable-net45+wp8)) (&& (== net5.0) (>= uap10.1)) (&& (== net6.0) (< netcoreapp2.0) (< netstandard2.1)) (&& (== net6.0) (< netstandard2.0)) (&& (== net6.0) (< portable-net45+wp8)) (&& (== net6.0) (>= uap10.1)) (== netstandard2.0) (&& (== netstandard2.1) (< netstandard2.0)) (&& (== netstandard2.1) (< portable-net45+wp8)) (&& (== netstandard2.1) (>= uap10.1))
    System.Reflection.Metadata (6.0.1) - restriction: || (&& (== net462) (>= netcoreapp1.0)) (&& (== net462) (>= netcoreapp2.1)) (&& (== net462) (>= netstandard2.0)) (== net5.0) (== net6.0) (== netstandard2.0) (== netstandard2.1)
      System.Collections.Immutable (>= 6.0)
    System.Runtime.CompilerServices.Unsafe (6.0) - restriction: || (== net462) (== netstandard2.0) (== netstandard2.1)
    System.Security.AccessControl (6.0) - restriction: || (&& (== net462) (== net6.0)) (&& (== net462) (>= netcoreapp2.0)) (&& (== net462) (>= netcoreapp2.1)) (&& (== net462) (>= netstandard2.0)) (&& (== net462) (>= xamarinios)) (&& (== net462) (>= xamarinmac)) (== net5.0) (== netstandard2.0) (== netstandard2.1)
      System.Security.Principal.Windows (>= 5.0) - restriction: || (== net462) (== net5.0) (&& (== net6.0) (>= net461)) (== netstandard2.0) (== netstandard2.1)
    System.Security.Principal.Windows (5.0) - restriction: || (&& (== net462) (== net6.0)) (&& (== net462) (>= netcoreapp2.0)) (&& (== net462) (>= netcoreapp2.1)) (&& (== net462) (>= netstandard2.0)) (&& (== net462) (>= xamarinios)) (&& (== net462) (>= xamarinmac)) (== net5.0) (== netstandard2.0) (== netstandard2.1)
    System.Text.Encoding.CodePages (6.0) - restriction: || (&& (== net462) (>= netstandard2.0)) (== net5.0) (== net6.0) (== netstandard2.0) (== netstandard2.1)
      System.Memory (>= 4.5.4) - restriction: || (== net462) (&& (== net5.0) (>= net461)) (&& (== net5.0) (< netcoreapp3.1)) (&& (== net6.0) (>= net461)) (&& (== net6.0) (< netcoreapp3.1)) (== netstandard2.0) (== netstandard2.1)
      System.Runtime.CompilerServices.Unsafe (>= 6.0)
    System.Threading.Tasks.Extensions (4.5.4) - restriction: || (&& (== net462) (>= netstandard2.0)) (== net5.0) (== net6.0) (== netstandard2.0) (== netstandard2.1)
      System.Runtime.CompilerServices.Unsafe (>= 4.5.3) - restriction: || (== net462) (&& (== net5.0) (>= net461)) (&& (== net5.0) (< netcoreapp2.1)) (&& (== net5.0) (< netstandard1.0)) (&& (== net5.0) (< netstandard2.0)) (&& (== net5.0) (>= wp8)) (&& (== net6.0) (>= net461)) (&& (== net6.0) (< netcoreapp2.1)) (&& (== net6.0) (< netstandard1.0)) (&& (== net6.0) (< netstandard2.0)) (&& (== net6.0) (>= wp8)) (== netstandard2.0) (== netstandard2.1)
    xunit (2.4.2)
      xunit.analyzers (>= 1.0)
      xunit.assert (>= 2.4.2)
      xunit.core (2.4.2)
    xunit.abstractions (2.0.3)
    xunit.analyzers (1.0)
    xunit.assert (2.4.2)
      NETStandard.Library (>= 1.6.1) - restriction: || (&& (== net462) (< net452)) (== net5.0) (== net6.0) (== netstandard2.0) (== netstandard2.1)
    xunit.core (2.4.2)
      xunit.extensibility.core (2.4.2)
      xunit.extensibility.execution (2.4.2)
    xunit.extensibility.core (2.4.2)
      NETStandard.Library (>= 1.6.1) - restriction: || (&& (== net462) (< net452)) (== net5.0) (== net6.0) (== netstandard2.0) (== netstandard2.1)
      xunit.abstractions (>= 2.0.3)
    xunit.extensibility.execution (2.4.2)
      NETStandard.Library (>= 1.6.1) - restriction: || (&& (== net462) (< net452)) (== net5.0) (== net6.0) (== netstandard2.0) (== netstandard2.1)
      xunit.extensibility.core (2.4.2)
    xunit.runner.visualstudio (2.4.5)
