STORAGE: NONE
RESTRICTION: || (== net45) (== net46) (== net5.0) (== netcoreapp3.1) (== netstandard1.6) (== netstandard2.0) (== netstandard2.1)
NUGET
  remote: https://www.nuget.org/api/v2
    BenchmarkDotNet (0.13.1)
      BenchmarkDotNet.Annotations (>= 0.13.1) - restriction: || (&& (== net45) (>= netstandard2.0)) (&& (== net46) (>= netstandard2.0)) (== net5.0) (== netcoreapp3.1) (&& (== netstandard1.6) (>= netstandard2.0)) (== netstandard2.0) (== netstandard2.1)
      CommandLineParser (>= 2.4.3) - restriction: || (&& (== net45) (>= netstandard2.0)) (&& (== net46) (>= netstandard2.0)) (== net5.0) (== netcoreapp3.1) (&& (== netstandard1.6) (>= netstandard2.0)) (== netstandard2.0) (== netstandard2.1)
      Iced (>= 1.8) - restriction: || (&& (== net45) (>= netstandard2.0)) (&& (== net46) (>= netstandard2.0)) (== net5.0) (== netcoreapp3.1) (&& (== netstandard1.6) (>= netstandard2.0)) (== netstandard2.0) (== netstandard2.1)
      Microsoft.CodeAnalysis.CSharp (>= 2.10) - restriction: || (&& (== net45) (>= netstandard2.0)) (&& (== net46) (>= netstandard2.0)) (== net5.0) (== netcoreapp3.1) (&& (== netstandard1.6) (>= netstandard2.0)) (== netstandard2.0) (== netstandard2.1)
      Microsoft.Diagnostics.NETCore.Client (>= 0.2.61701) - restriction: || (&& (== net45) (>= netstandard2.0)) (&& (== net46) (>= netstandard2.0)) (== net5.0) (== netcoreapp3.1) (&& (== netstandard1.6) (>= netstandard2.0)) (== netstandard2.0) (== netstandard2.1)
      Microsoft.Diagnostics.Runtime (>= 1.1.126102) - restriction: || (&& (== net45) (>= netstandard2.0)) (&& (== net46) (>= netstandard2.0)) (== net5.0) (== netcoreapp3.1) (&& (== netstandard1.6) (>= netstandard2.0)) (== netstandard2.0) (== netstandard2.1)
      Microsoft.Diagnostics.Tracing.TraceEvent (>= 2.0.61) - restriction: || (&& (== net45) (>= netstandard2.0)) (&& (== net46) (>= netstandard2.0)) (== net5.0) (== netcoreapp3.1) (&& (== netstandard1.6) (>= netstandard2.0)) (== netstandard2.0) (== netstandard2.1)
      Microsoft.DotNet.PlatformAbstractions (>= 2.1) - restriction: || (&& (== net45) (>= netstandard2.0)) (&& (== net46) (>= netstandard2.0)) (== net5.0) (== netcoreapp3.1) (&& (== netstandard1.6) (>= netstandard2.0)) (== netstandard2.0) (== netstandard2.1)
      Microsoft.Win32.Registry (>= 4.5) - restriction: || (&& (== net45) (>= netstandard2.0)) (&& (== net46) (>= netstandard2.0)) (== net5.0) (== netcoreapp3.1) (&& (== netstandard1.6) (>= netstandard2.0)) (== netstandard2.0) (== netstandard2.1)
      Perfolizer (>= 0.2.1) - restriction: || (&& (== net45) (>= netstandard2.0)) (&& (== net46) (>= netstandard2.0)) (== net5.0) (== netcoreapp3.1) (&& (== netstandard1.6) (>= netstandard2.0)) (== netstandard2.0) (== netstandard2.1)
      System.Management (>= 4.5) - restriction: || (&& (== net45) (>= netstandard2.0)) (&& (== net46) (>= netstandard2.0)) (== net5.0) (== netcoreapp3.1) (&& (== netstandard1.6) (>= netstandard2.0)) (== netstandard2.0) (== netstandard2.1)
      System.Reflection.Emit (>= 4.3) - restriction: || (&& (== net45) (>= netstandard2.0)) (&& (== net46) (>= netstandard2.0)) (== net5.0) (== netcoreapp3.1) (&& (== netstandard1.6) (>= netstandard2.0)) (== netstandard2.0) (== netstandard2.1)
      System.Reflection.Emit.Lightweight (>= 4.3) - restriction: || (&& (== net45) (>= netstandard2.0)) (&& (== net46) (>= netstandard2.0)) (== net5.0) (== netcoreapp3.1) (&& (== netstandard1.6) (>= netstandard2.0)) (== netstandard2.0) (== netstandard2.1)
      System.Threading.Tasks.Extensions (>= 4.5.2) - restriction: || (&& (== net45) (>= netstandard2.0)) (&& (== net46) (>= netstandard2.0)) (== net5.0) (== netcoreapp3.1) (&& (== netstandard1.6) (>= netstandard2.0)) (== netstandard2.0) (== netstandard2.1)
      System.ValueTuple (>= 4.5) - restriction: || (&& (== net45) (>= netstandard2.0)) (&& (== net46) (>= netstandard2.0)) (== net5.0) (== netcoreapp3.1) (&& (== netstandard1.6) (>= netstandard2.0)) (== netstandard2.0) (== netstandard2.1)
    BenchmarkDotNet.Annotations (0.13.1) - restriction: || (&& (== net45) (>= netstandard2.0)) (&& (== net46) (>= netstandard2.0)) (== net5.0) (== netcoreapp3.1) (&& (== netstandard1.6) (>= netstandard2.0)) (== netstandard2.0) (== netstandard2.1)
    CommandLineParser (2.8) - restriction: || (&& (== net45) (>= netstandard2.0)) (&& (== net46) (>= netstandard2.0)) (== net5.0) (== netcoreapp3.1) (&& (== netstandard1.6) (>= netstandard2.0)) (== netstandard2.0) (== netstandard2.1)
    Iced (1.13) - restriction: || (&& (== net45) (>= netstandard2.0)) (&& (== net46) (>= netstandard2.0)) (== net5.0) (== netcoreapp3.1) (&& (== netstandard1.6) (>= netstandard2.0)) (== netstandard2.0) (== netstandard2.1)
    K4os.Hash.xxHash (1.0.7)
      NETStandard.Library (>= 1.6.1) - restriction: || (&& (== net46) (< net45) (>= netstandard1.6)) (&& (== net5.0) (< netstandard2.0)) (&& (== netcoreapp3.1) (< netstandard2.0)) (== netstandard1.6) (&& (== netstandard2.1) (< netstandard2.0))
      System.Memory (>= 4.5.4) - restriction: || (== net45) (== net46) (&& (== net5.0) (>= net45) (< netstandard1.6)) (&& (== net5.0) (>= net46)) (&& (== net5.0) (< netstandard2.0)) (&& (== net5.0) (< netstandard2.1)) (&& (== netcoreapp3.1) (>= net45) (< netstandard1.6)) (&& (== netcoreapp3.1) (>= net46)) (&& (== netcoreapp3.1) (< netstandard2.0)) (&& (== netcoreapp3.1) (< netstandard2.1)) (== netstandard1.6) (== netstandard2.0) (&& (== netstandard2.1) (>= net45) (< netstandard1.6)) (&& (== netstandard2.1) (>= net46)) (&& (== netstandard2.1) (< netstandard2.0))
    lz4net (1.0.15.93)
      lz4net.unsafe.netcore (1.0.15.93) - restriction: || (&& (== net45) (< net20)) (&& (== net46) (< net20)) (== net5.0) (== netcoreapp3.1) (== netstandard1.6) (== netstandard2.0) (== netstandard2.1)
      NETStandard.Library (>= 1.6.1) - restriction: || (&& (== net45) (< net20)) (&& (== net46) (< net20)) (== net5.0) (== netcoreapp3.1) (== netstandard1.6) (== netstandard2.0) (== netstandard2.1)
    lz4net.unsafe.netcore (1.0.15.93) - restriction: || (&& (== net45) (< net20)) (&& (== net46) (< net20)) (== net5.0) (== netcoreapp3.1) (== netstandard1.6) (== netstandard2.0) (== netstandard2.1)
      NETStandard.Library (>= 1.6.1)
    Microsoft.Bcl.AsyncInterfaces (5.0) - restriction: || (&& (== net45) (>= netcoreapp2.1)) (&& (== net45) (>= netstandard2.0)) (&& (== net46) (>= netcoreapp2.1)) (&& (== net46) (>= netstandard2.0)) (== net5.0) (== netcoreapp3.1) (&& (== netstandard1.6) (>= netcoreapp2.1)) (&& (== netstandard1.6) (>= netstandard2.0)) (== netstandard2.0) (== netstandard2.1)
      System.Threading.Tasks.Extensions (>= 4.5.4) - restriction: || (&& (== net45) (>= net461)) (&& (== net45) (>= netstandard2.0)) (&& (== net46) (>= net461)) (&& (== net46) (>= netstandard2.0)) (&& (== net5.0) (>= net461)) (&& (== net5.0) (< netcoreapp2.1) (< netstandard2.1)) (&& (== netcoreapp3.1) (>= net461)) (&& (== netcoreapp3.1) (< netcoreapp2.1) (< netstandard2.1)) (&& (== netstandard1.6) (>= net461)) (&& (== netstandard1.6) (>= netstandard2.0)) (== netstandard2.0) (&& (== netstandard2.1) (>= net461))
    Microsoft.CodeAnalysis.Analyzers (3.3.2) - restriction: || (&& (== net45) (>= netstandard2.0)) (&& (== net46) (>= netstandard2.0)) (== net5.0) (== netcoreapp3.1) (&& (== netstandard1.6) (>= netstandard2.0)) (== netstandard2.0) (== netstandard2.1)
    Microsoft.CodeAnalysis.Common (3.10) - restriction: || (&& (== net45) (>= netstandard2.0)) (&& (== net46) (>= netstandard2.0)) (== net5.0) (== netcoreapp3.1) (&& (== netstandard1.6) (>= netstandard2.0)) (== netstandard2.0) (== netstandard2.1)
      Microsoft.CodeAnalysis.Analyzers (>= 3.3.2) - restriction: || (&& (== net45) (>= netstandard2.0)) (&& (== net46) (>= netstandard2.0)) (== net5.0) (== netcoreapp3.1) (&& (== netstandard1.6) (>= netstandard2.0)) (== netstandard2.0) (== netstandard2.1)
      System.Collections.Immutable (>= 5.0) - restriction: || (&& (== net45) (>= netstandard2.0)) (&& (== net46) (>= netstandard2.0)) (== net5.0) (== netcoreapp3.1) (&& (== netstandard1.6) (>= netstandard2.0)) (== netstandard2.0) (== netstandard2.1)
      System.Memory (>= 4.5.4) - restriction: || (&& (== net45) (>= netstandard2.0)) (&& (== net46) (>= netstandard2.0)) (== net5.0) (== netcoreapp3.1) (&& (== netstandard1.6) (>= netstandard2.0)) (== netstandard2.0) (== netstandard2.1)
      System.Reflection.Metadata (>= 5.0) - restriction: || (&& (== net45) (>= netstandard2.0)) (&& (== net46) (>= netstandard2.0)) (== net5.0) (== netcoreapp3.1) (&& (== netstandard1.6) (>= netstandard2.0)) (== netstandard2.0) (== netstandard2.1)
      System.Runtime.CompilerServices.Unsafe (>= 5.0) - restriction: || (&& (== net45) (>= netstandard2.0)) (&& (== net46) (>= netstandard2.0)) (== net5.0) (== netcoreapp3.1) (&& (== netstandard1.6) (>= netstandard2.0)) (== netstandard2.0) (== netstandard2.1)
      System.Text.Encoding.CodePages (>= 4.5.1) - restriction: || (&& (== net45) (>= netstandard2.0)) (&& (== net46) (>= netstandard2.0)) (== net5.0) (== netcoreapp3.1) (&& (== netstandard1.6) (>= netstandard2.0)) (== netstandard2.0) (== netstandard2.1)
      System.Threading.Tasks.Extensions (>= 4.5.4) - restriction: || (&& (== net45) (>= netstandard2.0)) (&& (== net46) (>= netstandard2.0)) (== net5.0) (== netcoreapp3.1) (&& (== netstandard1.6) (>= netstandard2.0)) (== netstandard2.0) (== netstandard2.1)
    Microsoft.CodeAnalysis.CSharp (3.10) - restriction: || (&& (== net45) (>= netstandard2.0)) (&& (== net46) (>= netstandard2.0)) (== net5.0) (== netcoreapp3.1) (&& (== netstandard1.6) (>= netstandard2.0)) (== netstandard2.0) (== netstandard2.1)
      Microsoft.CodeAnalysis.Common (3.10) - restriction: || (&& (== net45) (>= netstandard2.0)) (&& (== net46) (>= netstandard2.0)) (== net5.0) (== netcoreapp3.1) (&& (== netstandard1.6) (>= netstandard2.0)) (== netstandard2.0) (== netstandard2.1)
    Microsoft.CodeCoverage (17.0) - restriction: || (== net45) (== net46) (== net5.0) (== netcoreapp3.1) (&& (== netstandard1.6) (>= net45)) (&& (== netstandard1.6) (>= netcoreapp1.0)) (&& (== netstandard2.0) (>= net45)) (&& (== netstandard2.0) (>= netcoreapp1.0)) (&& (== netstandard2.1) (>= net45)) (&& (== netstandard2.1) (>= netcoreapp1.0))
    Microsoft.Diagnostics.NETCore.Client (0.2.236902) - restriction: || (&& (== net45) (>= netstandard2.0)) (&& (== net46) (>= netstandard2.0)) (== net5.0) (== netcoreapp3.1) (&& (== netstandard1.6) (>= netstandard2.0)) (== netstandard2.0) (== netstandard2.1)
      Microsoft.Bcl.AsyncInterfaces (>= 1.1) - restriction: || (&& (== net45) (>= netstandard2.0)) (&& (== net46) (>= netstandard2.0)) (== net5.0) (== netcoreapp3.1) (&& (== netstandard1.6) (>= netstandard2.0)) (== netstandard2.0) (== netstandard2.1)
      Microsoft.Extensions.Logging (>= 2.1.1) - restriction: || (&& (== net45) (>= netstandard2.0)) (&& (== net46) (>= netstandard2.0)) (== net5.0) (== netcoreapp3.1) (&& (== netstandard1.6) (>= netstandard2.0)) (== netstandard2.0) (== netstandard2.1)
    Microsoft.Diagnostics.Runtime (2.0.226801) - restriction: || (&& (== net45) (>= netstandard2.0)) (&& (== net46) (>= netstandard2.0)) (== net5.0) (== netcoreapp3.1) (&& (== netstandard1.6) (>= netstandard2.0)) (== netstandard2.0) (== netstandard2.1)
      Microsoft.Diagnostics.NETCore.Client (>= 0.2.221401) - restriction: || (&& (== net45) (>= net461)) (&& (== net45) (>= netstandard2.0)) (&& (== net46) (>= net461)) (&& (== net46) (>= netstandard2.0)) (== net5.0) (== netcoreapp3.1) (&& (== netstandard1.6) (>= net461)) (&& (== netstandard1.6) (>= netstandard2.0)) (== netstandard2.0) (== netstandard2.1)
      System.Buffers (>= 4.5.1) - restriction: || (&& (== net45) (>= net461)) (&& (== net45) (>= netstandard2.0)) (&& (== net46) (>= net461)) (&& (== net46) (>= netstandard2.0)) (== net5.0) (== netcoreapp3.1) (&& (== netstandard1.6) (>= net461)) (&& (== netstandard1.6) (>= netstandard2.0)) (== netstandard2.0) (== netstandard2.1)
      System.Collections.Immutable (>= 5.0) - restriction: || (&& (== net45) (>= net461)) (&& (== net45) (>= netstandard2.0)) (&& (== net46) (>= net461)) (&& (== net46) (>= netstandard2.0)) (== net5.0) (== netcoreapp3.1) (&& (== netstandard1.6) (>= net461)) (&& (== netstandard1.6) (>= netstandard2.0)) (== netstandard2.0) (== netstandard2.1)
      System.Memory (>= 4.5.4) - restriction: || (&& (== net45) (>= net461)) (&& (== net45) (>= netstandard2.0)) (&& (== net46) (>= net461)) (&& (== net46) (>= netstandard2.0)) (== net5.0) (== netcoreapp3.1) (&& (== netstandard1.6) (>= net461)) (&& (== netstandard1.6) (>= netstandard2.0)) (== netstandard2.0) (== netstandard2.1)
      System.Reflection.Metadata (>= 5.0) - restriction: || (&& (== net45) (>= net461)) (&& (== net45) (>= netstandard2.0)) (&& (== net46) (>= net461)) (&& (== net46) (>= netstandard2.0)) (== net5.0) (== netcoreapp3.1) (&& (== netstandard1.6) (>= net461)) (&& (== netstandard1.6) (>= netstandard2.0)) (== netstandard2.0) (== netstandard2.1)
      System.Runtime.CompilerServices.Unsafe (>= 4.5.3) - restriction: || (&& (== net45) (>= net461)) (&& (== net45) (>= netstandard2.0)) (&& (== net46) (>= net461)) (&& (== net46) (>= netstandard2.0)) (== net5.0) (== netcoreapp3.1) (&& (== netstandard1.6) (>= net461)) (&& (== netstandard1.6) (>= netstandard2.0)) (== netstandard2.0) (== netstandard2.1)
    Microsoft.Diagnostics.Tracing.TraceEvent (2.0.71) - restriction: || (&& (== net45) (>= netstandard2.0)) (&& (== net46) (>= netstandard2.0)) (== net5.0) (== netcoreapp3.1) (&& (== netstandard1.6) (>= netstandard2.0)) (== netstandard2.0) (== netstandard2.1)
      System.Runtime.CompilerServices.Unsafe (>= 4.5.2)
    Microsoft.DotNet.PlatformAbstractions (3.1.6) - restriction: || (&& (== net45) (>= netstandard2.0)) (&& (== net46) (>= netstandard2.0)) (== net5.0) (== netcoreapp3.1) (&& (== netstandard1.6) (>= netstandard2.0)) (== netstandard2.0) (== netstandard2.1)
    Microsoft.Extensions.DependencyInjection (5.0.2) - restriction: || (&& (== net45) (>= netstandard2.0)) (&& (== net46) (>= netstandard2.0)) (== net5.0) (== netcoreapp3.1) (&& (== netstandard1.6) (>= netstandard2.0)) (== netstandard2.0) (== netstandard2.1)
      Microsoft.Bcl.AsyncInterfaces (>= 5.0) - restriction: || (&& (== net45) (>= net461)) (&& (== net45) (>= netcoreapp2.1)) (&& (== net45) (>= netstandard2.0)) (&& (== net46) (>= net461)) (&& (== net46) (>= netcoreapp2.1)) (&& (== net46) (>= netstandard2.0)) (&& (== net5.0) (>= net461)) (&& (== net5.0) (< netstandard2.1)) (&& (== netcoreapp3.1) (>= net461)) (&& (== netcoreapp3.1) (< netstandard2.1)) (&& (== netstandard1.6) (>= net461)) (&& (== netstandard1.6) (>= netcoreapp2.1)) (&& (== netstandard1.6) (>= netstandard2.0)) (== netstandard2.0) (&& (== netstandard2.1) (>= net461))
      Microsoft.Extensions.DependencyInjection.Abstractions (>= 5.0) - restriction: || (&& (== net45) (>= net461)) (&& (== net45) (>= netcoreapp2.1)) (&& (== net45) (>= netcoreapp3.0)) (&& (== net45) (>= netstandard2.0)) (&& (== net45) (>= netstandard2.1)) (&& (== net46) (>= net461)) (&& (== net46) (>= netcoreapp2.1)) (&& (== net46) (>= netcoreapp3.0)) (&& (== net46) (>= netstandard2.0)) (&& (== net46) (>= netstandard2.1)) (== net5.0) (== netcoreapp3.1) (&& (== netstandard1.6) (>= net461)) (&& (== netstandard1.6) (>= netcoreapp2.1)) (&& (== netstandard1.6) (>= netcoreapp3.0)) (&& (== netstandard1.6) (>= netstandard2.0)) (&& (== netstandard1.6) (>= netstandard2.1)) (== netstandard2.0) (== netstandard2.1)
      System.Threading.Tasks.Extensions (>= 4.5.4) - restriction: || (&& (== net45) (>= net461)) (&& (== net45) (>= netstandard2.0)) (&& (== net46) (>= net461)) (&& (== net46) (>= netstandard2.0)) (&& (== net5.0) (>= net461)) (&& (== net5.0) (< netcoreapp2.1) (< netstandard2.1)) (&& (== netcoreapp3.1) (>= net461)) (&& (== netcoreapp3.1) (< netcoreapp2.1) (< netstandard2.1)) (&& (== netstandard1.6) (>= net461)) (&& (== netstandard1.6) (>= netstandard2.0)) (== netstandard2.0) (&& (== netstandard2.1) (>= net461))
    Microsoft.Extensions.DependencyInjection.Abstractions (5.0) - restriction: || (&& (== net45) (>= netstandard2.0)) (&& (== net46) (>= netstandard2.0)) (== net5.0) (== netcoreapp3.1) (&& (== netstandard1.6) (>= netstandard2.0)) (== netstandard2.0) (== netstandard2.1)
    Microsoft.Extensions.Logging (5.0) - restriction: || (&& (== net45) (>= netstandard2.0)) (&& (== net46) (>= netstandard2.0)) (== net5.0) (== netcoreapp3.1) (&& (== netstandard1.6) (>= netstandard2.0)) (== netstandard2.0) (== netstandard2.1)
      Microsoft.Extensions.DependencyInjection (>= 5.0) - restriction: || (&& (== net45) (>= net461)) (&& (== net45) (>= netstandard2.0)) (&& (== net46) (>= net461)) (&& (== net46) (>= netstandard2.0)) (== net5.0) (== netcoreapp3.1) (&& (== netstandard1.6) (>= net461)) (&& (== netstandard1.6) (>= netstandard2.0)) (== netstandard2.0) (== netstandard2.1)
      Microsoft.Extensions.DependencyInjection.Abstractions (>= 5.0) - restriction: || (&& (== net45) (>= net461)) (&& (== net45) (>= netstandard2.0)) (&& (== net46) (>= net461)) (&& (== net46) (>= netstandard2.0)) (== net5.0) (== netcoreapp3.1) (&& (== netstandard1.6) (>= net461)) (&& (== netstandard1.6) (>= netstandard2.0)) (== netstandard2.0) (== netstandard2.1)
      Microsoft.Extensions.Logging.Abstractions (>= 5.0) - restriction: || (&& (== net45) (>= net461)) (&& (== net45) (>= netstandard2.0)) (&& (== net46) (>= net461)) (&& (== net46) (>= netstandard2.0)) (== net5.0) (== netcoreapp3.1) (&& (== netstandard1.6) (>= net461)) (&& (== netstandard1.6) (>= netstandard2.0)) (== netstandard2.0) (== netstandard2.1)
      Microsoft.Extensions.Options (>= 5.0) - restriction: || (&& (== net45) (>= net461)) (&& (== net45) (>= netstandard2.0)) (&& (== net46) (>= net461)) (&& (== net46) (>= netstandard2.0)) (== net5.0) (== netcoreapp3.1) (&& (== netstandard1.6) (>= net461)) (&& (== netstandard1.6) (>= netstandard2.0)) (== netstandard2.0) (== netstandard2.1)
      System.Diagnostics.DiagnosticSource (>= 5.0) - restriction: || (&& (== net45) (>= net461)) (&& (== net45) (>= netstandard2.0)) (&& (== net45) (>= netstandard2.1)) (&& (== net46) (>= net461)) (&& (== net46) (>= netstandard2.0)) (&& (== net46) (>= netstandard2.1)) (&& (== net5.0) (>= net461)) (&& (== net5.0) (< netstandard2.1)) (== netcoreapp3.1) (&& (== netstandard1.6) (>= net461)) (&& (== netstandard1.6) (>= netstandard2.0)) (&& (== netstandard1.6) (>= netstandard2.1)) (== netstandard2.0) (== netstandard2.1)
    Microsoft.Extensions.Logging.Abstractions (5.0) - restriction: || (&& (== net45) (>= netstandard2.0)) (&& (== net46) (>= netstandard2.0)) (== net5.0) (== netcoreapp3.1) (&& (== netstandard1.6) (>= netstandard2.0)) (== netstandard2.0) (== netstandard2.1)
    Microsoft.Extensions.Options (5.0) - restriction: || (&& (== net45) (>= netstandard2.0)) (&& (== net46) (>= netstandard2.0)) (== net5.0) (== netcoreapp3.1) (&& (== netstandard1.6) (>= netstandard2.0)) (== netstandard2.0) (== netstandard2.1)
      Microsoft.Extensions.DependencyInjection.Abstractions (>= 5.0) - restriction: || (&& (== net45) (>= net461)) (&& (== net45) (>= netstandard2.0)) (&& (== net46) (>= net461)) (&& (== net46) (>= netstandard2.0)) (== net5.0) (== netcoreapp3.1) (&& (== netstandard1.6) (>= net461)) (&& (== netstandard1.6) (>= netstandard2.0)) (== netstandard2.0) (== netstandard2.1)
      Microsoft.Extensions.Primitives (>= 5.0) - restriction: || (&& (== net45) (>= net461)) (&& (== net45) (>= netstandard2.0)) (&& (== net46) (>= net461)) (&& (== net46) (>= netstandard2.0)) (== net5.0) (== netcoreapp3.1) (&& (== netstandard1.6) (>= net461)) (&& (== netstandard1.6) (>= netstandard2.0)) (== netstandard2.0) (== netstandard2.1)
    Microsoft.Extensions.Primitives (5.0.1) - restriction: || (&& (== net45) (>= netstandard2.0)) (&& (== net46) (>= netstandard2.0)) (== net5.0) (== netcoreapp3.1) (&& (== netstandard1.6) (>= netstandard2.0)) (== netstandard2.0) (== netstandard2.1)
      System.Buffers (>= 4.5.1) - restriction: || (&& (== net45) (>= monoandroid)) (&& (== net45) (>= monotouch)) (&& (== net45) (>= net461)) (&& (== net45) (>= netstandard2.0)) (&& (== net45) (>= xamarinios)) (&& (== net45) (>= xamarinmac)) (&& (== net45) (>= xamarintvos)) (&& (== net45) (>= xamarinwatchos)) (&& (== net46) (>= monoandroid)) (&& (== net46) (>= monotouch)) (&& (== net46) (>= net461)) (&& (== net46) (>= netstandard2.0)) (&& (== net46) (>= xamarinios)) (&& (== net46) (>= xamarinmac)) (&& (== net46) (>= xamarintvos)) (&& (== net46) (>= xamarinwatchos)) (&& (== net5.0) (>= monoandroid) (< netstandard2.0)) (&& (== net5.0) (>= monotouch)) (&& (== net5.0) (>= net461)) (&& (== net5.0) (< netcoreapp2.0)) (&& (== net5.0) (< netstandard2.0) (>= xamarintvos)) (&& (== net5.0) (< netstandard2.0) (>= xamarinwatchos)) (&& (== netcoreapp3.1) (>= monoandroid) (< netstandard2.0)) (&& (== netcoreapp3.1) (>= monotouch)) (&& (== netcoreapp3.1) (>= net461)) (&& (== netcoreapp3.1) (< netcoreapp2.0)) (&& (== netcoreapp3.1) (< netstandard2.0) (>= xamarintvos)) (&& (== netcoreapp3.1) (< netstandard2.0) (>= xamarinwatchos)) (&& (== netstandard1.6) (>= monoandroid)) (&& (== netstandard1.6) (>= monotouch)) (&& (== netstandard1.6) (>= net461)) (&& (== netstandard1.6) (>= netstandard2.0)) (&& (== netstandard1.6) (>= xamarinios)) (&& (== netstandard1.6) (>= xamarinmac)) (&& (== netstandard1.6) (>= xamarintvos)) (&& (== netstandard1.6) (>= xamarinwatchos)) (== netstandard2.0) (== netstandard2.1)
      System.Memory (>= 4.5.4) - restriction: || (&& (== net45) (>= net461)) (&& (== net45) (>= netcoreapp2.0)) (&& (== net45) (>= netstandard2.0)) (&& (== net45) (>= uap10.1)) (&& (== net46) (>= net461)) (&& (== net46) (>= netcoreapp2.0)) (&& (== net46) (>= netstandard2.0)) (&& (== net46) (>= uap10.1)) (&& (== net5.0) (>= net461)) (&& (== net5.0) (< netcoreapp2.0)) (&& (== net5.0) (< netcoreapp2.1)) (&& (== net5.0) (>= uap10.1)) (&& (== netcoreapp3.1) (>= net461)) (&& (== netcoreapp3.1) (< netcoreapp2.0)) (&& (== netcoreapp3.1) (< netcoreapp2.1)) (&& (== netcoreapp3.1) (>= uap10.1)) (&& (== netstandard1.6) (>= net461)) (&& (== netstandard1.6) (>= netcoreapp2.0)) (&& (== netstandard1.6) (>= netstandard2.0)) (&& (== netstandard1.6) (>= uap10.1)) (== netstandard2.0) (== netstandard2.1)
      System.Runtime.CompilerServices.Unsafe (>= 5.0) - restriction: || (&& (== net45) (>= monoandroid)) (&& (== net45) (>= monotouch)) (&& (== net45) (>= net461)) (&& (== net45) (>= netcoreapp2.0)) (&& (== net45) (>= netcoreapp2.1)) (&& (== net45) (>= netcoreapp3.0)) (&& (== net45) (>= netstandard2.0)) (&& (== net45) (>= uap10.1)) (&& (== net45) (>= xamarinios)) (&& (== net45) (>= xamarinmac)) (&& (== net45) (>= xamarintvos)) (&& (== net45) (>= xamarinwatchos)) (&& (== net46) (>= monoandroid)) (&& (== net46) (>= monotouch)) (&& (== net46) (>= net461)) (&& (== net46) (>= netcoreapp2.0)) (&& (== net46) (>= netcoreapp2.1)) (&& (== net46) (>= netcoreapp3.0)) (&& (== net46) (>= netstandard2.0)) (&& (== net46) (>= uap10.1)) (&& (== net46) (>= xamarinios)) (&& (== net46) (>= xamarinmac)) (&& (== net46) (>= xamarintvos)) (&& (== net46) (>= xamarinwatchos)) (&& (== net5.0) (>= monoandroid) (< netstandard2.0)) (&& (== net5.0) (>= monotouch)) (&& (== net5.0) (>= net461)) (&& (== net5.0) (< netcoreapp2.0)) (&& (== net5.0) (< netcoreapp2.1)) (&& (== net5.0) (< netcoreapp3.0)) (&& (== net5.0) (< netstandard2.0) (>= xamarintvos)) (&& (== net5.0) (< netstandard2.0) (>= xamarinwatchos)) (&& (== net5.0) (>= uap10.1)) (== netcoreapp3.1) (&& (== netstandard1.6) (>= monoandroid)) (&& (== netstandard1.6) (>= monotouch)) (&& (== netstandard1.6) (>= net461)) (&& (== netstandard1.6) (>= netcoreapp2.0)) (&& (== netstandard1.6) (>= netcoreapp2.1)) (&& (== netstandard1.6) (>= netcoreapp3.0)) (&& (== netstandard1.6) (>= netstandard2.0)) (&& (== netstandard1.6) (>= uap10.1)) (&& (== netstandard1.6) (>= xamarinios)) (&& (== netstandard1.6) (>= xamarinmac)) (&& (== netstandard1.6) (>= xamarintvos)) (&& (== netstandard1.6) (>= xamarinwatchos)) (== netstandard2.0) (== netstandard2.1)
    Microsoft.NET.Test.Sdk (17.0)
      Microsoft.CodeCoverage (>= 17.0) - restriction: || (== net45) (== net46) (== net5.0) (== netcoreapp3.1) (&& (== netstandard1.6) (>= net45)) (&& (== netstandard1.6) (>= netcoreapp1.0)) (&& (== netstandard2.0) (>= net45)) (&& (== netstandard2.0) (>= netcoreapp1.0)) (&& (== netstandard2.1) (>= net45)) (&& (== netstandard2.1) (>= netcoreapp1.0))
      Microsoft.TestPlatform.TestHost (>= 17.0) - restriction: || (&& (== net45) (>= netcoreapp1.0)) (&& (== net46) (>= netcoreapp1.0)) (== net5.0) (== netcoreapp3.1) (&& (== netstandard1.6) (>= netcoreapp1.0)) (&& (== netstandard2.0) (>= netcoreapp1.0)) (&& (== netstandard2.1) (>= netcoreapp1.0))
    Microsoft.NETCore.Platforms (5.0.2) - restriction: || (&& (== net45) (== netstandard2.1)) (&& (== net45) (>= netcoreapp2.0)) (&& (== net46) (== netstandard2.0)) (&& (== net46) (== netstandard2.1)) (&& (== net46) (< net45) (>= netstandard1.6)) (&& (== net46) (>= netcoreapp2.0)) (&& (== net46) (>= netstandard1.6) (>= uap10.0)) (== net5.0) (== netcoreapp3.1) (== netstandard1.6) (&& (== netstandard2.0) (>= netcoreapp2.0)) (&& (== netstandard2.1) (>= netcoreapp2.0)) (&& (== netstandard2.1) (< netstandard1.2)) (&& (== netstandard2.1) (< netstandard1.3)) (&& (== netstandard2.1) (< netstandard1.4)) (&& (== netstandard2.1) (< netstandard1.5)) (&& (== netstandard2.1) (< netstandard1.6)) (&& (== netstandard2.1) (< netstandard2.0))
    Microsoft.NETCore.Targets (5.0) - restriction: || (&& (== net45) (== net5.0)) (&& (== net45) (== netcoreapp3.1)) (&& (== net45) (== netstandard2.1)) (&& (== net46) (== net5.0)) (&& (== net46) (== netcoreapp3.1)) (&& (== net46) (== netstandard2.0)) (&& (== net46) (== netstandard2.1)) (&& (== net46) (< net45) (>= netstandard1.6)) (&& (== net46) (< netstandard1.1) (>= netstandard1.6)) (&& (== net46) (>= netstandard1.6) (< portable-net45+win8+wpa81)) (&& (== net46) (>= netstandard1.6) (>= uap10.0)) (&& (== net5.0) (< netstandard1.1)) (&& (== net5.0) (< netstandard1.2)) (&& (== net5.0) (< netstandard1.3)) (&& (== net5.0) (< netstandard1.4)) (&& (== net5.0) (< netstandard1.5)) (&& (== net5.0) (< netstandard1.6)) (&& (== net5.0) (< netstandard2.0)) (&& (== net5.0) (< portable-net45+win8+wpa81)) (&& (== netcoreapp3.1) (< netstandard1.1)) (&& (== netcoreapp3.1) (< netstandard1.2)) (&& (== netcoreapp3.1) (< netstandard1.3)) (&& (== netcoreapp3.1) (< netstandard1.4)) (&& (== netcoreapp3.1) (< netstandard1.5)) (&& (== netcoreapp3.1) (< netstandard1.6)) (&& (== netcoreapp3.1) (< netstandard2.0)) (&& (== netcoreapp3.1) (< portable-net45+win8+wpa81)) (== netstandard1.6) (&& (== netstandard2.1) (< netstandard1.1)) (&& (== netstandard2.1) (< netstandard1.2)) (&& (== netstandard2.1) (< netstandard1.3)) (&& (== netstandard2.1) (< netstandard1.4)) (&& (== netstandard2.1) (< netstandard1.5)) (&& (== netstandard2.1) (< netstandard1.6)) (&& (== netstandard2.1) (< netstandard2.0)) (&& (== netstandard2.1) (< portable-net45+win8+wpa81))
    Microsoft.TestPlatform.ObjectModel (17.0) - restriction: || (&& (== net45) (>= netcoreapp1.0)) (&& (== net46) (>= netcoreapp1.0)) (== net5.0) (== netcoreapp3.1) (&& (== netstandard1.6) (>= netcoreapp1.0)) (&& (== netstandard2.0) (>= netcoreapp1.0)) (&& (== netstandard2.1) (>= netcoreapp1.0))
      NuGet.Frameworks (>= 5.0) - restriction: || (== net45) (== net46) (== net5.0) (== netcoreapp3.1) (&& (== netstandard1.6) (>= net45) (< netstandard1.3)) (&& (== netstandard1.6) (>= net451)) (&& (== netstandard1.6) (>= netcoreapp2.1)) (&& (== netstandard1.6) (>= netstandard2.0)) (== netstandard2.0) (== netstandard2.1)
      System.Reflection.Metadata (>= 1.6)
    Microsoft.TestPlatform.TestHost (17.0) - restriction: || (&& (== net45) (>= netcoreapp1.0)) (&& (== net46) (>= netcoreapp1.0)) (== net5.0) (== netcoreapp3.1) (&& (== netstandard1.6) (>= netcoreapp1.0)) (&& (== netstandard2.0) (>= netcoreapp1.0)) (&& (== netstandard2.1) (>= netcoreapp1.0))
      Microsoft.TestPlatform.ObjectModel (>= 17.0) - restriction: || (&& (== net45) (>= netcoreapp1.0)) (&& (== net45) (>= uap10.0)) (&& (== net46) (>= netcoreapp1.0)) (&& (== net46) (>= uap10.0)) (== net5.0) (== netcoreapp3.1) (&& (== netstandard1.6) (>= netcoreapp1.0)) (&& (== netstandard1.6) (>= uap10.0)) (&& (== netstandard2.0) (>= netcoreapp1.0)) (&& (== netstandard2.0) (>= uap10.0)) (&& (== netstandard2.1) (>= netcoreapp1.0)) (&& (== netstandard2.1) (>= uap10.0))
      Newtonsoft.Json (>= 9.0.1) - restriction: || (&& (== net45) (>= netcoreapp1.0)) (&& (== net45) (>= uap10.0)) (&& (== net46) (>= netcoreapp1.0)) (&& (== net46) (>= uap10.0)) (== net5.0) (== netcoreapp3.1) (&& (== netstandard1.6) (>= netcoreapp1.0)) (&& (== netstandard1.6) (>= uap10.0)) (&& (== netstandard2.0) (>= netcoreapp1.0)) (&& (== netstandard2.0) (>= uap10.0)) (&& (== netstandard2.1) (>= netcoreapp1.0)) (&& (== netstandard2.1) (>= uap10.0))
    Microsoft.Win32.Primitives (4.3) - restriction: || (&& (== net45) (== net5.0)) (&& (== net45) (== netcoreapp3.1)) (&& (== net45) (== netstandard2.1)) (&& (== net46) (== net5.0)) (&& (== net46) (== netcoreapp3.1)) (&& (== net46) (== netstandard2.0)) (&& (== net46) (== netstandard2.1)) (&& (== net46) (< net45) (>= netstandard1.6)) (&& (== net46) (>= netstandard1.6) (>= uap10.0)) (&& (== net5.0) (< netstandard1.4)) (&& (== net5.0) (< netstandard1.5)) (&& (== net5.0) (< netstandard1.6)) (&& (== net5.0) (< netstandard2.0)) (&& (== netcoreapp3.1) (< netstandard1.4)) (&& (== netcoreapp3.1) (< netstandard1.5)) (&& (== netcoreapp3.1) (< netstandard1.6)) (&& (== netcoreapp3.1) (< netstandard2.0)) (== netstandard1.6) (&& (== netstandard2.1) (< netstandard1.4)) (&& (== netstandard2.1) (< netstandard1.5)) (&& (== netstandard2.1) (< netstandard1.6)) (&& (== netstandard2.1) (< netstandard2.0))
      Microsoft.NETCore.Platforms (>= 1.1) - restriction: || (&& (== net45) (>= netstandard1.3)) (== net5.0) (== netcoreapp3.1) (== netstandard1.6) (== netstandard2.0) (== netstandard2.1)
      Microsoft.NETCore.Targets (>= 1.1) - restriction: || (&& (== net45) (>= netstandard1.3)) (== net5.0) (== netcoreapp3.1) (== netstandard1.6) (== netstandard2.0) (== netstandard2.1)
      System.Runtime (>= 4.3) - restriction: || (&& (== net45) (>= netstandard1.3)) (== net5.0) (== netcoreapp3.1) (== netstandard1.6) (== netstandard2.0) (== netstandard2.1)
    Microsoft.Win32.Registry (5.0) - restriction: || (&& (== net45) (>= netcoreapp2.0)) (&& (== net45) (>= netstandard2.0)) (&& (== net46) (>= netcoreapp2.0)) (&& (== net46) (>= netstandard2.0)) (== net5.0) (== netcoreapp3.1) (&& (== netstandard1.6) (>= netcoreapp2.0)) (&& (== netstandard1.6) (>= netstandard2.0)) (== netstandard2.0) (== netstandard2.1)
      System.Buffers (>= 4.5.1) - restriction: || (&& (== net45) (>= monoandroid)) (&& (== net45) (>= monotouch)) (&& (== net45) (>= netstandard2.0)) (&& (== net45) (>= xamarinios)) (&& (== net45) (>= xamarinmac)) (&& (== net45) (>= xamarintvos)) (&& (== net45) (>= xamarinwatchos)) (&& (== net46) (>= monoandroid) (< netstandard1.3)) (&& (== net46) (>= monotouch)) (&& (== net46) (>= xamarinios)) (&& (== net46) (>= xamarinmac)) (&& (== net46) (>= xamarintvos)) (&& (== net46) (>= xamarinwatchos)) (&& (== net5.0) (>= monoandroid) (< netstandard1.3)) (&& (== net5.0) (>= monotouch)) (&& (== net5.0) (< netcoreapp2.0)) (&& (== net5.0) (>= xamarinios)) (&& (== net5.0) (>= xamarinmac)) (&& (== net5.0) (>= xamarintvos)) (&& (== net5.0) (>= xamarinwatchos)) (&& (== netcoreapp3.1) (>= monoandroid) (< netstandard1.3)) (&& (== netcoreapp3.1) (>= monotouch)) (&& (== netcoreapp3.1) (< netcoreapp2.0)) (&& (== netcoreapp3.1) (>= xamarinios)) (&& (== netcoreapp3.1) (>= xamarinmac)) (&& (== netcoreapp3.1) (>= xamarintvos)) (&& (== netcoreapp3.1) (>= xamarinwatchos)) (&& (== netstandard1.6) (>= monoandroid) (< netstandard1.3)) (&& (== netstandard1.6) (>= monotouch)) (&& (== netstandard1.6) (>= netstandard2.0)) (&& (== netstandard1.6) (>= xamarinios)) (&& (== netstandard1.6) (>= xamarinmac)) (&& (== netstandard1.6) (>= xamarintvos)) (&& (== netstandard1.6) (>= xamarinwatchos)) (== netstandard2.0) (== netstandard2.1)
      System.Memory (>= 4.5.4) - restriction: || (&& (== net45) (>= netcoreapp2.0)) (&& (== net45) (>= netstandard2.0)) (&& (== net45) (>= uap10.1)) (&& (== net46) (>= netcoreapp2.0)) (&& (== net46) (>= uap10.1)) (&& (== net5.0) (< netcoreapp2.0)) (&& (== net5.0) (< netcoreapp2.1)) (&& (== net5.0) (>= uap10.1)) (&& (== netcoreapp3.1) (< netcoreapp2.0)) (&& (== netcoreapp3.1) (< netcoreapp2.1)) (&& (== netcoreapp3.1) (>= uap10.1)) (&& (== netstandard1.6) (>= netcoreapp2.0)) (&& (== netstandard1.6) (>= netstandard2.0)) (&& (== netstandard1.6) (>= uap10.1)) (== netstandard2.0) (== netstandard2.1)
      System.Security.AccessControl (>= 5.0) - restriction: || (&& (== net45) (>= monoandroid)) (&& (== net45) (>= monotouch)) (&& (== net45) (>= net461)) (&& (== net45) (>= netcoreapp2.0)) (&& (== net45) (>= netcoreapp2.1)) (&& (== net45) (>= netstandard2.0)) (&& (== net45) (>= uap10.1)) (&& (== net45) (>= xamarinios)) (&& (== net45) (>= xamarinmac)) (&& (== net45) (>= xamarintvos)) (&& (== net45) (>= xamarinwatchos)) (&& (== net46) (>= monoandroid) (< netstandard1.3)) (&& (== net46) (>= monotouch)) (&& (== net46) (>= net461)) (&& (== net46) (>= netcoreapp2.0)) (&& (== net46) (>= netcoreapp2.1)) (&& (== net46) (>= uap10.1)) (&& (== net46) (>= xamarinios)) (&& (== net46) (>= xamarinmac)) (&& (== net46) (>= xamarintvos)) (&& (== net46) (>= xamarinwatchos)) (== net5.0) (== netcoreapp3.1) (&& (== netstandard1.6) (>= monoandroid) (< netstandard1.3)) (&& (== netstandard1.6) (>= monotouch)) (&& (== netstandard1.6) (>= net461)) (&& (== netstandard1.6) (>= netcoreapp2.0)) (&& (== netstandard1.6) (>= netcoreapp2.1)) (&& (== netstandard1.6) (>= netstandard2.0)) (&& (== netstandard1.6) (>= uap10.1)) (&& (== netstandard1.6) (>= xamarinios)) (&& (== netstandard1.6) (>= xamarinmac)) (&& (== netstandard1.6) (>= xamarintvos)) (&& (== netstandard1.6) (>= xamarinwatchos)) (== netstandard2.0) (== netstandard2.1)
      System.Security.Principal.Windows (>= 5.0) - restriction: || (&& (== net45) (>= monoandroid)) (&& (== net45) (>= monotouch)) (&& (== net45) (>= net461)) (&& (== net45) (>= netcoreapp2.0)) (&& (== net45) (>= netcoreapp2.1)) (&& (== net45) (>= netstandard2.0)) (&& (== net45) (>= uap10.1)) (&& (== net45) (>= xamarinios)) (&& (== net45) (>= xamarinmac)) (&& (== net45) (>= xamarintvos)) (&& (== net45) (>= xamarinwatchos)) (&& (== net46) (>= monoandroid) (< netstandard1.3)) (&& (== net46) (>= monotouch)) (&& (== net46) (>= net461)) (&& (== net46) (>= netcoreapp2.0)) (&& (== net46) (>= netcoreapp2.1)) (&& (== net46) (>= uap10.1)) (&& (== net46) (>= xamarinios)) (&& (== net46) (>= xamarinmac)) (&& (== net46) (>= xamarintvos)) (&& (== net46) (>= xamarinwatchos)) (== net5.0) (== netcoreapp3.1) (&& (== netstandard1.6) (>= monoandroid) (< netstandard1.3)) (&& (== netstandard1.6) (>= monotouch)) (&& (== netstandard1.6) (>= net461)) (&& (== netstandard1.6) (>= netcoreapp2.0)) (&& (== netstandard1.6) (>= netcoreapp2.1)) (&& (== netstandard1.6) (>= netstandard2.0)) (&& (== netstandard1.6) (>= uap10.1)) (&& (== netstandard1.6) (>= xamarinios)) (&& (== netstandard1.6) (>= xamarinmac)) (&& (== netstandard1.6) (>= xamarintvos)) (&& (== netstandard1.6) (>= xamarinwatchos)) (== netstandard2.0) (== netstandard2.1)
    NETStandard.Library (2.0.3) - restriction: || (== net45) (&& (== net46) (< net20)) (&& (== net46) (< net45) (>= netstandard1.6)) (&& (== net46) (< net452)) (== net5.0) (== netcoreapp3.1) (== netstandard1.6) (== netstandard2.0) (== netstandard2.1)
      Microsoft.NETCore.Platforms (>= 1.1)
      Microsoft.Win32.Primitives (>= 4.3) - restriction: || (&& (== net45) (>= net46)) (&& (== net45) (>= uap10.0)) (== net46) (&& (== net5.0) (< netstandard1.4)) (&& (== net5.0) (< netstandard1.5)) (&& (== net5.0) (< netstandard1.6)) (&& (== net5.0) (< netstandard2.0)) (&& (== netcoreapp3.1) (< netstandard1.4)) (&& (== netcoreapp3.1) (< netstandard1.5)) (&& (== netcoreapp3.1) (< netstandard1.6)) (&& (== netcoreapp3.1) (< netstandard2.0)) (== netstandard1.6) (&& (== netstandard2.0) (< netstandard1.4)) (&& (== netstandard2.0) (< netstandard1.5)) (&& (== netstandard2.0) (< netstandard1.6)) (&& (== netstandard2.1) (< netstandard1.4)) (&& (== netstandard2.1) (< netstandard1.5)) (&& (== netstandard2.1) (< netstandard1.6)) (&& (== netstandard2.1) (< netstandard2.0))
      System.AppContext (>= 4.3) - restriction: || (&& (== net45) (>= net46)) (&& (== net45) (>= uap10.0)) (== net46) (&& (== net5.0) (< netstandard1.4)) (&& (== net5.0) (< netstandard1.5)) (&& (== net5.0) (< netstandard1.6)) (&& (== net5.0) (< netstandard2.0)) (&& (== netcoreapp3.1) (< netstandard1.4)) (&& (== netcoreapp3.1) (< netstandard1.5)) (&& (== netcoreapp3.1) (< netstandard1.6)) (&& (== netcoreapp3.1) (< netstandard2.0)) (== netstandard1.6) (&& (== netstandard2.0) (< netstandard1.4)) (&& (== netstandard2.0) (< netstandard1.5)) (&& (== netstandard2.0) (< netstandard1.6)) (&& (== netstandard2.1) (< netstandard1.4)) (&& (== netstandard2.1) (< netstandard1.5)) (&& (== netstandard2.1) (< netstandard1.6)) (&& (== netstandard2.1) (< netstandard2.0))
      System.Collections (>= 4.3) - restriction: || (&& (== net45) (< portable-net45+win8+wpa81)) (&& (== net45) (>= uap10.0)) (&& (== net46) (< net45)) (&& (== net46) (< portable-net45+win8+wpa81)) (&& (== net46) (>= uap10.0)) (&& (== net5.0) (< netstandard1.2)) (&& (== net5.0) (< netstandard1.3)) (&& (== net5.0) (< netstandard1.4)) (&& (== net5.0) (< netstandard1.5)) (&& (== net5.0) (< netstandard1.6)) (&& (== net5.0) (< netstandard2.0)) (&& (== net5.0) (< portable-net45+win8+wpa81)) (&& (== netcoreapp3.1) (< netstandard1.2)) (&& (== netcoreapp3.1) (< netstandard1.3)) (&& (== netcoreapp3.1) (< netstandard1.4)) (&& (== netcoreapp3.1) (< netstandard1.5)) (&& (== netcoreapp3.1) (< netstandard1.6)) (&& (== netcoreapp3.1) (< netstandard2.0)) (&& (== netcoreapp3.1) (< portable-net45+win8+wpa81)) (== netstandard1.6) (&& (== netstandard2.0) (< netstandard1.2)) (&& (== netstandard2.0) (< netstandard1.3)) (&& (== netstandard2.0) (< netstandard1.4)) (&& (== netstandard2.0) (< netstandard1.5)) (&& (== netstandard2.0) (< netstandard1.6)) (&& (== netstandard2.0) (< portable-net45+win8+wpa81)) (&& (== netstandard2.1) (< netstandard1.2)) (&& (== netstandard2.1) (< netstandard1.3)) (&& (== netstandard2.1) (< netstandard1.4)) (&& (== netstandard2.1) (< netstandard1.5)) (&& (== netstandard2.1) (< netstandard1.6)) (&& (== netstandard2.1) (< netstandard2.0)) (&& (== netstandard2.1) (< portable-net45+win8+wpa81))
      System.Collections.Concurrent (>= 4.3) - restriction: || (&& (== net45) (>= uap10.0)) (&& (== net46) (< net45)) (&& (== net46) (>= uap10.0)) (&& (== net5.0) (< netstandard1.2)) (&& (== net5.0) (< netstandard1.3)) (&& (== net5.0) (< netstandard1.4)) (&& (== net5.0) (< netstandard1.5)) (&& (== net5.0) (< netstandard1.6)) (&& (== net5.0) (< netstandard2.0)) (&& (== netcoreapp3.1) (< netstandard1.2)) (&& (== netcoreapp3.1) (< netstandard1.3)) (&& (== netcoreapp3.1) (< netstandard1.4)) (&& (== netcoreapp3.1) (< netstandard1.5)) (&& (== netcoreapp3.1) (< netstandard1.6)) (&& (== netcoreapp3.1) (< netstandard2.0)) (== netstandard1.6) (&& (== netstandard2.0) (< netstandard1.2)) (&& (== netstandard2.0) (< netstandard1.3)) (&& (== netstandard2.0) (< netstandard1.4)) (&& (== netstandard2.0) (< netstandard1.5)) (&& (== netstandard2.0) (< netstandard1.6)) (&& (== netstandard2.1) (< netstandard1.2)) (&& (== netstandard2.1) (< netstandard1.3)) (&& (== netstandard2.1) (< netstandard1.4)) (&& (== netstandard2.1) (< netstandard1.5)) (&& (== netstandard2.1) (< netstandard1.6)) (&& (== netstandard2.1) (< netstandard2.0))
      System.Console (>= 4.3) - restriction: || (&& (== net45) (>= net46)) (&& (== net45) (>= uap10.0)) (== net46) (&& (== net5.0) (< netstandard1.4)) (&& (== net5.0) (< netstandard1.5)) (&& (== net5.0) (< netstandard1.6)) (&& (== net5.0) (< netstandard2.0)) (&& (== netcoreapp3.1) (< netstandard1.4)) (&& (== netcoreapp3.1) (< netstandard1.5)) (&& (== netcoreapp3.1) (< netstandard1.6)) (&& (== netcoreapp3.1) (< netstandard2.0)) (== netstandard1.6) (&& (== netstandard2.0) (< netstandard1.4)) (&& (== netstandard2.0) (< netstandard1.5)) (&& (== netstandard2.0) (< netstandard1.6)) (&& (== netstandard2.1) (< netstandard1.4)) (&& (== netstandard2.1) (< netstandard1.5)) (&& (== netstandard2.1) (< netstandard1.6)) (&& (== netstandard2.1) (< netstandard2.0))
      System.Diagnostics.Debug (>= 4.3) - restriction: || (&& (== net45) (< portable-net45+win8+wpa81)) (&& (== net45) (>= uap10.0)) (&& (== net46) (< net45)) (&& (== net46) (< portable-net45+win8+wpa81)) (&& (== net46) (>= uap10.0)) (&& (== net5.0) (< netstandard1.2)) (&& (== net5.0) (< netstandard1.3)) (&& (== net5.0) (< netstandard1.4)) (&& (== net5.0) (< netstandard1.5)) (&& (== net5.0) (< netstandard1.6)) (&& (== net5.0) (< netstandard2.0)) (&& (== net5.0) (< portable-net45+win8+wpa81)) (&& (== netcoreapp3.1) (< netstandard1.2)) (&& (== netcoreapp3.1) (< netstandard1.3)) (&& (== netcoreapp3.1) (< netstandard1.4)) (&& (== netcoreapp3.1) (< netstandard1.5)) (&& (== netcoreapp3.1) (< netstandard1.6)) (&& (== netcoreapp3.1) (< netstandard2.0)) (&& (== netcoreapp3.1) (< portable-net45+win8+wpa81)) (== netstandard1.6) (&& (== netstandard2.0) (< netstandard1.2)) (&& (== netstandard2.0) (< netstandard1.3)) (&& (== netstandard2.0) (< netstandard1.4)) (&& (== netstandard2.0) (< netstandard1.5)) (&& (== netstandard2.0) (< netstandard1.6)) (&& (== netstandard2.0) (< portable-net45+win8+wpa81)) (&& (== netstandard2.1) (< netstandard1.2)) (&& (== netstandard2.1) (< netstandard1.3)) (&& (== netstandard2.1) (< netstandard1.4)) (&& (== netstandard2.1) (< netstandard1.5)) (&& (== netstandard2.1) (< netstandard1.6)) (&& (== netstandard2.1) (< netstandard2.0)) (&& (== netstandard2.1) (< portable-net45+win8+wpa81))
      System.Diagnostics.Tools (>= 4.3) - restriction: || (&& (== net45) (< portable-net45+win8+wpa81)) (&& (== net45) (>= uap10.0)) (&& (== net46) (< net45)) (&& (== net46) (< portable-net45+win8+wpa81)) (&& (== net46) (>= uap10.0)) (&& (== net5.0) (< netstandard1.2)) (&& (== net5.0) (< netstandard1.3)) (&& (== net5.0) (< netstandard1.4)) (&& (== net5.0) (< netstandard1.5)) (&& (== net5.0) (< netstandard1.6)) (&& (== net5.0) (< netstandard2.0)) (&& (== net5.0) (< portable-net45+win8+wpa81)) (&& (== netcoreapp3.1) (< netstandard1.2)) (&& (== netcoreapp3.1) (< netstandard1.3)) (&& (== netcoreapp3.1) (< netstandard1.4)) (&& (== netcoreapp3.1) (< netstandard1.5)) (&& (== netcoreapp3.1) (< netstandard1.6)) (&& (== netcoreapp3.1) (< netstandard2.0)) (&& (== netcoreapp3.1) (< portable-net45+win8+wpa81)) (== netstandard1.6) (&& (== netstandard2.0) (< netstandard1.2)) (&& (== netstandard2.0) (< netstandard1.3)) (&& (== netstandard2.0) (< netstandard1.4)) (&& (== netstandard2.0) (< netstandard1.5)) (&& (== netstandard2.0) (< netstandard1.6)) (&& (== netstandard2.0) (< portable-net45+win8+wpa81)) (&& (== netstandard2.1) (< netstandard1.2)) (&& (== netstandard2.1) (< netstandard1.3)) (&& (== netstandard2.1) (< netstandard1.4)) (&& (== netstandard2.1) (< netstandard1.5)) (&& (== netstandard2.1) (< netstandard1.6)) (&& (== netstandard2.1) (< netstandard2.0)) (&& (== netstandard2.1) (< portable-net45+win8+wpa81))
      System.Diagnostics.Tracing (>= 4.3) - restriction: || (&& (== net45) (>= uap10.0)) (&& (== net46) (< net45)) (&& (== net46) (>= uap10.0)) (&& (== net5.0) (< netstandard1.2)) (&& (== net5.0) (< netstandard1.3)) (&& (== net5.0) (< netstandard1.4)) (&& (== net5.0) (< netstandard1.5)) (&& (== net5.0) (< netstandard1.6)) (&& (== net5.0) (< netstandard2.0)) (&& (== netcoreapp3.1) (< netstandard1.2)) (&& (== netcoreapp3.1) (< netstandard1.3)) (&& (== netcoreapp3.1) (< netstandard1.4)) (&& (== netcoreapp3.1) (< netstandard1.5)) (&& (== netcoreapp3.1) (< netstandard1.6)) (&& (== netcoreapp3.1) (< netstandard2.0)) (== netstandard1.6) (&& (== netstandard2.0) (< netstandard1.2)) (&& (== netstandard2.0) (< netstandard1.3)) (&& (== netstandard2.0) (< netstandard1.4)) (&& (== netstandard2.0) (< netstandard1.5)) (&& (== netstandard2.0) (< netstandard1.6)) (&& (== netstandard2.1) (< netstandard1.2)) (&& (== netstandard2.1) (< netstandard1.3)) (&& (== netstandard2.1) (< netstandard1.4)) (&& (== netstandard2.1) (< netstandard1.5)) (&& (== netstandard2.1) (< netstandard1.6)) (&& (== netstandard2.1) (< netstandard2.0))
      System.Globalization (>= 4.3) - restriction: || (&& (== net45) (< portable-net45+win8+wpa81)) (&& (== net45) (>= uap10.0)) (&& (== net46) (< net45)) (&& (== net46) (< portable-net45+win8+wpa81)) (&& (== net46) (>= uap10.0)) (&& (== net5.0) (< netstandard1.2)) (&& (== net5.0) (< netstandard1.3)) (&& (== net5.0) (< netstandard1.4)) (&& (== net5.0) (< netstandard1.5)) (&& (== net5.0) (< netstandard1.6)) (&& (== net5.0) (< netstandard2.0)) (&& (== net5.0) (< portable-net45+win8+wpa81)) (&& (== netcoreapp3.1) (< netstandard1.2)) (&& (== netcoreapp3.1) (< netstandard1.3)) (&& (== netcoreapp3.1) (< netstandard1.4)) (&& (== netcoreapp3.1) (< netstandard1.5)) (&& (== netcoreapp3.1) (< netstandard1.6)) (&& (== netcoreapp3.1) (< netstandard2.0)) (&& (== netcoreapp3.1) (< portable-net45+win8+wpa81)) (== netstandard1.6) (&& (== netstandard2.0) (< netstandard1.2)) (&& (== netstandard2.0) (< netstandard1.3)) (&& (== netstandard2.0) (< netstandard1.4)) (&& (== netstandard2.0) (< netstandard1.5)) (&& (== netstandard2.0) (< netstandard1.6)) (&& (== netstandard2.0) (< portable-net45+win8+wpa81)) (&& (== netstandard2.1) (< netstandard1.2)) (&& (== netstandard2.1) (< netstandard1.3)) (&& (== netstandard2.1) (< netstandard1.4)) (&& (== netstandard2.1) (< netstandard1.5)) (&& (== netstandard2.1) (< netstandard1.6)) (&& (== netstandard2.1) (< netstandard2.0)) (&& (== netstandard2.1) (< portable-net45+win8+wpa81))
      System.Globalization.Calendars (>= 4.3) - restriction: || (&& (== net45) (>= net46)) (&& (== net45) (>= uap10.0)) (== net46) (&& (== net5.0) (< netstandard1.4)) (&& (== net5.0) (< netstandard1.5)) (&& (== net5.0) (< netstandard1.6)) (&& (== net5.0) (< netstandard2.0)) (&& (== netcoreapp3.1) (< netstandard1.4)) (&& (== netcoreapp3.1) (< netstandard1.5)) (&& (== netcoreapp3.1) (< netstandard1.6)) (&& (== netcoreapp3.1) (< netstandard2.0)) (== netstandard1.6) (&& (== netstandard2.0) (< netstandard1.4)) (&& (== netstandard2.0) (< netstandard1.5)) (&& (== netstandard2.0) (< netstandard1.6)) (&& (== netstandard2.1) (< netstandard1.4)) (&& (== netstandard2.1) (< netstandard1.5)) (&& (== netstandard2.1) (< netstandard1.6)) (&& (== netstandard2.1) (< netstandard2.0))
      System.IO (>= 4.3) - restriction: || (&& (== net45) (< portable-net45+win8+wpa81)) (&& (== net45) (>= uap10.0)) (&& (== net46) (< net45)) (&& (== net46) (< portable-net45+win8+wpa81)) (&& (== net46) (>= uap10.0)) (&& (== net5.0) (< netstandard1.2)) (&& (== net5.0) (< netstandard1.3)) (&& (== net5.0) (< netstandard1.4)) (&& (== net5.0) (< netstandard1.5)) (&& (== net5.0) (< netstandard1.6)) (&& (== net5.0) (< netstandard2.0)) (&& (== net5.0) (< portable-net45+win8+wpa81)) (&& (== netcoreapp3.1) (< netstandard1.2)) (&& (== netcoreapp3.1) (< netstandard1.3)) (&& (== netcoreapp3.1) (< netstandard1.4)) (&& (== netcoreapp3.1) (< netstandard1.5)) (&& (== netcoreapp3.1) (< netstandard1.6)) (&& (== netcoreapp3.1) (< netstandard2.0)) (&& (== netcoreapp3.1) (< portable-net45+win8+wpa81)) (== netstandard1.6) (&& (== netstandard2.0) (< netstandard1.2)) (&& (== netstandard2.0) (< netstandard1.3)) (&& (== netstandard2.0) (< netstandard1.4)) (&& (== netstandard2.0) (< netstandard1.5)) (&& (== netstandard2.0) (< netstandard1.6)) (&& (== netstandard2.0) (< portable-net45+win8+wpa81)) (&& (== netstandard2.1) (< netstandard1.2)) (&& (== netstandard2.1) (< netstandard1.3)) (&& (== netstandard2.1) (< netstandard1.4)) (&& (== netstandard2.1) (< netstandard1.5)) (&& (== netstandard2.1) (< netstandard1.6)) (&& (== netstandard2.1) (< netstandard2.0)) (&& (== netstandard2.1) (< portable-net45+win8+wpa81))
      System.IO.Compression (>= 4.3) - restriction: || (&& (== net45) (>= net46)) (&& (== net45) (>= uap10.0)) (== net46) (&& (== net5.0) (< netstandard1.2)) (&& (== net5.0) (< netstandard1.3)) (&& (== net5.0) (< netstandard1.4)) (&& (== net5.0) (< netstandard1.5)) (&& (== net5.0) (< netstandard1.6)) (&& (== net5.0) (< netstandard2.0)) (&& (== netcoreapp3.1) (< netstandard1.2)) (&& (== netcoreapp3.1) (< netstandard1.3)) (&& (== netcoreapp3.1) (< netstandard1.4)) (&& (== netcoreapp3.1) (< netstandard1.5)) (&& (== netcoreapp3.1) (< netstandard1.6)) (&& (== netcoreapp3.1) (< netstandard2.0)) (== netstandard1.6) (&& (== netstandard2.0) (< netstandard1.2)) (&& (== netstandard2.0) (< netstandard1.3)) (&& (== netstandard2.0) (< netstandard1.4)) (&& (== netstandard2.0) (< netstandard1.5)) (&& (== netstandard2.0) (< netstandard1.6)) (&& (== netstandard2.1) (< netstandard1.2)) (&& (== netstandard2.1) (< netstandard1.3)) (&& (== netstandard2.1) (< netstandard1.4)) (&& (== netstandard2.1) (< netstandard1.5)) (&& (== netstandard2.1) (< netstandard1.6)) (&& (== netstandard2.1) (< netstandard2.0))
      System.IO.Compression.ZipFile (>= 4.3) - restriction: || (&& (== net45) (>= net46)) (&& (== net45) (>= uap10.0)) (== net46) (&& (== net5.0) (< netstandard1.4)) (&& (== net5.0) (< netstandard1.5)) (&& (== net5.0) (< netstandard1.6)) (&& (== net5.0) (< netstandard2.0)) (&& (== netcoreapp3.1) (< netstandard1.4)) (&& (== netcoreapp3.1) (< netstandard1.5)) (&& (== netcoreapp3.1) (< netstandard1.6)) (&& (== netcoreapp3.1) (< netstandard2.0)) (== netstandard1.6) (&& (== netstandard2.0) (< netstandard1.4)) (&& (== netstandard2.0) (< netstandard1.5)) (&& (== netstandard2.0) (< netstandard1.6)) (&& (== netstandard2.1) (< netstandard1.4)) (&& (== netstandard2.1) (< netstandard1.5)) (&& (== netstandard2.1) (< netstandard1.6)) (&& (== netstandard2.1) (< netstandard2.0))
      System.IO.FileSystem (>= 4.3) - restriction: || (&& (== net45) (>= net46)) (&& (== net45) (>= uap10.0)) (== net46) (&& (== net5.0) (< netstandard1.4)) (&& (== net5.0) (< netstandard1.5)) (&& (== net5.0) (< netstandard1.6)) (&& (== net5.0) (< netstandard2.0)) (&& (== netcoreapp3.1) (< netstandard1.4)) (&& (== netcoreapp3.1) (< netstandard1.5)) (&& (== netcoreapp3.1) (< netstandard1.6)) (&& (== netcoreapp3.1) (< netstandard2.0)) (== netstandard1.6) (&& (== netstandard2.0) (< netstandard1.4)) (&& (== netstandard2.0) (< netstandard1.5)) (&& (== netstandard2.0) (< netstandard1.6)) (&& (== netstandard2.1) (< netstandard1.4)) (&& (== netstandard2.1) (< netstandard1.5)) (&& (== netstandard2.1) (< netstandard1.6)) (&& (== netstandard2.1) (< netstandard2.0))
      System.IO.FileSystem.Primitives (>= 4.3) - restriction: || (&& (== net45) (>= net46)) (&& (== net45) (>= uap10.0)) (== net46) (&& (== net5.0) (< netstandard1.4)) (&& (== net5.0) (< netstandard1.5)) (&& (== net5.0) (< netstandard1.6)) (&& (== net5.0) (< netstandard2.0)) (&& (== netcoreapp3.1) (< netstandard1.4)) (&& (== netcoreapp3.1) (< netstandard1.5)) (&& (== netcoreapp3.1) (< netstandard1.6)) (&& (== netcoreapp3.1) (< netstandard2.0)) (== netstandard1.6) (&& (== netstandard2.0) (< netstandard1.4)) (&& (== netstandard2.0) (< netstandard1.5)) (&& (== netstandard2.0) (< netstandard1.6)) (&& (== netstandard2.1) (< netstandard1.4)) (&& (== netstandard2.1) (< netstandard1.5)) (&& (== netstandard2.1) (< netstandard1.6)) (&& (== netstandard2.1) (< netstandard2.0))
      System.Linq (>= 4.3) - restriction: || (&& (== net45) (< portable-net45+win8+wpa81)) (&& (== net45) (>= uap10.0)) (&& (== net46) (< net45)) (&& (== net46) (< portable-net45+win8+wpa81)) (&& (== net46) (>= uap10.0)) (&& (== net5.0) (< netstandard1.2)) (&& (== net5.0) (< netstandard1.3)) (&& (== net5.0) (< netstandard1.4)) (&& (== net5.0) (< netstandard1.5)) (&& (== net5.0) (< netstandard1.6)) (&& (== net5.0) (< netstandard2.0)) (&& (== net5.0) (< portable-net45+win8+wpa81)) (&& (== netcoreapp3.1) (< netstandard1.2)) (&& (== netcoreapp3.1) (< netstandard1.3)) (&& (== netcoreapp3.1) (< netstandard1.4)) (&& (== netcoreapp3.1) (< netstandard1.5)) (&& (== netcoreapp3.1) (< netstandard1.6)) (&& (== netcoreapp3.1) (< netstandard2.0)) (&& (== netcoreapp3.1) (< portable-net45+win8+wpa81)) (== netstandard1.6) (&& (== netstandard2.0) (< netstandard1.2)) (&& (== netstandard2.0) (< netstandard1.3)) (&& (== netstandard2.0) (< netstandard1.4)) (&& (== netstandard2.0) (< netstandard1.5)) (&& (== netstandard2.0) (< netstandard1.6)) (&& (== netstandard2.0) (< portable-net45+win8+wpa81)) (&& (== netstandard2.1) (< netstandard1.2)) (&& (== netstandard2.1) (< netstandard1.3)) (&& (== netstandard2.1) (< netstandard1.4)) (&& (== netstandard2.1) (< netstandard1.5)) (&& (== netstandard2.1) (< netstandard1.6)) (&& (== netstandard2.1) (< netstandard2.0)) (&& (== netstandard2.1) (< portable-net45+win8+wpa81))
      System.Linq.Expressions (>= 4.3) - restriction: || (&& (== net45) (< portable-net45+win8+wpa81)) (&& (== net45) (>= uap10.0)) (&& (== net46) (< net45)) (&& (== net46) (< portable-net45+win8+wpa81)) (&& (== net46) (>= uap10.0)) (&& (== net5.0) (< netstandard1.2)) (&& (== net5.0) (< netstandard1.3)) (&& (== net5.0) (< netstandard1.4)) (&& (== net5.0) (< netstandard1.5)) (&& (== net5.0) (< netstandard1.6)) (&& (== net5.0) (< netstandard2.0)) (&& (== net5.0) (< portable-net45+win8+wpa81)) (&& (== netcoreapp3.1) (< netstandard1.2)) (&& (== netcoreapp3.1) (< netstandard1.3)) (&& (== netcoreapp3.1) (< netstandard1.4)) (&& (== netcoreapp3.1) (< netstandard1.5)) (&& (== netcoreapp3.1) (< netstandard1.6)) (&& (== netcoreapp3.1) (< netstandard2.0)) (&& (== netcoreapp3.1) (< portable-net45+win8+wpa81)) (== netstandard1.6) (&& (== netstandard2.0) (< netstandard1.2)) (&& (== netstandard2.0) (< netstandard1.3)) (&& (== netstandard2.0) (< netstandard1.4)) (&& (== netstandard2.0) (< netstandard1.5)) (&& (== netstandard2.0) (< netstandard1.6)) (&& (== netstandard2.0) (< portable-net45+win8+wpa81)) (&& (== netstandard2.1) (< netstandard1.2)) (&& (== netstandard2.1) (< netstandard1.3)) (&& (== netstandard2.1) (< netstandard1.4)) (&& (== netstandard2.1) (< netstandard1.5)) (&& (== netstandard2.1) (< netstandard1.6)) (&& (== netstandard2.1) (< netstandard2.0)) (&& (== netstandard2.1) (< portable-net45+win8+wpa81))
      System.Net.Http (>= 4.3.2) - restriction: || (&& (== net45) (>= net46)) (&& (== net45) (>= uap10.0)) (== net46) (&& (== net5.0) (< netstandard1.2)) (&& (== net5.0) (< netstandard1.3)) (&& (== net5.0) (< netstandard1.4)) (&& (== net5.0) (< netstandard1.5)) (&& (== net5.0) (< netstandard1.6)) (&& (== net5.0) (< netstandard2.0)) (&& (== netcoreapp3.1) (< netstandard1.2)) (&& (== netcoreapp3.1) (< netstandard1.3)) (&& (== netcoreapp3.1) (< netstandard1.4)) (&& (== netcoreapp3.1) (< netstandard1.5)) (&& (== netcoreapp3.1) (< netstandard1.6)) (&& (== netcoreapp3.1) (< netstandard2.0)) (== netstandard1.6) (&& (== netstandard2.0) (< netstandard1.2)) (&& (== netstandard2.0) (< netstandard1.3)) (&& (== netstandard2.0) (< netstandard1.4)) (&& (== netstandard2.0) (< netstandard1.5)) (&& (== netstandard2.0) (< netstandard1.6)) (&& (== netstandard2.1) (< netstandard1.2)) (&& (== netstandard2.1) (< netstandard1.3)) (&& (== netstandard2.1) (< netstandard1.4)) (&& (== netstandard2.1) (< netstandard1.5)) (&& (== netstandard2.1) (< netstandard1.6)) (&& (== netstandard2.1) (< netstandard2.0))
      System.Net.Primitives (>= 4.3) - restriction: || (&& (== net45) (< portable-net45+win8+wpa81)) (&& (== net45) (>= uap10.0)) (&& (== net46) (< net45)) (&& (== net46) (< portable-net45+win8+wpa81)) (&& (== net46) (>= uap10.0)) (&& (== net5.0) (< netstandard1.2)) (&& (== net5.0) (< netstandard1.3)) (&& (== net5.0) (< netstandard1.4)) (&& (== net5.0) (< netstandard1.5)) (&& (== net5.0) (< netstandard1.6)) (&& (== net5.0) (< netstandard2.0)) (&& (== net5.0) (< portable-net45+win8+wpa81)) (&& (== netcoreapp3.1) (< netstandard1.2)) (&& (== netcoreapp3.1) (< netstandard1.3)) (&& (== netcoreapp3.1) (< netstandard1.4)) (&& (== netcoreapp3.1) (< netstandard1.5)) (&& (== netcoreapp3.1) (< netstandard1.6)) (&& (== netcoreapp3.1) (< netstandard2.0)) (&& (== netcoreapp3.1) (< portable-net45+win8+wpa81)) (== netstandard1.6) (&& (== netstandard2.0) (< netstandard1.2)) (&& (== netstandard2.0) (< netstandard1.3)) (&& (== netstandard2.0) (< netstandard1.4)) (&& (== netstandard2.0) (< netstandard1.5)) (&& (== netstandard2.0) (< netstandard1.6)) (&& (== netstandard2.0) (< portable-net45+win8+wpa81)) (&& (== netstandard2.1) (< netstandard1.2)) (&& (== netstandard2.1) (< netstandard1.3)) (&& (== netstandard2.1) (< netstandard1.4)) (&& (== netstandard2.1) (< netstandard1.5)) (&& (== netstandard2.1) (< netstandard1.6)) (&& (== netstandard2.1) (< netstandard2.0)) (&& (== netstandard2.1) (< portable-net45+win8+wpa81))
      System.Net.Sockets (>= 4.3) - restriction: || (&& (== net45) (>= net46)) (&& (== net45) (>= uap10.0)) (== net46) (&& (== net5.0) (< netstandard1.4)) (&& (== net5.0) (< netstandard1.5)) (&& (== net5.0) (< netstandard1.6)) (&& (== net5.0) (< netstandard2.0)) (&& (== netcoreapp3.1) (< netstandard1.4)) (&& (== netcoreapp3.1) (< netstandard1.5)) (&& (== netcoreapp3.1) (< netstandard1.6)) (&& (== netcoreapp3.1) (< netstandard2.0)) (== netstandard1.6) (&& (== netstandard2.0) (< netstandard1.4)) (&& (== netstandard2.0) (< netstandard1.5)) (&& (== netstandard2.0) (< netstandard1.6)) (&& (== netstandard2.1) (< netstandard1.4)) (&& (== netstandard2.1) (< netstandard1.5)) (&& (== netstandard2.1) (< netstandard1.6)) (&& (== netstandard2.1) (< netstandard2.0))
      System.ObjectModel (>= 4.3) - restriction: || (&& (== net45) (< portable-net45+win8+wpa81)) (&& (== net45) (>= uap10.0)) (&& (== net46) (< net45)) (&& (== net46) (< portable-net45+win8+wpa81)) (&& (== net46) (>= uap10.0)) (&& (== net5.0) (< netstandard1.2)) (&& (== net5.0) (< netstandard1.3)) (&& (== net5.0) (< netstandard1.4)) (&& (== net5.0) (< netstandard1.5)) (&& (== net5.0) (< netstandard1.6)) (&& (== net5.0) (< netstandard2.0)) (&& (== net5.0) (< portable-net45+win8+wpa81)) (&& (== netcoreapp3.1) (< netstandard1.2)) (&& (== netcoreapp3.1) (< netstandard1.3)) (&& (== netcoreapp3.1) (< netstandard1.4)) (&& (== netcoreapp3.1) (< netstandard1.5)) (&& (== netcoreapp3.1) (< netstandard1.6)) (&& (== netcoreapp3.1) (< netstandard2.0)) (&& (== netcoreapp3.1) (< portable-net45+win8+wpa81)) (== netstandard1.6) (&& (== netstandard2.0) (< netstandard1.2)) (&& (== netstandard2.0) (< netstandard1.3)) (&& (== netstandard2.0) (< netstandard1.4)) (&& (== netstandard2.0) (< netstandard1.5)) (&& (== netstandard2.0) (< netstandard1.6)) (&& (== netstandard2.0) (< portable-net45+win8+wpa81)) (&& (== netstandard2.1) (< netstandard1.2)) (&& (== netstandard2.1) (< netstandard1.3)) (&& (== netstandard2.1) (< netstandard1.4)) (&& (== netstandard2.1) (< netstandard1.5)) (&& (== netstandard2.1) (< netstandard1.6)) (&& (== netstandard2.1) (< netstandard2.0)) (&& (== netstandard2.1) (< portable-net45+win8+wpa81))
      System.Reflection (>= 4.3) - restriction: || (&& (== net45) (< portable-net45+win8+wpa81)) (&& (== net45) (>= uap10.0)) (&& (== net46) (< net45)) (&& (== net46) (< portable-net45+win8+wpa81)) (&& (== net46) (>= uap10.0)) (&& (== net5.0) (< netstandard1.2)) (&& (== net5.0) (< netstandard1.3)) (&& (== net5.0) (< netstandard1.4)) (&& (== net5.0) (< netstandard1.5)) (&& (== net5.0) (< netstandard1.6)) (&& (== net5.0) (< netstandard2.0)) (&& (== net5.0) (< portable-net45+win8+wpa81)) (&& (== netcoreapp3.1) (< netstandard1.2)) (&& (== netcoreapp3.1) (< netstandard1.3)) (&& (== netcoreapp3.1) (< netstandard1.4)) (&& (== netcoreapp3.1) (< netstandard1.5)) (&& (== netcoreapp3.1) (< netstandard1.6)) (&& (== netcoreapp3.1) (< netstandard2.0)) (&& (== netcoreapp3.1) (< portable-net45+win8+wpa81)) (== netstandard1.6) (&& (== netstandard2.0) (< netstandard1.2)) (&& (== netstandard2.0) (< netstandard1.3)) (&& (== netstandard2.0) (< netstandard1.4)) (&& (== netstandard2.0) (< netstandard1.5)) (&& (== netstandard2.0) (< netstandard1.6)) (&& (== netstandard2.0) (< portable-net45+win8+wpa81)) (&& (== netstandard2.1) (< netstandard1.2)) (&& (== netstandard2.1) (< netstandard1.3)) (&& (== netstandard2.1) (< netstandard1.4)) (&& (== netstandard2.1) (< netstandard1.5)) (&& (== netstandard2.1) (< netstandard1.6)) (&& (== netstandard2.1) (< netstandard2.0)) (&& (== netstandard2.1) (< portable-net45+win8+wpa81))
      System.Reflection.Extensions (>= 4.3) - restriction: || (&& (== net45) (< portable-net45+win8+wpa81)) (&& (== net45) (>= uap10.0)) (&& (== net46) (< net45)) (&& (== net46) (< portable-net45+win8+wpa81)) (&& (== net46) (>= uap10.0)) (&& (== net5.0) (< netstandard1.2)) (&& (== net5.0) (< netstandard1.3)) (&& (== net5.0) (< netstandard1.4)) (&& (== net5.0) (< netstandard1.5)) (&& (== net5.0) (< netstandard1.6)) (&& (== net5.0) (< netstandard2.0)) (&& (== net5.0) (< portable-net45+win8+wpa81)) (&& (== netcoreapp3.1) (< netstandard1.2)) (&& (== netcoreapp3.1) (< netstandard1.3)) (&& (== netcoreapp3.1) (< netstandard1.4)) (&& (== netcoreapp3.1) (< netstandard1.5)) (&& (== netcoreapp3.1) (< netstandard1.6)) (&& (== netcoreapp3.1) (< netstandard2.0)) (&& (== netcoreapp3.1) (< portable-net45+win8+wpa81)) (== netstandard1.6) (&& (== netstandard2.0) (< netstandard1.2)) (&& (== netstandard2.0) (< netstandard1.3)) (&& (== netstandard2.0) (< netstandard1.4)) (&& (== netstandard2.0) (< netstandard1.5)) (&& (== netstandard2.0) (< netstandard1.6)) (&& (== netstandard2.0) (< portable-net45+win8+wpa81)) (&& (== netstandard2.1) (< netstandard1.2)) (&& (== netstandard2.1) (< netstandard1.3)) (&& (== netstandard2.1) (< netstandard1.4)) (&& (== netstandard2.1) (< netstandard1.5)) (&& (== netstandard2.1) (< netstandard1.6)) (&& (== netstandard2.1) (< netstandard2.0)) (&& (== netstandard2.1) (< portable-net45+win8+wpa81))
      System.Reflection.Primitives (>= 4.3) - restriction: || (&& (== net45) (< portable-net45+win8+wpa81)) (&& (== net45) (>= uap10.0)) (&& (== net46) (< net45)) (&& (== net46) (< portable-net45+win8+wpa81)) (&& (== net46) (>= uap10.0)) (&& (== net5.0) (< netstandard1.2)) (&& (== net5.0) (< netstandard1.3)) (&& (== net5.0) (< netstandard1.4)) (&& (== net5.0) (< netstandard1.5)) (&& (== net5.0) (< netstandard1.6)) (&& (== net5.0) (< netstandard2.0)) (&& (== net5.0) (< portable-net45+win8+wpa81)) (&& (== netcoreapp3.1) (< netstandard1.2)) (&& (== netcoreapp3.1) (< netstandard1.3)) (&& (== netcoreapp3.1) (< netstandard1.4)) (&& (== netcoreapp3.1) (< netstandard1.5)) (&& (== netcoreapp3.1) (< netstandard1.6)) (&& (== netcoreapp3.1) (< netstandard2.0)) (&& (== netcoreapp3.1) (< portable-net45+win8+wpa81)) (== netstandard1.6) (&& (== netstandard2.0) (< netstandard1.2)) (&& (== netstandard2.0) (< netstandard1.3)) (&& (== netstandard2.0) (< netstandard1.4)) (&& (== netstandard2.0) (< netstandard1.5)) (&& (== netstandard2.0) (< netstandard1.6)) (&& (== netstandard2.0) (< portable-net45+win8+wpa81)) (&& (== netstandard2.1) (< netstandard1.2)) (&& (== netstandard2.1) (< netstandard1.3)) (&& (== netstandard2.1) (< netstandard1.4)) (&& (== netstandard2.1) (< netstandard1.5)) (&& (== netstandard2.1) (< netstandard1.6)) (&& (== netstandard2.1) (< netstandard2.0)) (&& (== netstandard2.1) (< portable-net45+win8+wpa81))
      System.Resources.ResourceManager (>= 4.3) - restriction: || (&& (== net45) (< portable-net45+win8+wpa81)) (&& (== net45) (>= uap10.0)) (&& (== net46) (< net45)) (&& (== net46) (< portable-net45+win8+wpa81)) (&& (== net46) (>= uap10.0)) (&& (== net5.0) (< netstandard1.2)) (&& (== net5.0) (< netstandard1.3)) (&& (== net5.0) (< netstandard1.4)) (&& (== net5.0) (< netstandard1.5)) (&& (== net5.0) (< netstandard1.6)) (&& (== net5.0) (< netstandard2.0)) (&& (== net5.0) (< portable-net45+win8+wpa81)) (&& (== netcoreapp3.1) (< netstandard1.2)) (&& (== netcoreapp3.1) (< netstandard1.3)) (&& (== netcoreapp3.1) (< netstandard1.4)) (&& (== netcoreapp3.1) (< netstandard1.5)) (&& (== netcoreapp3.1) (< netstandard1.6)) (&& (== netcoreapp3.1) (< netstandard2.0)) (&& (== netcoreapp3.1) (< portable-net45+win8+wpa81)) (== netstandard1.6) (&& (== netstandard2.0) (< netstandard1.2)) (&& (== netstandard2.0) (< netstandard1.3)) (&& (== netstandard2.0) (< netstandard1.4)) (&& (== netstandard2.0) (< netstandard1.5)) (&& (== netstandard2.0) (< netstandard1.6)) (&& (== netstandard2.0) (< portable-net45+win8+wpa81)) (&& (== netstandard2.1) (< netstandard1.2)) (&& (== netstandard2.1) (< netstandard1.3)) (&& (== netstandard2.1) (< netstandard1.4)) (&& (== netstandard2.1) (< netstandard1.5)) (&& (== netstandard2.1) (< netstandard1.6)) (&& (== netstandard2.1) (< netstandard2.0)) (&& (== netstandard2.1) (< portable-net45+win8+wpa81))
      System.Runtime (>= 4.3) - restriction: || (&& (== net45) (< portable-net45+win8+wpa81)) (&& (== net45) (>= uap10.0)) (&& (== net46) (< net45)) (&& (== net46) (< portable-net45+win8+wpa81)) (&& (== net46) (>= uap10.0)) (&& (== net5.0) (< netstandard1.2)) (&& (== net5.0) (< netstandard1.3)) (&& (== net5.0) (< netstandard1.4)) (&& (== net5.0) (< netstandard1.5)) (&& (== net5.0) (< netstandard1.6)) (&& (== net5.0) (< netstandard2.0)) (&& (== net5.0) (< portable-net45+win8+wpa81)) (&& (== netcoreapp3.1) (< netstandard1.2)) (&& (== netcoreapp3.1) (< netstandard1.3)) (&& (== netcoreapp3.1) (< netstandard1.4)) (&& (== netcoreapp3.1) (< netstandard1.5)) (&& (== netcoreapp3.1) (< netstandard1.6)) (&& (== netcoreapp3.1) (< netstandard2.0)) (&& (== netcoreapp3.1) (< portable-net45+win8+wpa81)) (== netstandard1.6) (&& (== netstandard2.0) (< netstandard1.2)) (&& (== netstandard2.0) (< netstandard1.3)) (&& (== netstandard2.0) (< netstandard1.4)) (&& (== netstandard2.0) (< netstandard1.5)) (&& (== netstandard2.0) (< netstandard1.6)) (&& (== netstandard2.0) (< portable-net45+win8+wpa81)) (&& (== netstandard2.1) (< netstandard1.2)) (&& (== netstandard2.1) (< netstandard1.3)) (&& (== netstandard2.1) (< netstandard1.4)) (&& (== netstandard2.1) (< netstandard1.5)) (&& (== netstandard2.1) (< netstandard1.6)) (&& (== netstandard2.1) (< netstandard2.0)) (&& (== netstandard2.1) (< portable-net45+win8+wpa81))
      System.Runtime.Extensions (>= 4.3) - restriction: || (&& (== net45) (< portable-net45+win8+wpa81)) (&& (== net45) (>= uap10.0)) (&& (== net46) (< net45)) (&& (== net46) (< portable-net45+win8+wpa81)) (&& (== net46) (>= uap10.0)) (&& (== net5.0) (< netstandard1.2)) (&& (== net5.0) (< netstandard1.3)) (&& (== net5.0) (< netstandard1.4)) (&& (== net5.0) (< netstandard1.5)) (&& (== net5.0) (< netstandard1.6)) (&& (== net5.0) (< netstandard2.0)) (&& (== net5.0) (< portable-net45+win8+wpa81)) (&& (== netcoreapp3.1) (< netstandard1.2)) (&& (== netcoreapp3.1) (< netstandard1.3)) (&& (== netcoreapp3.1) (< netstandard1.4)) (&& (== netcoreapp3.1) (< netstandard1.5)) (&& (== netcoreapp3.1) (< netstandard1.6)) (&& (== netcoreapp3.1) (< netstandard2.0)) (&& (== netcoreapp3.1) (< portable-net45+win8+wpa81)) (== netstandard1.6) (&& (== netstandard2.0) (< netstandard1.2)) (&& (== netstandard2.0) (< netstandard1.3)) (&& (== netstandard2.0) (< netstandard1.4)) (&& (== netstandard2.0) (< netstandard1.5)) (&& (== netstandard2.0) (< netstandard1.6)) (&& (== netstandard2.0) (< portable-net45+win8+wpa81)) (&& (== netstandard2.1) (< netstandard1.2)) (&& (== netstandard2.1) (< netstandard1.3)) (&& (== netstandard2.1) (< netstandard1.4)) (&& (== netstandard2.1) (< netstandard1.5)) (&& (== netstandard2.1) (< netstandard1.6)) (&& (== netstandard2.1) (< netstandard2.0)) (&& (== netstandard2.1) (< portable-net45+win8+wpa81))
      System.Runtime.Handles (>= 4.3) - restriction: || (&& (== net45) (>= uap10.0)) (&& (== net46) (< net45)) (&& (== net46) (>= uap10.0)) (&& (== net5.0) (< netstandard1.4)) (&& (== net5.0) (< netstandard1.5)) (&& (== net5.0) (< netstandard1.6)) (&& (== net5.0) (< netstandard2.0)) (&& (== netcoreapp3.1) (< netstandard1.4)) (&& (== netcoreapp3.1) (< netstandard1.5)) (&& (== netcoreapp3.1) (< netstandard1.6)) (&& (== netcoreapp3.1) (< netstandard2.0)) (== netstandard1.6) (&& (== netstandard2.0) (< netstandard1.4)) (&& (== netstandard2.0) (< netstandard1.5)) (&& (== netstandard2.0) (< netstandard1.6)) (&& (== netstandard2.1) (< netstandard1.4)) (&& (== netstandard2.1) (< netstandard1.5)) (&& (== netstandard2.1) (< netstandard1.6)) (&& (== netstandard2.1) (< netstandard2.0))
      System.Runtime.InteropServices (>= 4.3) - restriction: || (&& (== net45) (>= uap10.0)) (&& (== net46) (< net45)) (&& (== net46) (>= uap10.0)) (&& (== net5.0) (< netstandard1.2)) (&& (== net5.0) (< netstandard1.3)) (&& (== net5.0) (< netstandard1.4)) (&& (== net5.0) (< netstandard1.5)) (&& (== net5.0) (< netstandard1.6)) (&& (== net5.0) (< netstandard2.0)) (&& (== netcoreapp3.1) (< netstandard1.2)) (&& (== netcoreapp3.1) (< netstandard1.3)) (&& (== netcoreapp3.1) (< netstandard1.4)) (&& (== netcoreapp3.1) (< netstandard1.5)) (&& (== netcoreapp3.1) (< netstandard1.6)) (&& (== netcoreapp3.1) (< netstandard2.0)) (== netstandard1.6) (&& (== netstandard2.0) (< netstandard1.2)) (&& (== netstandard2.0) (< netstandard1.3)) (&& (== netstandard2.0) (< netstandard1.4)) (&& (== netstandard2.0) (< netstandard1.5)) (&& (== netstandard2.0) (< netstandard1.6)) (&& (== netstandard2.1) (< netstandard1.2)) (&& (== netstandard2.1) (< netstandard1.3)) (&& (== netstandard2.1) (< netstandard1.4)) (&& (== netstandard2.1) (< netstandard1.5)) (&& (== netstandard2.1) (< netstandard1.6)) (&& (== netstandard2.1) (< netstandard2.0))
      System.Runtime.InteropServices.RuntimeInformation (>= 4.3) - restriction: || (== net45) (== net46) (&& (== net5.0) (< netstandard1.0)) (&& (== net5.0) (< netstandard1.2)) (&& (== net5.0) (< netstandard1.3)) (&& (== net5.0) (< netstandard1.4)) (&& (== net5.0) (< netstandard1.5)) (&& (== net5.0) (< netstandard1.6)) (&& (== net5.0) (< netstandard2.0)) (&& (== netcoreapp3.1) (< netstandard1.0)) (&& (== netcoreapp3.1) (< netstandard1.2)) (&& (== netcoreapp3.1) (< netstandard1.3)) (&& (== netcoreapp3.1) (< netstandard1.4)) (&& (== netcoreapp3.1) (< netstandard1.5)) (&& (== netcoreapp3.1) (< netstandard1.6)) (&& (== netcoreapp3.1) (< netstandard2.0)) (== netstandard1.6) (&& (== netstandard2.0) (< netstandard1.0)) (&& (== netstandard2.0) (< netstandard1.2)) (&& (== netstandard2.0) (< netstandard1.3)) (&& (== netstandard2.0) (< netstandard1.4)) (&& (== netstandard2.0) (< netstandard1.5)) (&& (== netstandard2.0) (< netstandard1.6)) (&& (== netstandard2.1) (< netstandard1.0)) (&& (== netstandard2.1) (< netstandard1.2)) (&& (== netstandard2.1) (< netstandard1.3)) (&& (== netstandard2.1) (< netstandard1.4)) (&& (== netstandard2.1) (< netstandard1.5)) (&& (== netstandard2.1) (< netstandard1.6)) (&& (== netstandard2.1) (< netstandard2.0))
      System.Runtime.Numerics (>= 4.3) - restriction: || (&& (== net45) (>= uap10.0)) (&& (== net46) (< net45)) (&& (== net46) (>= uap10.0)) (&& (== net5.0) (< netstandard1.2)) (&& (== net5.0) (< netstandard1.3)) (&& (== net5.0) (< netstandard1.4)) (&& (== net5.0) (< netstandard1.5)) (&& (== net5.0) (< netstandard1.6)) (&& (== net5.0) (< netstandard2.0)) (&& (== netcoreapp3.1) (< netstandard1.2)) (&& (== netcoreapp3.1) (< netstandard1.3)) (&& (== netcoreapp3.1) (< netstandard1.4)) (&& (== netcoreapp3.1) (< netstandard1.5)) (&& (== netcoreapp3.1) (< netstandard1.6)) (&& (== netcoreapp3.1) (< netstandard2.0)) (== netstandard1.6) (&& (== netstandard2.0) (< netstandard1.2)) (&& (== netstandard2.0) (< netstandard1.3)) (&& (== netstandard2.0) (< netstandard1.4)) (&& (== netstandard2.0) (< netstandard1.5)) (&& (== netstandard2.0) (< netstandard1.6)) (&& (== netstandard2.1) (< netstandard1.2)) (&& (== netstandard2.1) (< netstandard1.3)) (&& (== netstandard2.1) (< netstandard1.4)) (&& (== netstandard2.1) (< netstandard1.5)) (&& (== netstandard2.1) (< netstandard1.6)) (&& (== netstandard2.1) (< netstandard2.0))
      System.Security.Cryptography.Algorithms (>= 4.3) - restriction: || (&& (== net45) (>= net46)) (&& (== net45) (>= uap10.0)) (== net46) (&& (== net5.0) (< netstandard1.4)) (&& (== net5.0) (< netstandard1.5)) (&& (== net5.0) (< netstandard1.6)) (&& (== net5.0) (< netstandard2.0)) (&& (== netcoreapp3.1) (< netstandard1.4)) (&& (== netcoreapp3.1) (< netstandard1.5)) (&& (== netcoreapp3.1) (< netstandard1.6)) (&& (== netcoreapp3.1) (< netstandard2.0)) (== netstandard1.6) (&& (== netstandard2.0) (< netstandard1.4)) (&& (== netstandard2.0) (< netstandard1.5)) (&& (== netstandard2.0) (< netstandard1.6)) (&& (== netstandard2.1) (< netstandard1.4)) (&& (== netstandard2.1) (< netstandard1.5)) (&& (== netstandard2.1) (< netstandard1.6)) (&& (== netstandard2.1) (< netstandard2.0))
      System.Security.Cryptography.Encoding (>= 4.3) - restriction: || (&& (== net45) (>= net46)) (&& (== net45) (>= uap10.0)) (== net46) (&& (== net5.0) (< netstandard1.4)) (&& (== net5.0) (< netstandard1.5)) (&& (== net5.0) (< netstandard1.6)) (&& (== net5.0) (< netstandard2.0)) (&& (== netcoreapp3.1) (< netstandard1.4)) (&& (== netcoreapp3.1) (< netstandard1.5)) (&& (== netcoreapp3.1) (< netstandard1.6)) (&& (== netcoreapp3.1) (< netstandard2.0)) (== netstandard1.6) (&& (== netstandard2.0) (< netstandard1.4)) (&& (== netstandard2.0) (< netstandard1.5)) (&& (== netstandard2.0) (< netstandard1.6)) (&& (== netstandard2.1) (< netstandard1.4)) (&& (== netstandard2.1) (< netstandard1.5)) (&& (== netstandard2.1) (< netstandard1.6)) (&& (== netstandard2.1) (< netstandard2.0))
      System.Security.Cryptography.Primitives (>= 4.3) - restriction: || (&& (== net45) (>= net46)) (&& (== net45) (>= uap10.0)) (== net46) (&& (== net5.0) (< netstandard1.4)) (&& (== net5.0) (< netstandard1.5)) (&& (== net5.0) (< netstandard1.6)) (&& (== net5.0) (< netstandard2.0)) (&& (== netcoreapp3.1) (< netstandard1.4)) (&& (== netcoreapp3.1) (< netstandard1.5)) (&& (== netcoreapp3.1) (< netstandard1.6)) (&& (== netcoreapp3.1) (< netstandard2.0)) (== netstandard1.6) (&& (== netstandard2.0) (< netstandard1.4)) (&& (== netstandard2.0) (< netstandard1.5)) (&& (== netstandard2.0) (< netstandard1.6)) (&& (== netstandard2.1) (< netstandard1.4)) (&& (== netstandard2.1) (< netstandard1.5)) (&& (== netstandard2.1) (< netstandard1.6)) (&& (== netstandard2.1) (< netstandard2.0))
      System.Security.Cryptography.X509Certificates (>= 4.3) - restriction: || (&& (== net45) (>= net46)) (&& (== net45) (>= uap10.0)) (== net46) (&& (== net5.0) (< netstandard1.4)) (&& (== net5.0) (< netstandard1.5)) (&& (== net5.0) (< netstandard1.6)) (&& (== net5.0) (< netstandard2.0)) (&& (== netcoreapp3.1) (< netstandard1.4)) (&& (== netcoreapp3.1) (< netstandard1.5)) (&& (== netcoreapp3.1) (< netstandard1.6)) (&& (== netcoreapp3.1) (< netstandard2.0)) (== netstandard1.6) (&& (== netstandard2.0) (< netstandard1.4)) (&& (== netstandard2.0) (< netstandard1.5)) (&& (== netstandard2.0) (< netstandard1.6)) (&& (== netstandard2.1) (< netstandard1.4)) (&& (== netstandard2.1) (< netstandard1.5)) (&& (== netstandard2.1) (< netstandard1.6)) (&& (== netstandard2.1) (< netstandard2.0))
      System.Text.Encoding (>= 4.3) - restriction: || (&& (== net45) (< portable-net45+win8+wpa81)) (&& (== net45) (>= uap10.0)) (&& (== net46) (< net45)) (&& (== net46) (< portable-net45+win8+wpa81)) (&& (== net46) (>= uap10.0)) (&& (== net5.0) (< netstandard1.2)) (&& (== net5.0) (< netstandard1.3)) (&& (== net5.0) (< netstandard1.4)) (&& (== net5.0) (< netstandard1.5)) (&& (== net5.0) (< netstandard1.6)) (&& (== net5.0) (< netstandard2.0)) (&& (== net5.0) (< portable-net45+win8+wpa81)) (&& (== netcoreapp3.1) (< netstandard1.2)) (&& (== netcoreapp3.1) (< netstandard1.3)) (&& (== netcoreapp3.1) (< netstandard1.4)) (&& (== netcoreapp3.1) (< netstandard1.5)) (&& (== netcoreapp3.1) (< netstandard1.6)) (&& (== netcoreapp3.1) (< netstandard2.0)) (&& (== netcoreapp3.1) (< portable-net45+win8+wpa81)) (== netstandard1.6) (&& (== netstandard2.0) (< netstandard1.2)) (&& (== netstandard2.0) (< netstandard1.3)) (&& (== netstandard2.0) (< netstandard1.4)) (&& (== netstandard2.0) (< netstandard1.5)) (&& (== netstandard2.0) (< netstandard1.6)) (&& (== netstandard2.0) (< portable-net45+win8+wpa81)) (&& (== netstandard2.1) (< netstandard1.2)) (&& (== netstandard2.1) (< netstandard1.3)) (&& (== netstandard2.1) (< netstandard1.4)) (&& (== netstandard2.1) (< netstandard1.5)) (&& (== netstandard2.1) (< netstandard1.6)) (&& (== netstandard2.1) (< netstandard2.0)) (&& (== netstandard2.1) (< portable-net45+win8+wpa81))
      System.Text.Encoding.Extensions (>= 4.3) - restriction: || (&& (== net45) (< portable-net45+win8+wpa81)) (&& (== net45) (>= uap10.0)) (&& (== net46) (< net45)) (&& (== net46) (< portable-net45+win8+wpa81)) (&& (== net46) (>= uap10.0)) (&& (== net5.0) (< netstandard1.2)) (&& (== net5.0) (< netstandard1.3)) (&& (== net5.0) (< netstandard1.4)) (&& (== net5.0) (< netstandard1.5)) (&& (== net5.0) (< netstandard1.6)) (&& (== net5.0) (< netstandard2.0)) (&& (== net5.0) (< portable-net45+win8+wpa81)) (&& (== netcoreapp3.1) (< netstandard1.2)) (&& (== netcoreapp3.1) (< netstandard1.3)) (&& (== netcoreapp3.1) (< netstandard1.4)) (&& (== netcoreapp3.1) (< netstandard1.5)) (&& (== netcoreapp3.1) (< netstandard1.6)) (&& (== netcoreapp3.1) (< netstandard2.0)) (&& (== netcoreapp3.1) (< portable-net45+win8+wpa81)) (== netstandard1.6) (&& (== netstandard2.0) (< netstandard1.2)) (&& (== netstandard2.0) (< netstandard1.3)) (&& (== netstandard2.0) (< netstandard1.4)) (&& (== netstandard2.0) (< netstandard1.5)) (&& (== netstandard2.0) (< netstandard1.6)) (&& (== netstandard2.0) (< portable-net45+win8+wpa81)) (&& (== netstandard2.1) (< netstandard1.2)) (&& (== netstandard2.1) (< netstandard1.3)) (&& (== netstandard2.1) (< netstandard1.4)) (&& (== netstandard2.1) (< netstandard1.5)) (&& (== netstandard2.1) (< netstandard1.6)) (&& (== netstandard2.1) (< netstandard2.0)) (&& (== netstandard2.1) (< portable-net45+win8+wpa81))
      System.Text.RegularExpressions (>= 4.3) - restriction: || (&& (== net45) (< portable-net45+win8+wpa81)) (&& (== net45) (>= uap10.0)) (&& (== net46) (< net45)) (&& (== net46) (< portable-net45+win8+wpa81)) (&& (== net46) (>= uap10.0)) (&& (== net5.0) (< netstandard1.2)) (&& (== net5.0) (< netstandard1.3)) (&& (== net5.0) (< netstandard1.4)) (&& (== net5.0) (< netstandard1.5)) (&& (== net5.0) (< netstandard1.6)) (&& (== net5.0) (< netstandard2.0)) (&& (== net5.0) (< portable-net45+win8+wpa81)) (&& (== netcoreapp3.1) (< netstandard1.2)) (&& (== netcoreapp3.1) (< netstandard1.3)) (&& (== netcoreapp3.1) (< netstandard1.4)) (&& (== netcoreapp3.1) (< netstandard1.5)) (&& (== netcoreapp3.1) (< netstandard1.6)) (&& (== netcoreapp3.1) (< netstandard2.0)) (&& (== netcoreapp3.1) (< portable-net45+win8+wpa81)) (== netstandard1.6) (&& (== netstandard2.0) (< netstandard1.2)) (&& (== netstandard2.0) (< netstandard1.3)) (&& (== netstandard2.0) (< netstandard1.4)) (&& (== netstandard2.0) (< netstandard1.5)) (&& (== netstandard2.0) (< netstandard1.6)) (&& (== netstandard2.0) (< portable-net45+win8+wpa81)) (&& (== netstandard2.1) (< netstandard1.2)) (&& (== netstandard2.1) (< netstandard1.3)) (&& (== netstandard2.1) (< netstandard1.4)) (&& (== netstandard2.1) (< netstandard1.5)) (&& (== netstandard2.1) (< netstandard1.6)) (&& (== netstandard2.1) (< netstandard2.0)) (&& (== netstandard2.1) (< portable-net45+win8+wpa81))
      System.Threading (>= 4.3) - restriction: || (&& (== net45) (< portable-net45+win8+wpa81)) (&& (== net45) (>= uap10.0)) (&& (== net46) (< net45)) (&& (== net46) (< portable-net45+win8+wpa81)) (&& (== net46) (>= uap10.0)) (&& (== net5.0) (< netstandard1.2)) (&& (== net5.0) (< netstandard1.3)) (&& (== net5.0) (< netstandard1.4)) (&& (== net5.0) (< netstandard1.5)) (&& (== net5.0) (< netstandard1.6)) (&& (== net5.0) (< netstandard2.0)) (&& (== net5.0) (< portable-net45+win8+wpa81)) (&& (== netcoreapp3.1) (< netstandard1.2)) (&& (== netcoreapp3.1) (< netstandard1.3)) (&& (== netcoreapp3.1) (< netstandard1.4)) (&& (== netcoreapp3.1) (< netstandard1.5)) (&& (== netcoreapp3.1) (< netstandard1.6)) (&& (== netcoreapp3.1) (< netstandard2.0)) (&& (== netcoreapp3.1) (< portable-net45+win8+wpa81)) (== netstandard1.6) (&& (== netstandard2.0) (< netstandard1.2)) (&& (== netstandard2.0) (< netstandard1.3)) (&& (== netstandard2.0) (< netstandard1.4)) (&& (== netstandard2.0) (< netstandard1.5)) (&& (== netstandard2.0) (< netstandard1.6)) (&& (== netstandard2.0) (< portable-net45+win8+wpa81)) (&& (== netstandard2.1) (< netstandard1.2)) (&& (== netstandard2.1) (< netstandard1.3)) (&& (== netstandard2.1) (< netstandard1.4)) (&& (== netstandard2.1) (< netstandard1.5)) (&& (== netstandard2.1) (< netstandard1.6)) (&& (== netstandard2.1) (< netstandard2.0)) (&& (== netstandard2.1) (< portable-net45+win8+wpa81))
      System.Threading.Tasks (>= 4.3) - restriction: || (&& (== net45) (< portable-net45+win8+wpa81)) (&& (== net45) (>= uap10.0)) (&& (== net46) (< net45)) (&& (== net46) (< portable-net45+win8+wpa81)) (&& (== net46) (>= uap10.0)) (&& (== net5.0) (< netstandard1.2)) (&& (== net5.0) (< netstandard1.3)) (&& (== net5.0) (< netstandard1.4)) (&& (== net5.0) (< netstandard1.5)) (&& (== net5.0) (< netstandard1.6)) (&& (== net5.0) (< netstandard2.0)) (&& (== net5.0) (< portable-net45+win8+wpa81)) (&& (== netcoreapp3.1) (< netstandard1.2)) (&& (== netcoreapp3.1) (< netstandard1.3)) (&& (== netcoreapp3.1) (< netstandard1.4)) (&& (== netcoreapp3.1) (< netstandard1.5)) (&& (== netcoreapp3.1) (< netstandard1.6)) (&& (== netcoreapp3.1) (< netstandard2.0)) (&& (== netcoreapp3.1) (< portable-net45+win8+wpa81)) (== netstandard1.6) (&& (== netstandard2.0) (< netstandard1.2)) (&& (== netstandard2.0) (< netstandard1.3)) (&& (== netstandard2.0) (< netstandard1.4)) (&& (== netstandard2.0) (< netstandard1.5)) (&& (== netstandard2.0) (< netstandard1.6)) (&& (== netstandard2.0) (< portable-net45+win8+wpa81)) (&& (== netstandard2.1) (< netstandard1.2)) (&& (== netstandard2.1) (< netstandard1.3)) (&& (== netstandard2.1) (< netstandard1.4)) (&& (== netstandard2.1) (< netstandard1.5)) (&& (== netstandard2.1) (< netstandard1.6)) (&& (== netstandard2.1) (< netstandard2.0)) (&& (== netstandard2.1) (< portable-net45+win8+wpa81))
      System.Threading.Timer (>= 4.3) - restriction: || (&& (== net45) (>= uap10.0)) (&& (== net46) (< net45)) (&& (== net46) (>= uap10.0)) (&& (== net5.0) (< netstandard1.3)) (&& (== net5.0) (< netstandard1.4)) (&& (== net5.0) (< netstandard1.5)) (&& (== net5.0) (< netstandard1.6)) (&& (== net5.0) (< netstandard2.0)) (&& (== netcoreapp3.1) (< netstandard1.3)) (&& (== netcoreapp3.1) (< netstandard1.4)) (&& (== netcoreapp3.1) (< netstandard1.5)) (&& (== netcoreapp3.1) (< netstandard1.6)) (&& (== netcoreapp3.1) (< netstandard2.0)) (== netstandard1.6) (&& (== netstandard2.0) (< netstandard1.3)) (&& (== netstandard2.0) (< netstandard1.4)) (&& (== netstandard2.0) (< netstandard1.5)) (&& (== netstandard2.0) (< netstandard1.6)) (&& (== netstandard2.1) (< netstandard1.3)) (&& (== netstandard2.1) (< netstandard1.4)) (&& (== netstandard2.1) (< netstandard1.5)) (&& (== netstandard2.1) (< netstandard1.6)) (&& (== netstandard2.1) (< netstandard2.0))
      System.Xml.ReaderWriter (>= 4.3) - restriction: || (&& (== net45) (>= net46)) (&& (== net45) (< portable-net45+win8+wpa81)) (&& (== net45) (>= uap10.0)) (== net46) (&& (== net5.0) (< netstandard1.2)) (&& (== net5.0) (< netstandard1.3)) (&& (== net5.0) (< netstandard1.4)) (&& (== net5.0) (< netstandard1.5)) (&& (== net5.0) (< netstandard1.6)) (&& (== net5.0) (< netstandard2.0)) (&& (== net5.0) (< portable-net45+win8+wpa81)) (&& (== netcoreapp3.1) (< netstandard1.2)) (&& (== netcoreapp3.1) (< netstandard1.3)) (&& (== netcoreapp3.1) (< netstandard1.4)) (&& (== netcoreapp3.1) (< netstandard1.5)) (&& (== netcoreapp3.1) (< netstandard1.6)) (&& (== netcoreapp3.1) (< netstandard2.0)) (&& (== netcoreapp3.1) (< portable-net45+win8+wpa81)) (== netstandard1.6) (&& (== netstandard2.0) (< netstandard1.2)) (&& (== netstandard2.0) (< netstandard1.3)) (&& (== netstandard2.0) (< netstandard1.4)) (&& (== netstandard2.0) (< netstandard1.5)) (&& (== netstandard2.0) (< netstandard1.6)) (&& (== netstandard2.0) (< portable-net45+win8+wpa81)) (&& (== netstandard2.1) (< netstandard1.2)) (&& (== netstandard2.1) (< netstandard1.3)) (&& (== netstandard2.1) (< netstandard1.4)) (&& (== netstandard2.1) (< netstandard1.5)) (&& (== netstandard2.1) (< netstandard1.6)) (&& (== netstandard2.1) (< netstandard2.0)) (&& (== netstandard2.1) (< portable-net45+win8+wpa81))
      System.Xml.XDocument (>= 4.3) - restriction: || (&& (== net45) (< portable-net45+win8+wpa81)) (&& (== net45) (>= uap10.0)) (&& (== net46) (< net45)) (&& (== net46) (< portable-net45+win8+wpa81)) (&& (== net46) (>= uap10.0)) (&& (== net5.0) (< netstandard1.2)) (&& (== net5.0) (< netstandard1.3)) (&& (== net5.0) (< netstandard1.4)) (&& (== net5.0) (< netstandard1.5)) (&& (== net5.0) (< netstandard1.6)) (&& (== net5.0) (< netstandard2.0)) (&& (== net5.0) (< portable-net45+win8+wpa81)) (&& (== netcoreapp3.1) (< netstandard1.2)) (&& (== netcoreapp3.1) (< netstandard1.3)) (&& (== netcoreapp3.1) (< netstandard1.4)) (&& (== netcoreapp3.1) (< netstandard1.5)) (&& (== netcoreapp3.1) (< netstandard1.6)) (&& (== netcoreapp3.1) (< netstandard2.0)) (&& (== netcoreapp3.1) (< portable-net45+win8+wpa81)) (== netstandard1.6) (&& (== netstandard2.0) (< netstandard1.2)) (&& (== netstandard2.0) (< netstandard1.3)) (&& (== netstandard2.0) (< netstandard1.4)) (&& (== netstandard2.0) (< netstandard1.5)) (&& (== netstandard2.0) (< netstandard1.6)) (&& (== netstandard2.0) (< portable-net45+win8+wpa81)) (&& (== netstandard2.1) (< netstandard1.2)) (&& (== netstandard2.1) (< netstandard1.3)) (&& (== netstandard2.1) (< netstandard1.4)) (&& (== netstandard2.1) (< netstandard1.5)) (&& (== netstandard2.1) (< netstandard1.6)) (&& (== netstandard2.1) (< netstandard2.0)) (&& (== netstandard2.1) (< portable-net45+win8+wpa81))
    Newtonsoft.Json (13.0.1) - restriction: || (&& (== net45) (>= netcoreapp1.0)) (&& (== net46) (>= netcoreapp1.0)) (== net5.0) (== netcoreapp3.1) (&& (== netstandard1.6) (>= netcoreapp1.0)) (&& (== netstandard2.0) (>= netcoreapp1.0)) (&& (== netstandard2.1) (>= netcoreapp1.0))
    NuGet.Frameworks (5.10) - restriction: || (&& (== net45) (>= netcoreapp1.0)) (&& (== net45) (>= netcoreapp2.1)) (&& (== net46) (>= netcoreapp1.0)) (&& (== net46) (>= netcoreapp2.1)) (== net5.0) (== netcoreapp3.1) (&& (== netstandard1.6) (>= net45) (>= netcoreapp1.0) (< netstandard1.3)) (&& (== netstandard1.6) (>= net451) (>= netcoreapp1.0)) (&& (== netstandard1.6) (>= netcoreapp1.0) (>= netstandard2.0)) (&& (== netstandard1.6) (>= netcoreapp2.1)) (&& (== netstandard2.0) (>= netcoreapp1.0)) (&& (== netstandard2.0) (>= netcoreapp2.1)) (&& (== netstandard2.1) (>= netcoreapp1.0)) (&& (== netstandard2.1) (>= netcoreapp2.1))
    Perfolizer (0.2.1) - restriction: || (&& (== net45) (>= netstandard2.0)) (&& (== net46) (>= netstandard2.0)) (== net5.0) (== netcoreapp3.1) (&& (== netstandard1.6) (>= netstandard2.0)) (== netstandard2.0) (== netstandard2.1)
      System.Memory (>= 4.5.3) - restriction: || (&& (== net45) (>= netstandard2.0)) (&& (== net46) (>= netstandard2.0)) (== net5.0) (== netcoreapp3.1) (&& (== netstandard1.6) (>= netstandard2.0)) (== netstandard2.0) (== netstandard2.1)
    runtime.debian.8-x64.runtime.native.System.Security.Cryptography.OpenSsl (4.3.3) - restriction: || (&& (== net45) (== net5.0)) (&& (== net45) (== netcoreapp3.1)) (&& (== net45) (== netstandard2.1)) (&& (== net46) (== net5.0)) (&& (== net46) (== netcoreapp3.1)) (&& (== net46) (== netstandard2.0)) (&& (== net46) (== netstandard2.1)) (&& (== net46) (< net45) (>= netstandard1.6)) (&& (== net46) (>= netstandard1.6) (>= uap10.0)) (&& (== net5.0) (< netstandard1.2)) (&& (== net5.0) (< netstandard1.3)) (&& (== net5.0) (< netstandard1.4)) (&& (== net5.0) (< netstandard1.5)) (&& (== net5.0) (< netstandard1.6)) (&& (== net5.0) (< netstandard2.0)) (&& (== netcoreapp3.1) (< netstandard1.2)) (&& (== netcoreapp3.1) (< netstandard1.3)) (&& (== netcoreapp3.1) (< netstandard1.4)) (&& (== netcoreapp3.1) (< netstandard1.5)) (&& (== netcoreapp3.1) (< netstandard1.6)) (&& (== netcoreapp3.1) (< netstandard2.0)) (== netstandard1.6) (&& (== netstandard2.1) (< netstandard1.2)) (&& (== netstandard2.1) (< netstandard1.3)) (&& (== netstandard2.1) (< netstandard1.4)) (&& (== netstandard2.1) (< netstandard1.5)) (&& (== netstandard2.1) (< netstandard1.6)) (&& (== netstandard2.1) (< netstandard2.0))
    runtime.debian.9-x64.runtime.native.System.Security.Cryptography.OpenSsl (4.3.3) - restriction: || (&& (== net45) (== net5.0)) (&& (== net45) (== netcoreapp3.1)) (&& (== net45) (== netstandard2.1)) (&& (== net46) (== net5.0)) (&& (== net46) (== netcoreapp3.1)) (&& (== net46) (== netstandard2.0)) (&& (== net46) (== netstandard2.1)) (&& (== net46) (< net45) (>= netstandard1.6)) (&& (== net46) (>= netstandard1.6) (>= uap10.0)) (&& (== net5.0) (< netstandard1.2)) (&& (== net5.0) (< netstandard1.3)) (&& (== net5.0) (< netstandard1.4)) (&& (== net5.0) (< netstandard1.5)) (&& (== net5.0) (< netstandard1.6)) (&& (== net5.0) (< netstandard2.0)) (&& (== netcoreapp3.1) (< netstandard1.2)) (&& (== netcoreapp3.1) (< netstandard1.3)) (&& (== netcoreapp3.1) (< netstandard1.4)) (&& (== netcoreapp3.1) (< netstandard1.5)) (&& (== netcoreapp3.1) (< netstandard1.6)) (&& (== netcoreapp3.1) (< netstandard2.0)) (== netstandard1.6) (&& (== netstandard2.1) (< netstandard1.2)) (&& (== netstandard2.1) (< netstandard1.3)) (&& (== netstandard2.1) (< netstandard1.4)) (&& (== netstandard2.1) (< netstandard1.5)) (&& (== netstandard2.1) (< netstandard1.6)) (&& (== netstandard2.1) (< netstandard2.0))
    runtime.fedora.23-x64.runtime.native.System.Security.Cryptography.OpenSsl (4.3.3) - restriction: || (&& (== net45) (== net5.0)) (&& (== net45) (== netcoreapp3.1)) (&& (== net45) (== netstandard2.1)) (&& (== net46) (== net5.0)) (&& (== net46) (== netcoreapp3.1)) (&& (== net46) (== netstandard2.0)) (&& (== net46) (== netstandard2.1)) (&& (== net46) (< net45) (>= netstandard1.6)) (&& (== net46) (>= netstandard1.6) (>= uap10.0)) (&& (== net5.0) (< netstandard1.2)) (&& (== net5.0) (< netstandard1.3)) (&& (== net5.0) (< netstandard1.4)) (&& (== net5.0) (< netstandard1.5)) (&& (== net5.0) (< netstandard1.6)) (&& (== net5.0) (< netstandard2.0)) (&& (== netcoreapp3.1) (< netstandard1.2)) (&& (== netcoreapp3.1) (< netstandard1.3)) (&& (== netcoreapp3.1) (< netstandard1.4)) (&& (== netcoreapp3.1) (< netstandard1.5)) (&& (== netcoreapp3.1) (< netstandard1.6)) (&& (== netcoreapp3.1) (< netstandard2.0)) (== netstandard1.6) (&& (== netstandard2.1) (< netstandard1.2)) (&& (== netstandard2.1) (< netstandard1.3)) (&& (== netstandard2.1) (< netstandard1.4)) (&& (== netstandard2.1) (< netstandard1.5)) (&& (== netstandard2.1) (< netstandard1.6)) (&& (== netstandard2.1) (< netstandard2.0))
    runtime.fedora.24-x64.runtime.native.System.Security.Cryptography.OpenSsl (4.3.3) - restriction: || (&& (== net45) (== net5.0)) (&& (== net45) (== netcoreapp3.1)) (&& (== net45) (== netstandard2.1)) (&& (== net46) (== net5.0)) (&& (== net46) (== netcoreapp3.1)) (&& (== net46) (== netstandard2.0)) (&& (== net46) (== netstandard2.1)) (&& (== net46) (< net45) (>= netstandard1.6)) (&& (== net46) (>= netstandard1.6) (>= uap10.0)) (&& (== net5.0) (< netstandard1.2)) (&& (== net5.0) (< netstandard1.3)) (&& (== net5.0) (< netstandard1.4)) (&& (== net5.0) (< netstandard1.5)) (&& (== net5.0) (< netstandard1.6)) (&& (== net5.0) (< netstandard2.0)) (&& (== netcoreapp3.1) (< netstandard1.2)) (&& (== netcoreapp3.1) (< netstandard1.3)) (&& (== netcoreapp3.1) (< netstandard1.4)) (&& (== netcoreapp3.1) (< netstandard1.5)) (&& (== netcoreapp3.1) (< netstandard1.6)) (&& (== netcoreapp3.1) (< netstandard2.0)) (== netstandard1.6) (&& (== netstandard2.1) (< netstandard1.2)) (&& (== netstandard2.1) (< netstandard1.3)) (&& (== netstandard2.1) (< netstandard1.4)) (&& (== netstandard2.1) (< netstandard1.5)) (&& (== netstandard2.1) (< netstandard1.6)) (&& (== netstandard2.1) (< netstandard2.0))
    runtime.fedora.27-x64.runtime.native.System.Security.Cryptography.OpenSsl (4.3.3) - restriction: || (&& (== net45) (== net5.0)) (&& (== net45) (== netcoreapp3.1)) (&& (== net45) (== netstandard2.1)) (&& (== net46) (== net5.0)) (&& (== net46) (== netcoreapp3.1)) (&& (== net46) (== netstandard2.0)) (&& (== net46) (== netstandard2.1)) (&& (== net46) (< net45) (>= netstandard1.6)) (&& (== net46) (>= netstandard1.6) (>= uap10.0)) (&& (== net5.0) (< netstandard1.2)) (&& (== net5.0) (< netstandard1.3)) (&& (== net5.0) (< netstandard1.4)) (&& (== net5.0) (< netstandard1.5)) (&& (== net5.0) (< netstandard1.6)) (&& (== net5.0) (< netstandard2.0)) (&& (== netcoreapp3.1) (< netstandard1.2)) (&& (== netcoreapp3.1) (< netstandard1.3)) (&& (== netcoreapp3.1) (< netstandard1.4)) (&& (== netcoreapp3.1) (< netstandard1.5)) (&& (== netcoreapp3.1) (< netstandard1.6)) (&& (== netcoreapp3.1) (< netstandard2.0)) (== netstandard1.6) (&& (== netstandard2.1) (< netstandard1.2)) (&& (== netstandard2.1) (< netstandard1.3)) (&& (== netstandard2.1) (< netstandard1.4)) (&& (== netstandard2.1) (< netstandard1.5)) (&& (== netstandard2.1) (< netstandard1.6)) (&& (== netstandard2.1) (< netstandard2.0))
    runtime.fedora.28-x64.runtime.native.System.Security.Cryptography.OpenSsl (4.3.3) - restriction: || (&& (== net45) (== net5.0)) (&& (== net45) (== netcoreapp3.1)) (&& (== net45) (== netstandard2.1)) (&& (== net46) (== net5.0)) (&& (== net46) (== netcoreapp3.1)) (&& (== net46) (== netstandard2.0)) (&& (== net46) (== netstandard2.1)) (&& (== net46) (< net45) (>= netstandard1.6)) (&& (== net46) (>= netstandard1.6) (>= uap10.0)) (&& (== net5.0) (< netstandard1.2)) (&& (== net5.0) (< netstandard1.3)) (&& (== net5.0) (< netstandard1.4)) (&& (== net5.0) (< netstandard1.5)) (&& (== net5.0) (< netstandard1.6)) (&& (== net5.0) (< netstandard2.0)) (&& (== netcoreapp3.1) (< netstandard1.2)) (&& (== netcoreapp3.1) (< netstandard1.3)) (&& (== netcoreapp3.1) (< netstandard1.4)) (&& (== netcoreapp3.1) (< netstandard1.5)) (&& (== netcoreapp3.1) (< netstandard1.6)) (&& (== netcoreapp3.1) (< netstandard2.0)) (== netstandard1.6) (&& (== netstandard2.1) (< netstandard1.2)) (&& (== netstandard2.1) (< netstandard1.3)) (&& (== netstandard2.1) (< netstandard1.4)) (&& (== netstandard2.1) (< netstandard1.5)) (&& (== netstandard2.1) (< netstandard1.6)) (&& (== netstandard2.1) (< netstandard2.0))
    runtime.native.System (4.3.1) - restriction: || (&& (== net45) (== net5.0)) (&& (== net45) (== netcoreapp3.1)) (&& (== net45) (== netstandard2.1)) (&& (== net46) (== net5.0)) (&& (== net46) (== netcoreapp3.1)) (&& (== net46) (== netstandard2.0)) (&& (== net46) (== netstandard2.1)) (&& (== net46) (< net45) (>= netstandard1.6)) (&& (== net46) (>= netstandard1.6) (>= uap10.0)) (&& (== net5.0) (< netstandard1.2)) (&& (== net5.0) (< netstandard1.3)) (&& (== net5.0) (< netstandard1.4)) (&& (== net5.0) (< netstandard1.5)) (&& (== net5.0) (< netstandard1.6)) (&& (== net5.0) (< netstandard2.0)) (&& (== netcoreapp3.1) (< netstandard1.2)) (&& (== netcoreapp3.1) (< netstandard1.3)) (&& (== netcoreapp3.1) (< netstandard1.4)) (&& (== netcoreapp3.1) (< netstandard1.5)) (&& (== netcoreapp3.1) (< netstandard1.6)) (&& (== netcoreapp3.1) (< netstandard2.0)) (== netstandard1.6) (&& (== netstandard2.1) (< netstandard1.2)) (&& (== netstandard2.1) (< netstandard1.3)) (&& (== netstandard2.1) (< netstandard1.4)) (&& (== netstandard2.1) (< netstandard1.5)) (&& (== netstandard2.1) (< netstandard1.6)) (&& (== netstandard2.1) (< netstandard2.0))
      Microsoft.NETCore.Platforms (>= 1.1.1)
      Microsoft.NETCore.Targets (>= 1.1.3)
    runtime.native.System.IO.Compression (4.3.2) - restriction: || (&& (== net45) (== net5.0)) (&& (== net45) (== netcoreapp3.1)) (&& (== net45) (== netstandard2.1)) (&& (== net46) (== net5.0)) (&& (== net46) (== netcoreapp3.1)) (&& (== net46) (== netstandard2.0)) (&& (== net46) (== netstandard2.1)) (&& (== net46) (< net45) (>= netstandard1.6)) (&& (== net46) (>= netstandard1.6) (>= uap10.0)) (&& (== net5.0) (< netstandard1.2)) (&& (== net5.0) (< netstandard1.3)) (&& (== net5.0) (< netstandard1.4)) (&& (== net5.0) (< netstandard1.5)) (&& (== net5.0) (< netstandard1.6)) (&& (== net5.0) (< netstandard2.0)) (&& (== netcoreapp3.1) (< netstandard1.2)) (&& (== netcoreapp3.1) (< netstandard1.3)) (&& (== netcoreapp3.1) (< netstandard1.4)) (&& (== netcoreapp3.1) (< netstandard1.5)) (&& (== netcoreapp3.1) (< netstandard1.6)) (&& (== netcoreapp3.1) (< netstandard2.0)) (== netstandard1.6) (&& (== netstandard2.1) (< netstandard1.2)) (&& (== netstandard2.1) (< netstandard1.3)) (&& (== netstandard2.1) (< netstandard1.4)) (&& (== netstandard2.1) (< netstandard1.5)) (&& (== netstandard2.1) (< netstandard1.6)) (&& (== netstandard2.1) (< netstandard2.0))
      Microsoft.NETCore.Platforms (>= 1.1.1)
      Microsoft.NETCore.Targets (>= 1.1.3)
    runtime.native.System.Net.Http (4.3.1) - restriction: || (&& (== net45) (== net5.0)) (&& (== net45) (== netcoreapp3.1)) (&& (== net45) (== netstandard2.1)) (&& (== net46) (== net5.0)) (&& (== net46) (== netcoreapp3.1)) (&& (== net46) (== netstandard2.0)) (&& (== net46) (== netstandard2.1)) (&& (== net46) (< net45) (>= netstandard1.6)) (&& (== net46) (>= netstandard1.6) (>= uap10.0)) (&& (== net5.0) (< netstandard1.2)) (&& (== net5.0) (< netstandard1.3)) (&& (== net5.0) (< netstandard1.4)) (&& (== net5.0) (< netstandard1.5)) (&& (== net5.0) (< netstandard1.6)) (&& (== net5.0) (< netstandard2.0)) (&& (== netcoreapp3.1) (< netstandard1.2)) (&& (== netcoreapp3.1) (< netstandard1.3)) (&& (== netcoreapp3.1) (< netstandard1.4)) (&& (== netcoreapp3.1) (< netstandard1.5)) (&& (== netcoreapp3.1) (< netstandard1.6)) (&& (== netcoreapp3.1) (< netstandard2.0)) (== netstandard1.6) (&& (== netstandard2.1) (< netstandard1.2)) (&& (== netstandard2.1) (< netstandard1.3)) (&& (== netstandard2.1) (< netstandard1.4)) (&& (== netstandard2.1) (< netstandard1.5)) (&& (== netstandard2.1) (< netstandard1.6)) (&& (== netstandard2.1) (< netstandard2.0))
      Microsoft.NETCore.Platforms (>= 1.1.1)
      Microsoft.NETCore.Targets (>= 1.1.3)
    runtime.native.System.Security.Cryptography.Apple (4.3.1) - restriction: || (&& (== net45) (== net5.0)) (&& (== net45) (== netcoreapp3.1)) (&& (== net45) (== netstandard2.1)) (&& (== net46) (== net5.0)) (&& (== net46) (== netcoreapp3.1)) (&& (== net46) (== netstandard2.0)) (&& (== net46) (== netstandard2.1)) (&& (== net46) (< net45) (>= netstandard1.6)) (&& (== net46) (>= netstandard1.6) (>= uap10.0)) (&& (== net5.0) (< netstandard1.4)) (&& (== net5.0) (< netstandard1.5)) (&& (== net5.0) (< netstandard1.6)) (&& (== net5.0) (< netstandard2.0)) (&& (== netcoreapp3.1) (< netstandard1.4)) (&& (== netcoreapp3.1) (< netstandard1.5)) (&& (== netcoreapp3.1) (< netstandard1.6)) (&& (== netcoreapp3.1) (< netstandard2.0)) (== netstandard1.6) (&& (== netstandard2.1) (< netstandard1.4)) (&& (== netstandard2.1) (< netstandard1.5)) (&& (== netstandard2.1) (< netstandard1.6)) (&& (== netstandard2.1) (< netstandard2.0))
      runtime.osx.10.10-x64.runtime.native.System.Security.Cryptography.Apple (>= 4.3.1)
    runtime.native.System.Security.Cryptography.OpenSsl (4.3.3) - restriction: || (&& (== net45) (== net5.0)) (&& (== net45) (== netcoreapp3.1)) (&& (== net45) (== netstandard2.1)) (&& (== net46) (== net5.0)) (&& (== net46) (== netcoreapp3.1)) (&& (== net46) (== netstandard2.0)) (&& (== net46) (== netstandard2.1)) (&& (== net46) (< net45) (>= netstandard1.6)) (&& (== net46) (>= netstandard1.6) (>= uap10.0)) (&& (== net5.0) (< netstandard1.2)) (&& (== net5.0) (< netstandard1.3)) (&& (== net5.0) (< netstandard1.4)) (&& (== net5.0) (< netstandard1.5)) (&& (== net5.0) (< netstandard1.6)) (&& (== net5.0) (< netstandard2.0)) (&& (== netcoreapp3.1) (< netstandard1.2)) (&& (== netcoreapp3.1) (< netstandard1.3)) (&& (== netcoreapp3.1) (< netstandard1.4)) (&& (== netcoreapp3.1) (< netstandard1.5)) (&& (== netcoreapp3.1) (< netstandard1.6)) (&& (== netcoreapp3.1) (< netstandard2.0)) (== netstandard1.6) (&& (== netstandard2.1) (< netstandard1.2)) (&& (== netstandard2.1) (< netstandard1.3)) (&& (== netstandard2.1) (< netstandard1.4)) (&& (== netstandard2.1) (< netstandard1.5)) (&& (== netstandard2.1) (< netstandard1.6)) (&& (== netstandard2.1) (< netstandard2.0))
      runtime.debian.8-x64.runtime.native.System.Security.Cryptography.OpenSsl (>= 4.3.3)
      runtime.debian.9-x64.runtime.native.System.Security.Cryptography.OpenSsl (>= 4.3.3)
      runtime.fedora.23-x64.runtime.native.System.Security.Cryptography.OpenSsl (>= 4.3.3)
      runtime.fedora.24-x64.runtime.native.System.Security.Cryptography.OpenSsl (>= 4.3.3)
      runtime.fedora.27-x64.runtime.native.System.Security.Cryptography.OpenSsl (>= 4.3.3)
      runtime.fedora.28-x64.runtime.native.System.Security.Cryptography.OpenSsl (>= 4.3.3)
      runtime.opensuse.13.2-x64.runtime.native.System.Security.Cryptography.OpenSsl (>= 4.3.3)
      runtime.opensuse.42.1-x64.runtime.native.System.Security.Cryptography.OpenSsl (>= 4.3.3)
      runtime.opensuse.42.3-x64.runtime.native.System.Security.Cryptography.OpenSsl (>= 4.3.3)
      runtime.osx.10.10-x64.runtime.native.System.Security.Cryptography.OpenSsl (>= 4.3.3)
      runtime.rhel.7-x64.runtime.native.System.Security.Cryptography.OpenSsl (>= 4.3.3)
      runtime.ubuntu.14.04-x64.runtime.native.System.Security.Cryptography.OpenSsl (>= 4.3.3)
      runtime.ubuntu.16.04-x64.runtime.native.System.Security.Cryptography.OpenSsl (>= 4.3.3)
      runtime.ubuntu.16.10-x64.runtime.native.System.Security.Cryptography.OpenSsl (>= 4.3.3)
      runtime.ubuntu.18.04-x64.runtime.native.System.Security.Cryptography.OpenSsl (>= 4.3.3)
    runtime.opensuse.13.2-x64.runtime.native.System.Security.Cryptography.OpenSsl (4.3.3) - restriction: || (&& (== net45) (== net5.0)) (&& (== net45) (== netcoreapp3.1)) (&& (== net45) (== netstandard2.1)) (&& (== net46) (== net5.0)) (&& (== net46) (== netcoreapp3.1)) (&& (== net46) (== netstandard2.0)) (&& (== net46) (== netstandard2.1)) (&& (== net46) (< net45) (>= netstandard1.6)) (&& (== net46) (>= netstandard1.6) (>= uap10.0)) (&& (== net5.0) (< netstandard1.2)) (&& (== net5.0) (< netstandard1.3)) (&& (== net5.0) (< netstandard1.4)) (&& (== net5.0) (< netstandard1.5)) (&& (== net5.0) (< netstandard1.6)) (&& (== net5.0) (< netstandard2.0)) (&& (== netcoreapp3.1) (< netstandard1.2)) (&& (== netcoreapp3.1) (< netstandard1.3)) (&& (== netcoreapp3.1) (< netstandard1.4)) (&& (== netcoreapp3.1) (< netstandard1.5)) (&& (== netcoreapp3.1) (< netstandard1.6)) (&& (== netcoreapp3.1) (< netstandard2.0)) (== netstandard1.6) (&& (== netstandard2.1) (< netstandard1.2)) (&& (== netstandard2.1) (< netstandard1.3)) (&& (== netstandard2.1) (< netstandard1.4)) (&& (== netstandard2.1) (< netstandard1.5)) (&& (== netstandard2.1) (< netstandard1.6)) (&& (== netstandard2.1) (< netstandard2.0))
    runtime.opensuse.42.1-x64.runtime.native.System.Security.Cryptography.OpenSsl (4.3.3) - restriction: || (&& (== net45) (== net5.0)) (&& (== net45) (== netcoreapp3.1)) (&& (== net45) (== netstandard2.1)) (&& (== net46) (== net5.0)) (&& (== net46) (== netcoreapp3.1)) (&& (== net46) (== netstandard2.0)) (&& (== net46) (== netstandard2.1)) (&& (== net46) (< net45) (>= netstandard1.6)) (&& (== net46) (>= netstandard1.6) (>= uap10.0)) (&& (== net5.0) (< netstandard1.2)) (&& (== net5.0) (< netstandard1.3)) (&& (== net5.0) (< netstandard1.4)) (&& (== net5.0) (< netstandard1.5)) (&& (== net5.0) (< netstandard1.6)) (&& (== net5.0) (< netstandard2.0)) (&& (== netcoreapp3.1) (< netstandard1.2)) (&& (== netcoreapp3.1) (< netstandard1.3)) (&& (== netcoreapp3.1) (< netstandard1.4)) (&& (== netcoreapp3.1) (< netstandard1.5)) (&& (== netcoreapp3.1) (< netstandard1.6)) (&& (== netcoreapp3.1) (< netstandard2.0)) (== netstandard1.6) (&& (== netstandard2.1) (< netstandard1.2)) (&& (== netstandard2.1) (< netstandard1.3)) (&& (== netstandard2.1) (< netstandard1.4)) (&& (== netstandard2.1) (< netstandard1.5)) (&& (== netstandard2.1) (< netstandard1.6)) (&& (== netstandard2.1) (< netstandard2.0))
    runtime.opensuse.42.3-x64.runtime.native.System.Security.Cryptography.OpenSsl (4.3.3) - restriction: || (&& (== net45) (== net5.0)) (&& (== net45) (== netcoreapp3.1)) (&& (== net45) (== netstandard2.1)) (&& (== net46) (== net5.0)) (&& (== net46) (== netcoreapp3.1)) (&& (== net46) (== netstandard2.0)) (&& (== net46) (== netstandard2.1)) (&& (== net46) (< net45) (>= netstandard1.6)) (&& (== net46) (>= netstandard1.6) (>= uap10.0)) (&& (== net5.0) (< netstandard1.2)) (&& (== net5.0) (< netstandard1.3)) (&& (== net5.0) (< netstandard1.4)) (&& (== net5.0) (< netstandard1.5)) (&& (== net5.0) (< netstandard1.6)) (&& (== net5.0) (< netstandard2.0)) (&& (== netcoreapp3.1) (< netstandard1.2)) (&& (== netcoreapp3.1) (< netstandard1.3)) (&& (== netcoreapp3.1) (< netstandard1.4)) (&& (== netcoreapp3.1) (< netstandard1.5)) (&& (== netcoreapp3.1) (< netstandard1.6)) (&& (== netcoreapp3.1) (< netstandard2.0)) (== netstandard1.6) (&& (== netstandard2.1) (< netstandard1.2)) (&& (== netstandard2.1) (< netstandard1.3)) (&& (== netstandard2.1) (< netstandard1.4)) (&& (== netstandard2.1) (< netstandard1.5)) (&& (== netstandard2.1) (< netstandard1.6)) (&& (== netstandard2.1) (< netstandard2.0))
    runtime.osx.10.10-x64.runtime.native.System.Security.Cryptography.Apple (4.3.1) - restriction: || (&& (== net45) (== net5.0)) (&& (== net45) (== netcoreapp3.1)) (&& (== net45) (== netstandard2.1)) (&& (== net46) (== net5.0)) (&& (== net46) (== netcoreapp3.1)) (&& (== net46) (== netstandard2.0)) (&& (== net46) (== netstandard2.1)) (&& (== net46) (< net45) (>= netstandard1.6)) (&& (== net46) (>= netstandard1.6) (>= uap10.0)) (&& (== net5.0) (< netstandard1.4)) (&& (== net5.0) (< netstandard1.5)) (&& (== net5.0) (< netstandard1.6)) (&& (== net5.0) (< netstandard2.0)) (&& (== netcoreapp3.1) (< netstandard1.4)) (&& (== netcoreapp3.1) (< netstandard1.5)) (&& (== netcoreapp3.1) (< netstandard1.6)) (&& (== netcoreapp3.1) (< netstandard2.0)) (== netstandard1.6) (&& (== netstandard2.1) (< netstandard1.4)) (&& (== netstandard2.1) (< netstandard1.5)) (&& (== netstandard2.1) (< netstandard1.6)) (&& (== netstandard2.1) (< netstandard2.0))
    runtime.osx.10.10-x64.runtime.native.System.Security.Cryptography.OpenSsl (4.3.3) - restriction: || (&& (== net45) (== net5.0)) (&& (== net45) (== netcoreapp3.1)) (&& (== net45) (== netstandard2.1)) (&& (== net46) (== net5.0)) (&& (== net46) (== netcoreapp3.1)) (&& (== net46) (== netstandard2.0)) (&& (== net46) (== netstandard2.1)) (&& (== net46) (< net45) (>= netstandard1.6)) (&& (== net46) (>= netstandard1.6) (>= uap10.0)) (&& (== net5.0) (< netstandard1.2)) (&& (== net5.0) (< netstandard1.3)) (&& (== net5.0) (< netstandard1.4)) (&& (== net5.0) (< netstandard1.5)) (&& (== net5.0) (< netstandard1.6)) (&& (== net5.0) (< netstandard2.0)) (&& (== netcoreapp3.1) (< netstandard1.2)) (&& (== netcoreapp3.1) (< netstandard1.3)) (&& (== netcoreapp3.1) (< netstandard1.4)) (&& (== netcoreapp3.1) (< netstandard1.5)) (&& (== netcoreapp3.1) (< netstandard1.6)) (&& (== netcoreapp3.1) (< netstandard2.0)) (== netstandard1.6) (&& (== netstandard2.1) (< netstandard1.2)) (&& (== netstandard2.1) (< netstandard1.3)) (&& (== netstandard2.1) (< netstandard1.4)) (&& (== netstandard2.1) (< netstandard1.5)) (&& (== netstandard2.1) (< netstandard1.6)) (&& (== netstandard2.1) (< netstandard2.0))
    runtime.rhel.7-x64.runtime.native.System.Security.Cryptography.OpenSsl (4.3.3) - restriction: || (&& (== net45) (== net5.0)) (&& (== net45) (== netcoreapp3.1)) (&& (== net45) (== netstandard2.1)) (&& (== net46) (== net5.0)) (&& (== net46) (== netcoreapp3.1)) (&& (== net46) (== netstandard2.0)) (&& (== net46) (== netstandard2.1)) (&& (== net46) (< net45) (>= netstandard1.6)) (&& (== net46) (>= netstandard1.6) (>= uap10.0)) (&& (== net5.0) (< netstandard1.2)) (&& (== net5.0) (< netstandard1.3)) (&& (== net5.0) (< netstandard1.4)) (&& (== net5.0) (< netstandard1.5)) (&& (== net5.0) (< netstandard1.6)) (&& (== net5.0) (< netstandard2.0)) (&& (== netcoreapp3.1) (< netstandard1.2)) (&& (== netcoreapp3.1) (< netstandard1.3)) (&& (== netcoreapp3.1) (< netstandard1.4)) (&& (== netcoreapp3.1) (< netstandard1.5)) (&& (== netcoreapp3.1) (< netstandard1.6)) (&& (== netcoreapp3.1) (< netstandard2.0)) (== netstandard1.6) (&& (== netstandard2.1) (< netstandard1.2)) (&& (== netstandard2.1) (< netstandard1.3)) (&& (== netstandard2.1) (< netstandard1.4)) (&& (== netstandard2.1) (< netstandard1.5)) (&& (== netstandard2.1) (< netstandard1.6)) (&& (== netstandard2.1) (< netstandard2.0))
    runtime.ubuntu.14.04-x64.runtime.native.System.Security.Cryptography.OpenSsl (4.3.3) - restriction: || (&& (== net45) (== net5.0)) (&& (== net45) (== netcoreapp3.1)) (&& (== net45) (== netstandard2.1)) (&& (== net46) (== net5.0)) (&& (== net46) (== netcoreapp3.1)) (&& (== net46) (== netstandard2.0)) (&& (== net46) (== netstandard2.1)) (&& (== net46) (< net45) (>= netstandard1.6)) (&& (== net46) (>= netstandard1.6) (>= uap10.0)) (&& (== net5.0) (< netstandard1.2)) (&& (== net5.0) (< netstandard1.3)) (&& (== net5.0) (< netstandard1.4)) (&& (== net5.0) (< netstandard1.5)) (&& (== net5.0) (< netstandard1.6)) (&& (== net5.0) (< netstandard2.0)) (&& (== netcoreapp3.1) (< netstandard1.2)) (&& (== netcoreapp3.1) (< netstandard1.3)) (&& (== netcoreapp3.1) (< netstandard1.4)) (&& (== netcoreapp3.1) (< netstandard1.5)) (&& (== netcoreapp3.1) (< netstandard1.6)) (&& (== netcoreapp3.1) (< netstandard2.0)) (== netstandard1.6) (&& (== netstandard2.1) (< netstandard1.2)) (&& (== netstandard2.1) (< netstandard1.3)) (&& (== netstandard2.1) (< netstandard1.4)) (&& (== netstandard2.1) (< netstandard1.5)) (&& (== netstandard2.1) (< netstandard1.6)) (&& (== netstandard2.1) (< netstandard2.0))
    runtime.ubuntu.16.04-x64.runtime.native.System.Security.Cryptography.OpenSsl (4.3.3) - restriction: || (&& (== net45) (== net5.0)) (&& (== net45) (== netcoreapp3.1)) (&& (== net45) (== netstandard2.1)) (&& (== net46) (== net5.0)) (&& (== net46) (== netcoreapp3.1)) (&& (== net46) (== netstandard2.0)) (&& (== net46) (== netstandard2.1)) (&& (== net46) (< net45) (>= netstandard1.6)) (&& (== net46) (>= netstandard1.6) (>= uap10.0)) (&& (== net5.0) (< netstandard1.2)) (&& (== net5.0) (< netstandard1.3)) (&& (== net5.0) (< netstandard1.4)) (&& (== net5.0) (< netstandard1.5)) (&& (== net5.0) (< netstandard1.6)) (&& (== net5.0) (< netstandard2.0)) (&& (== netcoreapp3.1) (< netstandard1.2)) (&& (== netcoreapp3.1) (< netstandard1.3)) (&& (== netcoreapp3.1) (< netstandard1.4)) (&& (== netcoreapp3.1) (< netstandard1.5)) (&& (== netcoreapp3.1) (< netstandard1.6)) (&& (== netcoreapp3.1) (< netstandard2.0)) (== netstandard1.6) (&& (== netstandard2.1) (< netstandard1.2)) (&& (== netstandard2.1) (< netstandard1.3)) (&& (== netstandard2.1) (< netstandard1.4)) (&& (== netstandard2.1) (< netstandard1.5)) (&& (== netstandard2.1) (< netstandard1.6)) (&& (== netstandard2.1) (< netstandard2.0))
    runtime.ubuntu.16.10-x64.runtime.native.System.Security.Cryptography.OpenSsl (4.3.3) - restriction: || (&& (== net45) (== net5.0)) (&& (== net45) (== netcoreapp3.1)) (&& (== net45) (== netstandard2.1)) (&& (== net46) (== net5.0)) (&& (== net46) (== netcoreapp3.1)) (&& (== net46) (== netstandard2.0)) (&& (== net46) (== netstandard2.1)) (&& (== net46) (< net45) (>= netstandard1.6)) (&& (== net46) (>= netstandard1.6) (>= uap10.0)) (&& (== net5.0) (< netstandard1.2)) (&& (== net5.0) (< netstandard1.3)) (&& (== net5.0) (< netstandard1.4)) (&& (== net5.0) (< netstandard1.5)) (&& (== net5.0) (< netstandard1.6)) (&& (== net5.0) (< netstandard2.0)) (&& (== netcoreapp3.1) (< netstandard1.2)) (&& (== netcoreapp3.1) (< netstandard1.3)) (&& (== netcoreapp3.1) (< netstandard1.4)) (&& (== netcoreapp3.1) (< netstandard1.5)) (&& (== netcoreapp3.1) (< netstandard1.6)) (&& (== netcoreapp3.1) (< netstandard2.0)) (== netstandard1.6) (&& (== netstandard2.1) (< netstandard1.2)) (&& (== netstandard2.1) (< netstandard1.3)) (&& (== netstandard2.1) (< netstandard1.4)) (&& (== netstandard2.1) (< netstandard1.5)) (&& (== netstandard2.1) (< netstandard1.6)) (&& (== netstandard2.1) (< netstandard2.0))
    runtime.ubuntu.18.04-x64.runtime.native.System.Security.Cryptography.OpenSsl (4.3.3) - restriction: || (&& (== net45) (== net5.0)) (&& (== net45) (== netcoreapp3.1)) (&& (== net45) (== netstandard2.1)) (&& (== net46) (== net5.0)) (&& (== net46) (== netcoreapp3.1)) (&& (== net46) (== netstandard2.0)) (&& (== net46) (== netstandard2.1)) (&& (== net46) (< net45) (>= netstandard1.6)) (&& (== net46) (>= netstandard1.6) (>= uap10.0)) (&& (== net5.0) (< netstandard1.2)) (&& (== net5.0) (< netstandard1.3)) (&& (== net5.0) (< netstandard1.4)) (&& (== net5.0) (< netstandard1.5)) (&& (== net5.0) (< netstandard1.6)) (&& (== net5.0) (< netstandard2.0)) (&& (== netcoreapp3.1) (< netstandard1.2)) (&& (== netcoreapp3.1) (< netstandard1.3)) (&& (== netcoreapp3.1) (< netstandard1.4)) (&& (== netcoreapp3.1) (< netstandard1.5)) (&& (== netcoreapp3.1) (< netstandard1.6)) (&& (== netcoreapp3.1) (< netstandard2.0)) (== netstandard1.6) (&& (== netstandard2.1) (< netstandard1.2)) (&& (== netstandard2.1) (< netstandard1.3)) (&& (== netstandard2.1) (< netstandard1.4)) (&& (== netstandard2.1) (< netstandard1.5)) (&& (== netstandard2.1) (< netstandard1.6)) (&& (== netstandard2.1) (< netstandard2.0))
    SharpZipLib (1.3.3)
    System.AppContext (4.3) - restriction: || (&& (== net45) (== net5.0)) (&& (== net45) (== netcoreapp3.1)) (&& (== net45) (== netstandard2.1)) (&& (== net46) (== net5.0)) (&& (== net46) (== netcoreapp3.1)) (&& (== net46) (== netstandard2.0)) (&& (== net46) (== netstandard2.1)) (&& (== net46) (< net45) (>= netstandard1.6)) (&& (== net46) (>= netstandard1.6) (>= uap10.0)) (&& (== net5.0) (< netstandard1.4)) (&& (== net5.0) (< netstandard1.5)) (&& (== net5.0) (< netstandard1.6)) (&& (== net5.0) (< netstandard2.0)) (&& (== netcoreapp3.1) (< netstandard1.4)) (&& (== netcoreapp3.1) (< netstandard1.5)) (&& (== netcoreapp3.1) (< netstandard1.6)) (&& (== netcoreapp3.1) (< netstandard2.0)) (== netstandard1.6) (&& (== netstandard2.1) (< netstandard1.4)) (&& (== netstandard2.1) (< netstandard1.5)) (&& (== netstandard2.1) (< netstandard1.6)) (&& (== netstandard2.1) (< netstandard2.0))
      System.Runtime (>= 4.3) - restriction: || (&& (== net45) (>= netstandard1.3)) (&& (== net45) (>= netstandard1.6)) (== net5.0) (== netcoreapp3.1) (== netstandard1.6) (== netstandard2.0) (== netstandard2.1)
    System.Buffers (4.5.1)
    System.CodeDom (5.0) - restriction: || (&& (== net45) (>= netcoreapp2.0)) (&& (== net46) (< net45) (>= netstandard2.0)) (&& (== net46) (>= netcoreapp2.0)) (== net5.0) (== netcoreapp3.1) (&& (== netstandard1.6) (>= netcoreapp2.0)) (&& (== netstandard1.6) (>= netstandard2.0)) (== netstandard2.0) (== netstandard2.1)
    System.Collections (4.3) - restriction: || (&& (== net45) (== net5.0)) (&& (== net45) (== netcoreapp3.1)) (&& (== net45) (== netstandard2.1)) (&& (== net46) (== net5.0)) (&& (== net46) (== netcoreapp3.1)) (&& (== net46) (== netstandard2.0)) (&& (== net46) (== netstandard2.1)) (&& (== net46) (< net45) (>= netstandard1.6)) (&& (== net46) (>= netstandard1.6) (< portable-net45+win8+wpa81)) (&& (== net46) (>= netstandard1.6) (>= uap10.0)) (&& (== net5.0) (< netstandard1.2)) (&& (== net5.0) (< netstandard1.3)) (&& (== net5.0) (< netstandard1.4)) (&& (== net5.0) (< netstandard1.5)) (&& (== net5.0) (< netstandard1.6)) (&& (== net5.0) (< netstandard2.0)) (&& (== net5.0) (< portable-net45+win8+wpa81)) (&& (== netcoreapp3.1) (< netstandard1.2)) (&& (== netcoreapp3.1) (< netstandard1.3)) (&& (== netcoreapp3.1) (< netstandard1.4)) (&& (== netcoreapp3.1) (< netstandard1.5)) (&& (== netcoreapp3.1) (< netstandard1.6)) (&& (== netcoreapp3.1) (< netstandard2.0)) (&& (== netcoreapp3.1) (< portable-net45+win8+wpa81)) (== netstandard1.6) (&& (== netstandard2.1) (< netstandard1.2)) (&& (== netstandard2.1) (< netstandard1.3)) (&& (== netstandard2.1) (< netstandard1.4)) (&& (== netstandard2.1) (< netstandard1.5)) (&& (== netstandard2.1) (< netstandard1.6)) (&& (== netstandard2.1) (< netstandard2.0)) (&& (== netstandard2.1) (< portable-net45+win8+wpa81))
      Microsoft.NETCore.Platforms (>= 1.1) - restriction: || (&& (== net46) (< net45)) (== net5.0) (== netcoreapp3.1) (== netstandard1.6) (== netstandard2.0) (== netstandard2.1)
      Microsoft.NETCore.Targets (>= 1.1) - restriction: || (&& (== net46) (< net45)) (== net5.0) (== netcoreapp3.1) (== netstandard1.6) (== netstandard2.0) (== netstandard2.1)
      System.Runtime (>= 4.3) - restriction: || (&& (== net46) (< net45)) (== net5.0) (== netcoreapp3.1) (== netstandard1.6) (== netstandard2.0) (== netstandard2.1)
    System.Collections.Concurrent (4.3) - restriction: || (&& (== net45) (== net5.0)) (&& (== net45) (== netcoreapp3.1)) (&& (== net45) (== netstandard2.1)) (&& (== net46) (== net5.0)) (&& (== net46) (== netcoreapp3.1)) (&& (== net46) (== netstandard2.0)) (&& (== net46) (== netstandard2.1)) (&& (== net46) (< net45) (>= netstandard1.6)) (&& (== net46) (>= netstandard1.6) (>= uap10.0)) (&& (== net5.0) (< netstandard1.2)) (&& (== net5.0) (< netstandard1.3)) (&& (== net5.0) (< netstandard1.4)) (&& (== net5.0) (< netstandard1.5)) (&& (== net5.0) (< netstandard1.6)) (&& (== net5.0) (< netstandard2.0)) (&& (== netcoreapp3.1) (< netstandard1.2)) (&& (== netcoreapp3.1) (< netstandard1.3)) (&& (== netcoreapp3.1) (< netstandard1.4)) (&& (== netcoreapp3.1) (< netstandard1.5)) (&& (== netcoreapp3.1) (< netstandard1.6)) (&& (== netcoreapp3.1) (< netstandard2.0)) (== netstandard1.6) (&& (== netstandard2.1) (< netstandard1.2)) (&& (== netstandard2.1) (< netstandard1.3)) (&& (== netstandard2.1) (< netstandard1.4)) (&& (== netstandard2.1) (< netstandard1.5)) (&& (== netstandard2.1) (< netstandard1.6)) (&& (== netstandard2.1) (< netstandard2.0))
      System.Collections (>= 4.3) - restriction: || (&& (== net46) (< net45)) (== net5.0) (== netcoreapp3.1) (== netstandard1.6) (== netstandard2.0) (== netstandard2.1)
      System.Diagnostics.Debug (>= 4.3) - restriction: || (&& (== net46) (< net45)) (== net5.0) (== netcoreapp3.1) (== netstandard1.6) (== netstandard2.0) (== netstandard2.1)
      System.Diagnostics.Tracing (>= 4.3) - restriction: || (&& (== net46) (< net45)) (== net5.0) (== netcoreapp3.1) (== netstandard1.6) (== netstandard2.0) (== netstandard2.1)
      System.Globalization (>= 4.3) - restriction: || (&& (== net46) (< net45)) (== net5.0) (== netcoreapp3.1) (== netstandard1.6) (== netstandard2.0) (== netstandard2.1)
      System.Reflection (>= 4.3) - restriction: || (&& (== net46) (< net45)) (== net5.0) (== netcoreapp3.1) (== netstandard1.6) (== netstandard2.0) (== netstandard2.1)
      System.Resources.ResourceManager (>= 4.3) - restriction: || (&& (== net46) (< net45)) (== net5.0) (== netcoreapp3.1) (== netstandard1.6) (== netstandard2.0) (== netstandard2.1)
      System.Runtime (>= 4.3) - restriction: || (&& (== net46) (< net45)) (== net5.0) (== netcoreapp3.1) (== netstandard1.6) (== netstandard2.0) (== netstandard2.1)
      System.Runtime.Extensions (>= 4.3) - restriction: || (&& (== net46) (< net45)) (== net5.0) (== netcoreapp3.1) (== netstandard1.6) (== netstandard2.0) (== netstandard2.1)
      System.Threading (>= 4.3) - restriction: || (&& (== net46) (< net45)) (== net5.0) (== netcoreapp3.1) (== netstandard1.6) (== netstandard2.0) (== netstandard2.1)
      System.Threading.Tasks (>= 4.3) - restriction: || (&& (== net46) (< net45)) (== net5.0) (== netcoreapp3.1) (== netstandard1.6) (== netstandard2.0) (== netstandard2.1)
    System.Collections.Immutable (5.0) - restriction: || (&& (== net45) (>= netstandard2.0)) (&& (== net46) (>= netstandard2.0)) (== net5.0) (== netcoreapp3.1) (&& (== netstandard1.6) (>= netstandard2.0)) (== netstandard2.0) (== netstandard2.1)
      System.Memory (>= 4.5.4) - restriction: || (&& (== net45) (>= net46)) (&& (== net45) (>= net461)) (&& (== net45) (>= uap10.1)) (== net46) (&& (== net5.0) (>= net461)) (&& (== net5.0) (< netcoreapp2.1)) (&& (== net5.0) (< netstandard2.0)) (&& (== net5.0) (>= uap10.1)) (&& (== netcoreapp3.1) (>= net461)) (&& (== netcoreapp3.1) (< netcoreapp2.1)) (&& (== netcoreapp3.1) (< netstandard2.0)) (&& (== netcoreapp3.1) (>= uap10.1)) (== netstandard1.6) (== netstandard2.0) (== netstandard2.1)
    System.Console (4.3.1) - restriction: || (&& (== net45) (== net5.0)) (&& (== net45) (== netcoreapp3.1)) (&& (== net45) (== netstandard2.1)) (&& (== net46) (== net5.0)) (&& (== net46) (== netcoreapp3.1)) (&& (== net46) (== netstandard2.0)) (&& (== net46) (== netstandard2.1)) (&& (== net46) (< net45) (>= netstandard1.6)) (&& (== net46) (>= netstandard1.6) (>= uap10.0)) (&& (== net5.0) (< netstandard1.4)) (&& (== net5.0) (< netstandard1.5)) (&& (== net5.0) (< netstandard1.6)) (&& (== net5.0) (< netstandard2.0)) (&& (== netcoreapp3.1) (< netstandard1.4)) (&& (== netcoreapp3.1) (< netstandard1.5)) (&& (== netcoreapp3.1) (< netstandard1.6)) (&& (== netcoreapp3.1) (< netstandard2.0)) (== netstandard1.6) (&& (== netstandard2.1) (< netstandard1.4)) (&& (== netstandard2.1) (< netstandard1.5)) (&& (== netstandard2.1) (< netstandard1.6)) (&& (== netstandard2.1) (< netstandard2.0))
      Microsoft.NETCore.Platforms (>= 1.1) - restriction: || (&& (== net45) (>= netstandard1.3)) (== net5.0) (== netcoreapp3.1) (== netstandard1.6) (== netstandard2.0) (== netstandard2.1)
      Microsoft.NETCore.Targets (>= 1.1.2) - restriction: || (&& (== net45) (>= netstandard1.3)) (== net5.0) (== netcoreapp3.1) (== netstandard1.6) (== netstandard2.0) (== netstandard2.1)
      System.IO (>= 4.3) - restriction: || (&& (== net45) (>= netstandard1.3)) (== net5.0) (== netcoreapp3.1) (== netstandard1.6) (== netstandard2.0) (== netstandard2.1)
      System.Runtime (>= 4.3) - restriction: || (&& (== net45) (>= netstandard1.3)) (== net5.0) (== netcoreapp3.1) (== netstandard1.6) (== netstandard2.0) (== netstandard2.1)
      System.Text.Encoding (>= 4.3) - restriction: || (&& (== net45) (>= netstandard1.3)) (== net5.0) (== netcoreapp3.1) (== netstandard1.6) (== netstandard2.0) (== netstandard2.1)
    System.Diagnostics.Debug (4.3) - restriction: || (&& (== net45) (== net5.0)) (&& (== net45) (== netcoreapp3.1)) (&& (== net45) (== netstandard2.1)) (&& (== net46) (== net5.0)) (&& (== net46) (== netcoreapp3.1)) (&& (== net46) (== netstandard2.0)) (&& (== net46) (== netstandard2.1)) (&& (== net46) (< net45)) (&& (== net5.0) (>= net45) (< netstandard1.6)) (&& (== net5.0) (< netstandard2.0)) (&& (== netcoreapp3.1) (>= net45) (< netstandard1.6)) (&& (== netcoreapp3.1) (< netstandard2.0)) (== netstandard1.6) (&& (== netstandard2.1) (>= net45) (< netstandard1.6)) (&& (== netstandard2.1) (< netstandard2.0))
      Microsoft.NETCore.Platforms (>= 1.1) - restriction: || (&& (== net46) (< net45)) (== net5.0) (== netcoreapp3.1) (== netstandard1.6) (== netstandard2.0) (== netstandard2.1)
      Microsoft.NETCore.Targets (>= 1.1) - restriction: || (&& (== net46) (< net45)) (== net5.0) (== netcoreapp3.1) (== netstandard1.6) (== netstandard2.0) (== netstandard2.1)
      System.Runtime (>= 4.3) - restriction: || (&& (== net46) (< net45)) (== net5.0) (== netcoreapp3.1) (== netstandard1.6) (== netstandard2.0) (== netstandard2.1)
    System.Diagnostics.DiagnosticSource (5.0.1) - restriction: || (&& (== net45) (== net5.0)) (&& (== net45) (>= netstandard2.0)) (&& (== net45) (>= netstandard2.1)) (&& (== net46) (== net5.0)) (&& (== net46) (< net45) (>= netstandard1.6)) (&& (== net46) (>= netstandard1.6) (>= uap10.0)) (&& (== net46) (>= netstandard2.0)) (&& (== net46) (>= netstandard2.1)) (&& (== net5.0) (>= net461)) (&& (== net5.0) (< netstandard1.2)) (&& (== net5.0) (< netstandard1.3)) (&& (== net5.0) (< netstandard1.4)) (&& (== net5.0) (< netstandard1.5)) (&& (== net5.0) (< netstandard1.6)) (&& (== net5.0) (< netstandard2.0)) (&& (== net5.0) (< netstandard2.1)) (== netcoreapp3.1) (== netstandard1.6) (== netstandard2.0) (== netstandard2.1)
      System.AppContext (>= 4.3) - restriction: || (&& (== net46) (< net45)) (&& (== net5.0) (< netstandard2.0)) (&& (== netcoreapp3.1) (< netstandard2.0)) (== netstandard1.6) (&& (== netstandard2.1) (< netstandard2.0))
      System.Collections (>= 4.3) - restriction: || (&& (== net46) (< net45)) (&& (== net5.0) (< netstandard1.3)) (&& (== net5.0) (< netstandard2.0)) (&& (== netcoreapp3.1) (< netstandard1.3)) (&& (== netcoreapp3.1) (< netstandard2.0)) (== netstandard1.6) (&& (== netstandard2.0) (< netstandard1.3)) (&& (== netstandard2.1) (< netstandard1.3)) (&& (== netstandard2.1) (< netstandard2.0))
      System.Collections.Concurrent (>= 4.3) - restriction: || (&& (== net46) (< net45)) (&& (== net5.0) (< netstandard1.3)) (&& (== net5.0) (< netstandard2.0)) (&& (== netcoreapp3.1) (< netstandard1.3)) (&& (== netcoreapp3.1) (< netstandard2.0)) (== netstandard1.6) (&& (== netstandard2.0) (< netstandard1.3)) (&& (== netstandard2.1) (< netstandard1.3)) (&& (== netstandard2.1) (< netstandard2.0))
      System.Diagnostics.Debug (>= 4.3) - restriction: || (&& (== net46) (< net45)) (&& (== net5.0) (< netstandard2.0)) (&& (== netcoreapp3.1) (< netstandard2.0)) (== netstandard1.6) (&& (== netstandard2.1) (< netstandard2.0))
      System.Diagnostics.Tracing (>= 4.3) - restriction: || (&& (== net46) (< net45)) (&& (== net5.0) (< netstandard1.3)) (&& (== net5.0) (< netstandard2.0)) (&& (== netcoreapp3.1) (< netstandard1.3)) (&& (== netcoreapp3.1) (< netstandard2.0)) (== netstandard1.6) (&& (== netstandard2.0) (< netstandard1.3)) (&& (== netstandard2.1) (< netstandard1.3)) (&& (== netstandard2.1) (< netstandard2.0))
      System.Memory (>= 4.5.4) - restriction: || (== net45) (== net46) (&& (== net5.0) (>= net45) (< netstandard1.3)) (&& (== net5.0) (>= net46)) (&& (== net5.0) (< netcoreapp2.1)) (&& (== net5.0) (< netstandard2.0)) (&& (== net5.0) (>= uap10.1)) (&& (== netcoreapp3.1) (>= net45) (< netstandard1.3)) (&& (== netcoreapp3.1) (>= net46)) (&& (== netcoreapp3.1) (< netcoreapp2.1)) (&& (== netcoreapp3.1) (< netstandard2.0)) (&& (== netcoreapp3.1) (>= uap10.1)) (== netstandard1.6) (== netstandard2.0) (== netstandard2.1)
      System.Reflection (>= 4.3) - restriction: || (&& (== net46) (< net45)) (&& (== net5.0) (< netstandard1.3)) (&& (== net5.0) (< netstandard2.0)) (&& (== netcoreapp3.1) (< netstandard1.3)) (&& (== netcoreapp3.1) (< netstandard2.0)) (== netstandard1.6) (&& (== netstandard2.0) (< netstandard1.3)) (&& (== netstandard2.1) (< netstandard1.3)) (&& (== netstandard2.1) (< netstandard2.0))
      System.Resources.ResourceManager (>= 4.3) - restriction: || (&& (== net46) (< net45)) (&& (== net5.0) (< netstandard1.3)) (&& (== net5.0) (< netstandard2.0)) (&& (== netcoreapp3.1) (< netstandard1.3)) (&& (== netcoreapp3.1) (< netstandard2.0)) (== netstandard1.6) (&& (== netstandard2.0) (< netstandard1.3)) (&& (== netstandard2.1) (< netstandard1.3)) (&& (== netstandard2.1) (< netstandard2.0))
      System.Runtime (>= 4.3) - restriction: || (&& (== net46) (< net45)) (&& (== net5.0) (< netstandard1.3)) (&& (== net5.0) (< netstandard2.0)) (&& (== netcoreapp3.1) (< netstandard1.3)) (&& (== netcoreapp3.1) (< netstandard2.0)) (== netstandard1.6) (&& (== netstandard2.0) (< netstandard1.3)) (&& (== netstandard2.1) (< netstandard1.3)) (&& (== netstandard2.1) (< netstandard2.0))
      System.Runtime.CompilerServices.Unsafe (>= 5.0) - restriction: || (== net45) (== net46) (&& (== net5.0) (>= monoandroid) (< netstandard1.1)) (&& (== net5.0) (>= monotouch)) (&& (== net5.0) (>= net45) (< netstandard1.3)) (&& (== net5.0) (>= net46)) (&& (== net5.0) (< netcoreapp2.1)) (&& (== net5.0) (< netcoreapp3.0)) (&& (== net5.0) (< netstandard2.0)) (&& (== net5.0) (>= uap10.1)) (&& (== netcoreapp3.1) (>= monoandroid) (< netstandard1.1)) (&& (== netcoreapp3.1) (>= monotouch)) (&& (== netcoreapp3.1) (>= net45) (< netstandard1.3)) (&& (== netcoreapp3.1) (>= net46)) (&& (== netcoreapp3.1) (< netcoreapp2.1)) (&& (== netcoreapp3.1) (< netcoreapp3.0)) (&& (== netcoreapp3.1) (< netstandard2.0)) (&& (== netcoreapp3.1) (>= uap10.1)) (== netstandard1.6) (== netstandard2.0) (== netstandard2.1)
      System.Runtime.Extensions (>= 4.3) - restriction: || (&& (== net46) (< net45)) (&& (== net5.0) (< netstandard2.0)) (&& (== netcoreapp3.1) (< netstandard2.0)) (== netstandard1.6) (&& (== netstandard2.1) (< netstandard2.0))
      System.Runtime.InteropServices (>= 4.3) - restriction: || (&& (== net46) (< net45)) (&& (== net5.0) (< netstandard2.0)) (&& (== netcoreapp3.1) (< netstandard2.0)) (== netstandard1.6) (&& (== netstandard2.1) (< netstandard2.0))
      System.Threading (>= 4.3) - restriction: || (&& (== net46) (< net45)) (&& (== net5.0) (< netstandard1.3)) (&& (== net5.0) (< netstandard2.0)) (&& (== netcoreapp3.1) (< netstandard1.3)) (&& (== netcoreapp3.1) (< netstandard2.0)) (== netstandard1.6) (&& (== netstandard2.0) (< netstandard1.3)) (&& (== netstandard2.1) (< netstandard1.3)) (&& (== netstandard2.1) (< netstandard2.0))
    System.Diagnostics.Tools (4.3) - restriction: || (&& (== net45) (== net5.0)) (&& (== net45) (== netcoreapp3.1)) (&& (== net45) (== netstandard2.1)) (&& (== net46) (== net5.0)) (&& (== net46) (== netcoreapp3.1)) (&& (== net46) (== netstandard2.0)) (&& (== net46) (== netstandard2.1)) (&& (== net46) (< net45) (>= netstandard1.6)) (&& (== net46) (>= netstandard1.6) (< portable-net45+win8+wpa81)) (&& (== net46) (>= netstandard1.6) (>= uap10.0)) (&& (== net5.0) (< netstandard1.2)) (&& (== net5.0) (< netstandard1.3)) (&& (== net5.0) (< netstandard1.4)) (&& (== net5.0) (< netstandard1.5)) (&& (== net5.0) (< netstandard1.6)) (&& (== net5.0) (< netstandard2.0)) (&& (== net5.0) (< portable-net45+win8+wpa81)) (&& (== netcoreapp3.1) (< netstandard1.2)) (&& (== netcoreapp3.1) (< netstandard1.3)) (&& (== netcoreapp3.1) (< netstandard1.4)) (&& (== netcoreapp3.1) (< netstandard1.5)) (&& (== netcoreapp3.1) (< netstandard1.6)) (&& (== netcoreapp3.1) (< netstandard2.0)) (&& (== netcoreapp3.1) (< portable-net45+win8+wpa81)) (== netstandard1.6) (&& (== netstandard2.1) (< netstandard1.2)) (&& (== netstandard2.1) (< netstandard1.3)) (&& (== netstandard2.1) (< netstandard1.4)) (&& (== netstandard2.1) (< netstandard1.5)) (&& (== netstandard2.1) (< netstandard1.6)) (&& (== netstandard2.1) (< netstandard2.0)) (&& (== netstandard2.1) (< portable-net45+win8+wpa81))
      Microsoft.NETCore.Platforms (>= 1.1) - restriction: || (&& (== net46) (< net45)) (== net5.0) (== netcoreapp3.1) (== netstandard1.6) (== netstandard2.0) (== netstandard2.1)
      Microsoft.NETCore.Targets (>= 1.1) - restriction: || (&& (== net46) (< net45)) (== net5.0) (== netcoreapp3.1) (== netstandard1.6) (== netstandard2.0) (== netstandard2.1)
      System.Runtime (>= 4.3) - restriction: || (&& (== net46) (< net45)) (== net5.0) (== netcoreapp3.1) (== netstandard1.6) (== netstandard2.0) (== netstandard2.1)
    System.Diagnostics.Tracing (4.3) - restriction: || (&& (== net45) (== net5.0)) (&& (== net45) (== netcoreapp3.1)) (&& (== net45) (== netstandard2.1)) (&& (== net46) (== net5.0)) (&& (== net46) (== netcoreapp3.1)) (&& (== net46) (== netstandard2.0)) (&& (== net46) (== netstandard2.1)) (&& (== net46) (< net45) (>= netstandard1.6)) (&& (== net46) (>= netstandard1.6) (>= uap10.0)) (&& (== net5.0) (< netstandard1.2)) (&& (== net5.0) (< netstandard1.3)) (&& (== net5.0) (< netstandard1.4)) (&& (== net5.0) (< netstandard1.5)) (&& (== net5.0) (< netstandard1.6)) (&& (== net5.0) (< netstandard2.0)) (&& (== netcoreapp3.1) (< netstandard1.2)) (&& (== netcoreapp3.1) (< netstandard1.3)) (&& (== netcoreapp3.1) (< netstandard1.4)) (&& (== netcoreapp3.1) (< netstandard1.5)) (&& (== netcoreapp3.1) (< netstandard1.6)) (&& (== netcoreapp3.1) (< netstandard2.0)) (== netstandard1.6) (&& (== netstandard2.1) (< netstandard1.2)) (&& (== netstandard2.1) (< netstandard1.3)) (&& (== netstandard2.1) (< netstandard1.4)) (&& (== netstandard2.1) (< netstandard1.5)) (&& (== netstandard2.1) (< netstandard1.6)) (&& (== netstandard2.1) (< netstandard2.0))
      Microsoft.NETCore.Platforms (>= 1.1) - restriction: || (&& (== net46) (< net45)) (== net5.0) (== netcoreapp3.1) (== netstandard1.6) (== netstandard2.0) (== netstandard2.1)
      Microsoft.NETCore.Targets (>= 1.1) - restriction: || (&& (== net46) (< net45)) (== net5.0) (== netcoreapp3.1) (== netstandard1.6) (== netstandard2.0) (== netstandard2.1)
      System.Runtime (>= 4.3) - restriction: || (&& (== net46) (< net45)) (== net5.0) (== netcoreapp3.1) (== netstandard1.6) (== netstandard2.0) (== netstandard2.1)
    System.Globalization (4.3) - restriction: || (&& (== net45) (== net5.0)) (&& (== net45) (== netcoreapp3.1)) (&& (== net45) (== netstandard2.1)) (&& (== net46) (== net5.0)) (&& (== net46) (== netcoreapp3.1)) (&& (== net46) (== netstandard2.0)) (&& (== net46) (== netstandard2.1)) (&& (== net46) (< net45)) (&& (== net5.0) (>= net45) (< netstandard1.6)) (&& (== net5.0) (< netstandard2.0)) (&& (== netcoreapp3.1) (>= net45) (< netstandard1.6)) (&& (== netcoreapp3.1) (< netstandard2.0)) (== netstandard1.6) (&& (== netstandard2.1) (>= net45) (< netstandard1.6)) (&& (== netstandard2.1) (< netstandard2.0))
      Microsoft.NETCore.Platforms (>= 1.1) - restriction: || (&& (== net46) (< net45)) (== net5.0) (== netcoreapp3.1) (== netstandard1.6) (== netstandard2.0) (== netstandard2.1)
      Microsoft.NETCore.Targets (>= 1.1) - restriction: || (&& (== net46) (< net45)) (== net5.0) (== netcoreapp3.1) (== netstandard1.6) (== netstandard2.0) (== netstandard2.1)
      System.Runtime (>= 4.3) - restriction: || (&& (== net46) (< net45)) (== net5.0) (== netcoreapp3.1) (== netstandard1.6) (== netstandard2.0) (== netstandard2.1)
    System.Globalization.Calendars (4.3) - restriction: || (&& (== net45) (== net5.0)) (&& (== net45) (== netcoreapp3.1)) (&& (== net45) (== netstandard2.1)) (&& (== net46) (== net5.0)) (&& (== net46) (== netcoreapp3.1)) (&& (== net46) (== netstandard2.0)) (&& (== net46) (== netstandard2.1)) (&& (== net46) (< net45) (>= netstandard1.6)) (&& (== net46) (>= netstandard1.6) (>= uap10.0)) (&& (== net5.0) (< netstandard1.4)) (&& (== net5.0) (< netstandard1.5)) (&& (== net5.0) (< netstandard1.6)) (&& (== net5.0) (< netstandard2.0)) (&& (== netcoreapp3.1) (< netstandard1.4)) (&& (== netcoreapp3.1) (< netstandard1.5)) (&& (== netcoreapp3.1) (< netstandard1.6)) (&& (== netcoreapp3.1) (< netstandard2.0)) (== netstandard1.6) (&& (== netstandard2.1) (< netstandard1.4)) (&& (== netstandard2.1) (< netstandard1.5)) (&& (== netstandard2.1) (< netstandard1.6)) (&& (== netstandard2.1) (< netstandard2.0))
      Microsoft.NETCore.Platforms (>= 1.1) - restriction: || (&& (== net45) (>= netstandard1.3)) (== net5.0) (== netcoreapp3.1) (== netstandard1.6) (== netstandard2.0) (== netstandard2.1)
      Microsoft.NETCore.Targets (>= 1.1) - restriction: || (&& (== net45) (>= netstandard1.3)) (== net5.0) (== netcoreapp3.1) (== netstandard1.6) (== netstandard2.0) (== netstandard2.1)
      System.Globalization (>= 4.3) - restriction: || (&& (== net45) (>= netstandard1.3)) (== net5.0) (== netcoreapp3.1) (== netstandard1.6) (== netstandard2.0) (== netstandard2.1)
      System.Runtime (>= 4.3) - restriction: || (&& (== net45) (>= netstandard1.3)) (== net5.0) (== netcoreapp3.1) (== netstandard1.6) (== netstandard2.0) (== netstandard2.1)
    System.Globalization.Extensions (4.3) - restriction: || (&& (== net45) (== net5.0)) (&& (== net45) (== netcoreapp3.1)) (&& (== net45) (== netstandard2.1)) (&& (== net46) (== net5.0)) (&& (== net46) (== netcoreapp3.1)) (&& (== net46) (== netstandard2.0)) (&& (== net46) (== netstandard2.1)) (&& (== net46) (< net45) (>= netstandard1.6)) (&& (== net46) (>= netstandard1.6) (>= uap10.0)) (&& (== net5.0) (< netstandard1.2)) (&& (== net5.0) (< netstandard1.3)) (&& (== net5.0) (< netstandard1.4)) (&& (== net5.0) (< netstandard1.5)) (&& (== net5.0) (< netstandard1.6)) (&& (== net5.0) (< netstandard2.0)) (&& (== netcoreapp3.1) (< netstandard1.2)) (&& (== netcoreapp3.1) (< netstandard1.3)) (&& (== netcoreapp3.1) (< netstandard1.4)) (&& (== netcoreapp3.1) (< netstandard1.5)) (&& (== netcoreapp3.1) (< netstandard1.6)) (&& (== netcoreapp3.1) (< netstandard2.0)) (== netstandard1.6) (&& (== netstandard2.1) (< netstandard1.2)) (&& (== netstandard2.1) (< netstandard1.3)) (&& (== netstandard2.1) (< netstandard1.4)) (&& (== netstandard2.1) (< netstandard1.5)) (&& (== netstandard2.1) (< netstandard1.6)) (&& (== netstandard2.1) (< netstandard2.0))
      Microsoft.NETCore.Platforms (>= 1.1) - restriction: || (&& (== net45) (>= netstandard1.3)) (== net5.0) (== netcoreapp3.1) (== netstandard1.6) (== netstandard2.0) (== netstandard2.1)
      System.Globalization (>= 4.3) - restriction: || (&& (== net45) (>= netstandard1.3)) (== net5.0) (== netcoreapp3.1) (== netstandard1.6) (== netstandard2.0) (== netstandard2.1)
      System.Resources.ResourceManager (>= 4.3) - restriction: || (&& (== net45) (>= netstandard1.3)) (== net5.0) (== netcoreapp3.1) (== netstandard1.6) (== netstandard2.0) (== netstandard2.1)
      System.Runtime (>= 4.3) - restriction: || (&& (== net45) (>= netstandard1.3)) (== net5.0) (== netcoreapp3.1) (== netstandard1.6) (== netstandard2.0) (== netstandard2.1)
      System.Runtime.Extensions (>= 4.3) - restriction: || (&& (== net45) (>= netstandard1.3)) (== net5.0) (== netcoreapp3.1) (== netstandard1.6) (== netstandard2.0) (== netstandard2.1)
      System.Runtime.InteropServices (>= 4.3) - restriction: || (&& (== net45) (>= netstandard1.3)) (== net5.0) (== netcoreapp3.1) (== netstandard1.6) (== netstandard2.0) (== netstandard2.1)
    System.IO (4.3) - restriction: || (&& (== net45) (== net5.0)) (&& (== net45) (== netcoreapp3.1)) (&& (== net45) (== netstandard2.1)) (&& (== net46) (== net5.0)) (&& (== net46) (== netcoreapp3.1)) (&& (== net46) (== netstandard2.0)) (&& (== net46) (== netstandard2.1)) (&& (== net46) (< net45) (>= netstandard1.6)) (&& (== net46) (>= netstandard1.6) (< portable-net45+win8+wpa81)) (&& (== net46) (>= netstandard1.6) (>= uap10.0)) (&& (== net5.0) (< netstandard1.2)) (&& (== net5.0) (< netstandard1.3)) (&& (== net5.0) (< netstandard1.4)) (&& (== net5.0) (< netstandard1.5)) (&& (== net5.0) (< netstandard1.6)) (&& (== net5.0) (< netstandard2.0)) (&& (== net5.0) (< portable-net45+win8+wpa81)) (&& (== netcoreapp3.1) (< netstandard1.2)) (&& (== netcoreapp3.1) (< netstandard1.3)) (&& (== netcoreapp3.1) (< netstandard1.4)) (&& (== netcoreapp3.1) (< netstandard1.5)) (&& (== netcoreapp3.1) (< netstandard1.6)) (&& (== netcoreapp3.1) (< netstandard2.0)) (&& (== netcoreapp3.1) (< portable-net45+win8+wpa81)) (== netstandard1.6) (&& (== netstandard2.1) (< netstandard1.2)) (&& (== netstandard2.1) (< netstandard1.3)) (&& (== netstandard2.1) (< netstandard1.4)) (&& (== netstandard2.1) (< netstandard1.5)) (&& (== netstandard2.1) (< netstandard1.6)) (&& (== netstandard2.1) (< netstandard2.0)) (&& (== netstandard2.1) (< portable-net45+win8+wpa81))
      Microsoft.NETCore.Platforms (>= 1.1) - restriction: || (&& (== net46) (< net45)) (== net5.0) (== netcoreapp3.1) (== netstandard1.6) (== netstandard2.0) (== netstandard2.1)
      Microsoft.NETCore.Targets (>= 1.1) - restriction: || (&& (== net46) (< net45)) (== net5.0) (== netcoreapp3.1) (== netstandard1.6) (== netstandard2.0) (== netstandard2.1)
      System.Runtime (>= 4.3) - restriction: || (&& (== net46) (< net45)) (== net5.0) (== netcoreapp3.1) (== netstandard1.6) (== netstandard2.0) (== netstandard2.1)
      System.Text.Encoding (>= 4.3) - restriction: || (&& (== net46) (< net45)) (== net5.0) (== netcoreapp3.1) (== netstandard1.6) (== netstandard2.0) (== netstandard2.1)
      System.Threading.Tasks (>= 4.3) - restriction: || (&& (== net46) (< net45)) (== net5.0) (== netcoreapp3.1) (== netstandard1.6) (== netstandard2.0) (== netstandard2.1)
    System.IO.Compression (4.3) - restriction: || (&& (== net45) (== net5.0)) (&& (== net45) (== netcoreapp3.1)) (&& (== net45) (== netstandard2.1)) (&& (== net46) (== net5.0)) (&& (== net46) (== netcoreapp3.1)) (&& (== net46) (== netstandard2.0)) (&& (== net46) (== netstandard2.1)) (&& (== net46) (< net45) (>= netstandard1.6)) (&& (== net46) (>= netstandard1.6) (>= uap10.0)) (&& (== net5.0) (< netstandard1.2)) (&& (== net5.0) (< netstandard1.3)) (&& (== net5.0) (< netstandard1.4)) (&& (== net5.0) (< netstandard1.5)) (&& (== net5.0) (< netstandard1.6)) (&& (== net5.0) (< netstandard2.0)) (&& (== netcoreapp3.1) (< netstandard1.2)) (&& (== netcoreapp3.1) (< netstandard1.3)) (&& (== netcoreapp3.1) (< netstandard1.4)) (&& (== netcoreapp3.1) (< netstandard1.5)) (&& (== netcoreapp3.1) (< netstandard1.6)) (&& (== netcoreapp3.1) (< netstandard2.0)) (== netstandard1.6) (&& (== netstandard2.1) (< netstandard1.2)) (&& (== netstandard2.1) (< netstandard1.3)) (&& (== netstandard2.1) (< netstandard1.4)) (&& (== netstandard2.1) (< netstandard1.5)) (&& (== netstandard2.1) (< netstandard1.6)) (&& (== netstandard2.1) (< netstandard2.0))
      Microsoft.NETCore.Platforms (>= 1.1) - restriction: || (&& (== net46) (< net45)) (== net5.0) (== netcoreapp3.1) (== netstandard1.6) (== netstandard2.0) (== netstandard2.1)
      runtime.native.System (>= 4.3) - restriction: || (&& (== net46) (< net45)) (== net5.0) (== netcoreapp3.1) (== netstandard1.6) (== netstandard2.0) (== netstandard2.1)
      runtime.native.System.IO.Compression (>= 4.3) - restriction: || (&& (== net46) (< net45)) (== net5.0) (== netcoreapp3.1) (== netstandard1.6) (== netstandard2.0) (== netstandard2.1)
      System.Buffers (>= 4.3) - restriction: || (&& (== net46) (< net45)) (== net5.0) (== netcoreapp3.1) (== netstandard1.6) (== netstandard2.0) (== netstandard2.1)
      System.Collections (>= 4.3) - restriction: || (&& (== net46) (< net45)) (== net5.0) (== netcoreapp3.1) (== netstandard1.6) (== netstandard2.0) (== netstandard2.1)
      System.Diagnostics.Debug (>= 4.3) - restriction: || (&& (== net46) (< net45)) (== net5.0) (== netcoreapp3.1) (== netstandard1.6) (== netstandard2.0) (== netstandard2.1)
      System.IO (>= 4.3) - restriction: || (&& (== net46) (< net45)) (== net5.0) (== netcoreapp3.1) (== netstandard1.6) (== netstandard2.0) (== netstandard2.1)
      System.Resources.ResourceManager (>= 4.3) - restriction: || (&& (== net46) (< net45)) (== net5.0) (== netcoreapp3.1) (== netstandard1.6) (== netstandard2.0) (== netstandard2.1)
      System.Runtime (>= 4.3) - restriction: || (&& (== net46) (< net45)) (== net5.0) (== netcoreapp3.1) (== netstandard1.6) (== netstandard2.0) (== netstandard2.1)
      System.Runtime.Extensions (>= 4.3) - restriction: || (&& (== net46) (< net45)) (== net5.0) (== netcoreapp3.1) (== netstandard1.6) (== netstandard2.0) (== netstandard2.1)
      System.Runtime.Handles (>= 4.3) - restriction: || (&& (== net46) (< net45)) (== net5.0) (== netcoreapp3.1) (== netstandard1.6) (== netstandard2.0) (== netstandard2.1)
      System.Runtime.InteropServices (>= 4.3) - restriction: || (&& (== net46) (< net45)) (== net5.0) (== netcoreapp3.1) (== netstandard1.6) (== netstandard2.0) (== netstandard2.1)
      System.Text.Encoding (>= 4.3) - restriction: || (&& (== net46) (< net45)) (== net5.0) (== netcoreapp3.1) (== netstandard1.6) (== netstandard2.0) (== netstandard2.1)
      System.Threading (>= 4.3) - restriction: || (&& (== net46) (< net45)) (== net5.0) (== netcoreapp3.1) (== netstandard1.6) (== netstandard2.0) (== netstandard2.1)
      System.Threading.Tasks (>= 4.3) - restriction: || (&& (== net46) (< net45)) (== net5.0) (== netcoreapp3.1) (== netstandard1.6) (== netstandard2.0) (== netstandard2.1)
    System.IO.Compression.ZipFile (4.3) - restriction: || (&& (== net45) (== net5.0)) (&& (== net45) (== netcoreapp3.1)) (&& (== net45) (== netstandard2.1)) (&& (== net46) (== net5.0)) (&& (== net46) (== netcoreapp3.1)) (&& (== net46) (== netstandard2.0)) (&& (== net46) (== netstandard2.1)) (&& (== net46) (< net45) (>= netstandard1.6)) (&& (== net46) (>= netstandard1.6) (>= uap10.0)) (&& (== net5.0) (< netstandard1.4)) (&& (== net5.0) (< netstandard1.5)) (&& (== net5.0) (< netstandard1.6)) (&& (== net5.0) (< netstandard2.0)) (&& (== netcoreapp3.1) (< netstandard1.4)) (&& (== netcoreapp3.1) (< netstandard1.5)) (&& (== netcoreapp3.1) (< netstandard1.6)) (&& (== netcoreapp3.1) (< netstandard2.0)) (== netstandard1.6) (&& (== netstandard2.1) (< netstandard1.4)) (&& (== netstandard2.1) (< netstandard1.5)) (&& (== netstandard2.1) (< netstandard1.6)) (&& (== netstandard2.1) (< netstandard2.0))
      System.Buffers (>= 4.3) - restriction: || (&& (== net45) (>= netstandard1.3)) (== net5.0) (== netcoreapp3.1) (== netstandard1.6) (== netstandard2.0) (== netstandard2.1)
      System.IO (>= 4.3) - restriction: || (&& (== net45) (>= netstandard1.3)) (== net5.0) (== netcoreapp3.1) (== netstandard1.6) (== netstandard2.0) (== netstandard2.1)
      System.IO.Compression (>= 4.3) - restriction: || (&& (== net45) (>= netstandard1.3)) (== net5.0) (== netcoreapp3.1) (== netstandard1.6) (== netstandard2.0) (== netstandard2.1)
      System.IO.FileSystem (>= 4.3) - restriction: || (&& (== net45) (>= netstandard1.3)) (== net5.0) (== netcoreapp3.1) (== netstandard1.6) (== netstandard2.0) (== netstandard2.1)
      System.IO.FileSystem.Primitives (>= 4.3) - restriction: || (&& (== net45) (>= netstandard1.3)) (== net5.0) (== netcoreapp3.1) (== netstandard1.6) (== netstandard2.0) (== netstandard2.1)
      System.Resources.ResourceManager (>= 4.3) - restriction: || (&& (== net45) (>= netstandard1.3)) (== net5.0) (== netcoreapp3.1) (== netstandard1.6) (== netstandard2.0) (== netstandard2.1)
      System.Runtime (>= 4.3) - restriction: || (&& (== net45) (>= netstandard1.3)) (== net5.0) (== netcoreapp3.1) (== netstandard1.6) (== netstandard2.0) (== netstandard2.1)
      System.Runtime.Extensions (>= 4.3) - restriction: || (&& (== net45) (>= netstandard1.3)) (== net5.0) (== netcoreapp3.1) (== netstandard1.6) (== netstandard2.0) (== netstandard2.1)
      System.Text.Encoding (>= 4.3) - restriction: || (&& (== net45) (>= netstandard1.3)) (== net5.0) (== netcoreapp3.1) (== netstandard1.6) (== netstandard2.0) (== netstandard2.1)
    System.IO.FileSystem (4.3) - restriction: || (&& (== net45) (== net5.0)) (&& (== net45) (== netcoreapp3.1)) (&& (== net45) (== netstandard2.1)) (&& (== net46) (== net5.0)) (&& (== net46) (== netcoreapp3.1)) (&& (== net46) (== netstandard2.0)) (&& (== net46) (== netstandard2.1)) (&& (== net46) (< net45) (>= netstandard1.6)) (&& (== net46) (>= netstandard1.6) (>= uap10.0)) (&& (== net5.0) (< netstandard1.4)) (&& (== net5.0) (< netstandard1.5)) (&& (== net5.0) (< netstandard1.6)) (&& (== net5.0) (< netstandard2.0)) (&& (== netcoreapp3.1) (< netstandard1.4)) (&& (== netcoreapp3.1) (< netstandard1.5)) (&& (== netcoreapp3.1) (< netstandard1.6)) (&& (== netcoreapp3.1) (< netstandard2.0)) (== netstandard1.6) (&& (== netstandard2.1) (< netstandard1.4)) (&& (== netstandard2.1) (< netstandard1.5)) (&& (== netstandard2.1) (< netstandard1.6)) (&& (== netstandard2.1) (< netstandard2.0))
      Microsoft.NETCore.Platforms (>= 1.1) - restriction: || (&& (== net45) (>= netstandard1.3)) (== net5.0) (== netcoreapp3.1) (== netstandard1.6) (== netstandard2.0) (== netstandard2.1)
      Microsoft.NETCore.Targets (>= 1.1) - restriction: || (&& (== net45) (>= netstandard1.3)) (== net5.0) (== netcoreapp3.1) (== netstandard1.6) (== netstandard2.0) (== netstandard2.1)
      System.IO (>= 4.3) - restriction: || (&& (== net45) (>= netstandard1.3)) (== net5.0) (== netcoreapp3.1) (== netstandard1.6) (== netstandard2.0) (== netstandard2.1)
      System.IO.FileSystem.Primitives (>= 4.3) - restriction: || (&& (== net45) (>= net46)) (&& (== net45) (>= netstandard1.3)) (== net46) (== net5.0) (== netcoreapp3.1) (== netstandard1.6) (== netstandard2.0) (== netstandard2.1)
      System.Runtime (>= 4.3) - restriction: || (&& (== net45) (>= netstandard1.3)) (== net5.0) (== netcoreapp3.1) (== netstandard1.6) (== netstandard2.0) (== netstandard2.1)
      System.Runtime.Handles (>= 4.3) - restriction: || (&& (== net45) (>= netstandard1.3)) (== net5.0) (== netcoreapp3.1) (== netstandard1.6) (== netstandard2.0) (== netstandard2.1)
      System.Text.Encoding (>= 4.3) - restriction: || (&& (== net45) (>= netstandard1.3)) (== net5.0) (== netcoreapp3.1) (== netstandard1.6) (== netstandard2.0) (== netstandard2.1)
      System.Threading.Tasks (>= 4.3) - restriction: || (&& (== net45) (>= netstandard1.3)) (== net5.0) (== netcoreapp3.1) (== netstandard1.6) (== netstandard2.0) (== netstandard2.1)
    System.IO.FileSystem.Primitives (4.3) - restriction: || (&& (== net45) (== net5.0)) (&& (== net45) (== netcoreapp3.1)) (&& (== net45) (== netstandard2.1)) (&& (== net46) (== net5.0)) (&& (== net46) (== netcoreapp3.1)) (&& (== net46) (== netstandard2.0)) (&& (== net46) (== netstandard2.1)) (&& (== net46) (< net45) (>= netstandard1.6)) (&& (== net46) (>= netstandard1.6) (>= uap10.0)) (&& (== net5.0) (< netstandard1.4)) (&& (== net5.0) (< netstandard1.5)) (&& (== net5.0) (< netstandard1.6)) (&& (== net5.0) (< netstandard2.0)) (&& (== netcoreapp3.1) (< netstandard1.4)) (&& (== netcoreapp3.1) (< netstandard1.5)) (&& (== netcoreapp3.1) (< netstandard1.6)) (&& (== netcoreapp3.1) (< netstandard2.0)) (== netstandard1.6) (&& (== netstandard2.1) (< netstandard1.4)) (&& (== netstandard2.1) (< netstandard1.5)) (&& (== netstandard2.1) (< netstandard1.6)) (&& (== netstandard2.1) (< netstandard2.0))
      System.Runtime (>= 4.3) - restriction: || (&& (== net45) (>= netstandard1.3)) (== net5.0) (== netcoreapp3.1) (== netstandard1.6) (== netstandard2.0) (== netstandard2.1)
    System.Linq (4.3) - restriction: || (&& (== net45) (== net5.0)) (&& (== net45) (== netcoreapp3.1)) (&& (== net45) (== netstandard2.1)) (&& (== net46) (== net5.0)) (&& (== net46) (== netcoreapp3.1)) (&& (== net46) (== netstandard2.0)) (&& (== net46) (== netstandard2.1)) (&& (== net46) (< net45) (>= netstandard1.6)) (&& (== net46) (>= netstandard1.6) (< portable-net45+win8+wpa81)) (&& (== net46) (>= netstandard1.6) (>= uap10.0)) (&& (== net5.0) (< netstandard1.2)) (&& (== net5.0) (< netstandard1.3)) (&& (== net5.0) (< netstandard1.4)) (&& (== net5.0) (< netstandard1.5)) (&& (== net5.0) (< netstandard1.6)) (&& (== net5.0) (< netstandard2.0)) (&& (== net5.0) (< portable-net45+win8+wpa81)) (&& (== netcoreapp3.1) (< netstandard1.2)) (&& (== netcoreapp3.1) (< netstandard1.3)) (&& (== netcoreapp3.1) (< netstandard1.4)) (&& (== netcoreapp3.1) (< netstandard1.5)) (&& (== netcoreapp3.1) (< netstandard1.6)) (&& (== netcoreapp3.1) (< netstandard2.0)) (&& (== netcoreapp3.1) (< portable-net45+win8+wpa81)) (== netstandard1.6) (&& (== netstandard2.1) (< netstandard1.2)) (&& (== netstandard2.1) (< netstandard1.3)) (&& (== netstandard2.1) (< netstandard1.4)) (&& (== netstandard2.1) (< netstandard1.5)) (&& (== netstandard2.1) (< netstandard1.6)) (&& (== netstandard2.1) (< netstandard2.0)) (&& (== netstandard2.1) (< portable-net45+win8+wpa81))
      System.Collections (>= 4.3) - restriction: || (&& (== net46) (< net45)) (== net5.0) (== netcoreapp3.1) (== netstandard1.6) (== netstandard2.0) (== netstandard2.1)
      System.Diagnostics.Debug (>= 4.3) - restriction: || (&& (== net46) (< net45) (>= netstandard1.6)) (== net5.0) (== netcoreapp3.1) (== netstandard1.6) (== netstandard2.0) (== netstandard2.1)
      System.Resources.ResourceManager (>= 4.3) - restriction: || (&& (== net46) (< net45) (>= netstandard1.6)) (== net5.0) (== netcoreapp3.1) (== netstandard1.6) (== netstandard2.0) (== netstandard2.1)
      System.Runtime (>= 4.3) - restriction: || (&& (== net46) (< net45)) (== net5.0) (== netcoreapp3.1) (== netstandard1.6) (== netstandard2.0) (== netstandard2.1)
      System.Runtime.Extensions (>= 4.3) - restriction: || (&& (== net46) (< net45) (>= netstandard1.6)) (== net5.0) (== netcoreapp3.1) (== netstandard1.6) (== netstandard2.0) (== netstandard2.1)
    System.Linq.Expressions (4.3) - restriction: || (&& (== net45) (== net5.0)) (&& (== net45) (== netcoreapp3.1)) (&& (== net45) (== netstandard2.1)) (&& (== net46) (== net5.0)) (&& (== net46) (== netcoreapp3.1)) (&& (== net46) (== netstandard2.0)) (&& (== net46) (== netstandard2.1)) (&& (== net46) (< net45) (>= netstandard1.6)) (&& (== net46) (>= netstandard1.6) (< portable-net45+win8+wpa81)) (&& (== net46) (>= netstandard1.6) (>= uap10.0)) (&& (== net5.0) (< netstandard1.2)) (&& (== net5.0) (< netstandard1.3)) (&& (== net5.0) (< netstandard1.4)) (&& (== net5.0) (< netstandard1.5)) (&& (== net5.0) (< netstandard1.6)) (&& (== net5.0) (< netstandard2.0)) (&& (== net5.0) (< portable-net45+win8+wpa81)) (&& (== netcoreapp3.1) (< netstandard1.2)) (&& (== netcoreapp3.1) (< netstandard1.3)) (&& (== netcoreapp3.1) (< netstandard1.4)) (&& (== netcoreapp3.1) (< netstandard1.5)) (&& (== netcoreapp3.1) (< netstandard1.6)) (&& (== netcoreapp3.1) (< netstandard2.0)) (&& (== netcoreapp3.1) (< portable-net45+win8+wpa81)) (== netstandard1.6) (&& (== netstandard2.1) (< netstandard1.2)) (&& (== netstandard2.1) (< netstandard1.3)) (&& (== netstandard2.1) (< netstandard1.4)) (&& (== netstandard2.1) (< netstandard1.5)) (&& (== netstandard2.1) (< netstandard1.6)) (&& (== netstandard2.1) (< netstandard2.0)) (&& (== netstandard2.1) (< portable-net45+win8+wpa81))
      System.Collections (>= 4.3) - restriction: || (&& (== net46) (< net45) (>= netstandard1.6)) (== net5.0) (== netcoreapp3.1) (== netstandard1.6) (== netstandard2.0) (== netstandard2.1)
      System.Diagnostics.Debug (>= 4.3) - restriction: || (&& (== net46) (< net45) (>= netstandard1.6)) (== net5.0) (== netcoreapp3.1) (== netstandard1.6) (== netstandard2.0) (== netstandard2.1)
      System.Globalization (>= 4.3) - restriction: || (&& (== net46) (< net45) (>= netstandard1.6)) (== net5.0) (== netcoreapp3.1) (== netstandard1.6) (== netstandard2.0) (== netstandard2.1)
      System.IO (>= 4.3) - restriction: || (&& (== net46) (< net45) (>= netstandard1.6)) (== net5.0) (== netcoreapp3.1) (== netstandard1.6) (== netstandard2.0) (== netstandard2.1)
      System.Linq (>= 4.3) - restriction: || (&& (== net46) (< net45) (>= netstandard1.6)) (== net5.0) (== netcoreapp3.1) (== netstandard1.6) (== netstandard2.0) (== netstandard2.1)
      System.ObjectModel (>= 4.3) - restriction: || (&& (== net46) (< net45) (>= netstandard1.6)) (== net5.0) (== netcoreapp3.1) (== netstandard1.6) (== netstandard2.0) (== netstandard2.1)
      System.Reflection (>= 4.3) - restriction: || (&& (== net46) (< net45)) (== net5.0) (== netcoreapp3.1) (== netstandard1.6) (== netstandard2.0) (== netstandard2.1)
      System.Reflection.Emit (>= 4.3) - restriction: || (&& (== net46) (< net45) (>= netstandard1.6)) (== net5.0) (== netcoreapp3.1) (== netstandard1.6) (== netstandard2.0) (== netstandard2.1)
      System.Reflection.Emit.ILGeneration (>= 4.3) - restriction: || (&& (== net46) (< net45) (>= netstandard1.6)) (== net5.0) (== netcoreapp3.1) (== netstandard1.6) (== netstandard2.0) (== netstandard2.1)
      System.Reflection.Emit.Lightweight (>= 4.3) - restriction: || (&& (== net46) (< net45) (>= netstandard1.6)) (== net5.0) (== netcoreapp3.1) (== netstandard1.6) (== netstandard2.0) (== netstandard2.1)
      System.Reflection.Extensions (>= 4.3) - restriction: || (&& (== net46) (< net45) (>= netstandard1.6)) (== net5.0) (== netcoreapp3.1) (== netstandard1.6) (== netstandard2.0) (== netstandard2.1)
      System.Reflection.Primitives (>= 4.3) - restriction: || (&& (== net46) (< net45) (>= netstandard1.6)) (== net5.0) (== netcoreapp3.1) (== netstandard1.6) (== netstandard2.0) (== netstandard2.1)
      System.Reflection.TypeExtensions (>= 4.3) - restriction: || (&& (== net46) (< net45) (>= netstandard1.6)) (== net5.0) (== netcoreapp3.1) (== netstandard1.6) (== netstandard2.0) (== netstandard2.1)
      System.Resources.ResourceManager (>= 4.3) - restriction: || (&& (== net46) (< net45) (>= netstandard1.6)) (== net5.0) (== netcoreapp3.1) (== netstandard1.6) (== netstandard2.0) (== netstandard2.1)
      System.Runtime (>= 4.3) - restriction: || (&& (== net46) (< net45)) (== net5.0) (== netcoreapp3.1) (== netstandard1.6) (== netstandard2.0) (== netstandard2.1)
      System.Runtime.Extensions (>= 4.3) - restriction: || (&& (== net46) (< net45) (>= netstandard1.6)) (== net5.0) (== netcoreapp3.1) (== netstandard1.6) (== netstandard2.0) (== netstandard2.1)
      System.Threading (>= 4.3) - restriction: || (&& (== net46) (< net45) (>= netstandard1.6)) (== net5.0) (== netcoreapp3.1) (== netstandard1.6) (== netstandard2.0) (== netstandard2.1)
    System.Management (5.0) - restriction: || (&& (== net45) (>= netstandard2.0)) (&& (== net46) (>= netstandard2.0)) (== net5.0) (== netcoreapp3.1) (&& (== netstandard1.6) (>= netstandard2.0)) (== netstandard2.0) (== netstandard2.1)
      Microsoft.NETCore.Platforms (>= 5.0) - restriction: || (&& (== net45) (>= netcoreapp2.0)) (&& (== net46) (>= netcoreapp2.0)) (== net5.0) (== netcoreapp3.1) (&& (== netstandard1.6) (>= netcoreapp2.0)) (&& (== netstandard2.0) (>= netcoreapp2.0)) (&& (== netstandard2.1) (>= netcoreapp2.0))
      Microsoft.Win32.Registry (>= 5.0) - restriction: || (&& (== net45) (>= netcoreapp2.0)) (&& (== net46) (>= netcoreapp2.0)) (== net5.0) (== netcoreapp3.1) (&& (== netstandard1.6) (>= netcoreapp2.0)) (&& (== netstandard2.0) (>= netcoreapp2.0)) (&& (== netstandard2.1) (>= netcoreapp2.0))
      System.CodeDom (>= 5.0) - restriction: || (&& (== net45) (>= netcoreapp2.0)) (&& (== net46) (< net45) (>= netstandard2.0)) (&& (== net46) (>= netcoreapp2.0)) (== net5.0) (== netcoreapp3.1) (&& (== netstandard1.6) (>= netcoreapp2.0)) (&& (== netstandard1.6) (>= netstandard2.0)) (== netstandard2.0) (== netstandard2.1)
    System.Memory (4.5.4) - restriction: || (== net45) (== net46) (== netstandard1.6) (== netstandard2.0)
      System.Buffers (>= 4.5.1) - restriction: || (== net45) (== net46) (&& (== net5.0) (>= monotouch)) (&& (== net5.0) (>= net461)) (&& (== net5.0) (< netcoreapp2.0)) (&& (== net5.0) (< netstandard1.1)) (&& (== net5.0) (< netstandard2.0)) (&& (== net5.0) (>= xamarinios)) (&& (== net5.0) (>= xamarinmac)) (&& (== net5.0) (>= xamarintvos)) (&& (== net5.0) (>= xamarinwatchos)) (&& (== netcoreapp3.1) (>= monotouch)) (&& (== netcoreapp3.1) (>= net461)) (&& (== netcoreapp3.1) (< netcoreapp2.0)) (&& (== netcoreapp3.1) (< netstandard1.1)) (&& (== netcoreapp3.1) (< netstandard2.0)) (&& (== netcoreapp3.1) (>= xamarinios)) (&& (== netcoreapp3.1) (>= xamarinmac)) (&& (== netcoreapp3.1) (>= xamarintvos)) (&& (== netcoreapp3.1) (>= xamarinwatchos)) (== netstandard1.6) (== netstandard2.0) (== netstandard2.1)
      System.Diagnostics.Debug (>= 4.3) - restriction: || (&& (== net46) (< net45)) (&& (== net5.0) (< netstandard2.0)) (&& (== netcoreapp3.1) (< netstandard2.0)) (== netstandard1.6) (&& (== netstandard2.1) (< netstandard2.0))
      System.Globalization (>= 4.3) - restriction: || (&& (== net46) (< net45)) (&& (== net5.0) (< netstandard2.0)) (&& (== netcoreapp3.1) (< netstandard2.0)) (== netstandard1.6) (&& (== netstandard2.1) (< netstandard2.0))
      System.Numerics.Vectors (>= 4.4) - restriction: || (&& (== net46) (< net45) (>= netstandard2.0)) (&& (== net5.0) (< netcoreapp2.0)) (&& (== netcoreapp3.1) (< netcoreapp2.0)) (&& (== netstandard1.6) (>= netstandard2.0)) (== netstandard2.0) (== netstandard2.1)
      System.Reflection (>= 4.3) - restriction: || (&& (== net46) (< net45)) (&& (== net5.0) (< netstandard2.0)) (&& (== netcoreapp3.1) (< netstandard2.0)) (== netstandard1.6) (&& (== netstandard2.1) (< netstandard2.0))
      System.Resources.ResourceManager (>= 4.3) - restriction: || (&& (== net46) (< net45)) (&& (== net5.0) (< netstandard2.0)) (&& (== netcoreapp3.1) (< netstandard2.0)) (== netstandard1.6) (&& (== netstandard2.1) (< netstandard2.0))
      System.Runtime (>= 4.3) - restriction: || (&& (== net46) (< net45)) (&& (== net5.0) (< netstandard2.0)) (&& (== netcoreapp3.1) (< netstandard2.0)) (== netstandard1.6) (&& (== netstandard2.1) (< netstandard2.0))
      System.Runtime.CompilerServices.Unsafe (>= 4.5.3) - restriction: || (== net45) (== net46) (&& (== net5.0) (>= monotouch)) (&& (== net5.0) (>= net461)) (&& (== net5.0) (< netcoreapp2.0)) (&& (== net5.0) (< netcoreapp2.1)) (&& (== net5.0) (< netstandard1.1)) (&& (== net5.0) (< netstandard2.0)) (&& (== net5.0) (>= uap10.1)) (&& (== net5.0) (>= xamarinios)) (&& (== net5.0) (>= xamarinmac)) (&& (== net5.0) (>= xamarintvos)) (&& (== net5.0) (>= xamarinwatchos)) (&& (== netcoreapp3.1) (>= monotouch)) (&& (== netcoreapp3.1) (>= net461)) (&& (== netcoreapp3.1) (< netcoreapp2.0)) (&& (== netcoreapp3.1) (< netcoreapp2.1)) (&& (== netcoreapp3.1) (< netstandard1.1)) (&& (== netcoreapp3.1) (< netstandard2.0)) (&& (== netcoreapp3.1) (>= uap10.1)) (&& (== netcoreapp3.1) (>= xamarinios)) (&& (== netcoreapp3.1) (>= xamarinmac)) (&& (== netcoreapp3.1) (>= xamarintvos)) (&& (== netcoreapp3.1) (>= xamarinwatchos)) (== netstandard1.6) (== netstandard2.0) (== netstandard2.1)
      System.Runtime.Extensions (>= 4.3) - restriction: || (&& (== net46) (< net45)) (&& (== net5.0) (< netstandard2.0)) (&& (== netcoreapp3.1) (< netstandard2.0)) (== netstandard1.6) (&& (== netstandard2.1) (< netstandard2.0))
      System.Runtime.InteropServices (>= 4.3) - restriction: || (&& (== net46) (< net45)) (&& (== net5.0) (< netstandard2.0)) (&& (== netcoreapp3.1) (< netstandard2.0)) (== netstandard1.6) (&& (== netstandard2.1) (< netstandard2.0))
    System.Net.Http (4.3.4) - restriction: || (&& (== net45) (== net5.0)) (&& (== net45) (== netcoreapp3.1)) (&& (== net45) (== netstandard2.1)) (&& (== net46) (== net5.0)) (&& (== net46) (== netcoreapp3.1)) (&& (== net46) (== netstandard2.0)) (&& (== net46) (== netstandard2.1)) (&& (== net46) (< net45) (>= netstandard1.6)) (&& (== net46) (>= netstandard1.6) (>= uap10.0)) (&& (== net5.0) (< netstandard1.2)) (&& (== net5.0) (< netstandard1.3)) (&& (== net5.0) (< netstandard1.4)) (&& (== net5.0) (< netstandard1.5)) (&& (== net5.0) (< netstandard1.6)) (&& (== net5.0) (< netstandard2.0)) (&& (== netcoreapp3.1) (< netstandard1.2)) (&& (== netcoreapp3.1) (< netstandard1.3)) (&& (== netcoreapp3.1) (< netstandard1.4)) (&& (== netcoreapp3.1) (< netstandard1.5)) (&& (== netcoreapp3.1) (< netstandard1.6)) (&& (== netcoreapp3.1) (< netstandard2.0)) (== netstandard1.6) (&& (== netstandard2.1) (< netstandard1.2)) (&& (== netstandard2.1) (< netstandard1.3)) (&& (== netstandard2.1) (< netstandard1.4)) (&& (== netstandard2.1) (< netstandard1.5)) (&& (== netstandard2.1) (< netstandard1.6)) (&& (== netstandard2.1) (< netstandard2.0))
      Microsoft.NETCore.Platforms (>= 1.1.1) - restriction: || (&& (== net46) (< net45)) (== net5.0) (== netcoreapp3.1) (== netstandard1.6) (== netstandard2.0) (== netstandard2.1)
      runtime.native.System (>= 4.3) - restriction: || (&& (== net46) (< net45) (>= netstandard1.6)) (== net5.0) (== netcoreapp3.1) (== netstandard1.6) (== netstandard2.0) (== netstandard2.1)
      runtime.native.System.Net.Http (>= 4.3) - restriction: || (&& (== net46) (< net45) (>= netstandard1.6)) (== net5.0) (== netcoreapp3.1) (== netstandard1.6) (== netstandard2.0) (== netstandard2.1)
      runtime.native.System.Security.Cryptography.OpenSsl (>= 4.3.2) - restriction: || (&& (== net46) (< net45) (>= netstandard1.6)) (== net5.0) (== netcoreapp3.1) (== netstandard1.6) (== netstandard2.0) (== netstandard2.1)
      System.Collections (>= 4.3) - restriction: || (&& (== net46) (< net45)) (== net5.0) (== netcoreapp3.1) (== netstandard1.6) (== netstandard2.0) (== netstandard2.1)
      System.Diagnostics.Debug (>= 4.3) - restriction: || (&& (== net46) (< net45)) (== net5.0) (== netcoreapp3.1) (== netstandard1.6) (== netstandard2.0) (== netstandard2.1)
      System.Diagnostics.DiagnosticSource (>= 4.3) - restriction: || (&& (== net46) (< net45)) (== net5.0) (== netcoreapp3.1) (== netstandard1.6) (== netstandard2.0) (== netstandard2.1)
      System.Diagnostics.Tracing (>= 4.3) - restriction: || (&& (== net46) (< net45)) (== net5.0) (== netcoreapp3.1) (== netstandard1.6) (== netstandard2.0) (== netstandard2.1)
      System.Globalization (>= 4.3) - restriction: || (&& (== net46) (< net45)) (== net5.0) (== netcoreapp3.1) (== netstandard1.6) (== netstandard2.0) (== netstandard2.1)
      System.Globalization.Extensions (>= 4.3) - restriction: || (&& (== net46) (< net45) (>= netstandard1.6)) (== net5.0) (== netcoreapp3.1) (== netstandard1.6) (== netstandard2.0) (== netstandard2.1)
      System.IO (>= 4.3) - restriction: || (&& (== net46) (< net45)) (== net5.0) (== netcoreapp3.1) (== netstandard1.6) (== netstandard2.0) (== netstandard2.1)
      System.IO.FileSystem (>= 4.3) - restriction: || (&& (== net46) (< net45) (>= netstandard1.6)) (== net5.0) (== netcoreapp3.1) (== netstandard1.6) (== netstandard2.0) (== netstandard2.1)
      System.Net.Primitives (>= 4.3) - restriction: || (&& (== net46) (< net45)) (== net5.0) (== netcoreapp3.1) (== netstandard1.6) (== netstandard2.0) (== netstandard2.1)
      System.Resources.ResourceManager (>= 4.3) - restriction: || (&& (== net46) (< net45)) (== net5.0) (== netcoreapp3.1) (== netstandard1.6) (== netstandard2.0) (== netstandard2.1)
      System.Runtime (>= 4.3) - restriction: || (&& (== net46) (< net45)) (== net5.0) (== netcoreapp3.1) (== netstandard1.6) (== netstandard2.0) (== netstandard2.1)
      System.Runtime.Extensions (>= 4.3) - restriction: || (&& (== net46) (< net45)) (== net5.0) (== netcoreapp3.1) (== netstandard1.6) (== netstandard2.0) (== netstandard2.1)
      System.Runtime.Handles (>= 4.3) - restriction: || (&& (== net46) (< net45)) (== net5.0) (== netcoreapp3.1) (== netstandard1.6) (== netstandard2.0) (== netstandard2.1)
      System.Runtime.InteropServices (>= 4.3) - restriction: || (&& (== net46) (< net45)) (== net5.0) (== netcoreapp3.1) (== netstandard1.6) (== netstandard2.0) (== netstandard2.1)
      System.Security.Cryptography.Algorithms (>= 4.3) - restriction: || (&& (== net46) (< net45) (>= netstandard1.6)) (== net5.0) (== netcoreapp3.1) (== netstandard1.6) (== netstandard2.0) (== netstandard2.1)
      System.Security.Cryptography.Encoding (>= 4.3) - restriction: || (&& (== net46) (< net45)) (== net5.0) (== netcoreapp3.1) (== netstandard1.6) (== netstandard2.0) (== netstandard2.1)
      System.Security.Cryptography.OpenSsl (>= 4.3) - restriction: || (&& (== net46) (< net45) (>= netstandard1.6)) (== net5.0) (== netcoreapp3.1) (== netstandard1.6) (== netstandard2.0) (== netstandard2.1)
      System.Security.Cryptography.Primitives (>= 4.3) - restriction: || (&& (== net46) (< net45) (>= netstandard1.6)) (== net5.0) (== netcoreapp3.1) (== netstandard1.6) (== netstandard2.0) (== netstandard2.1)
      System.Security.Cryptography.X509Certificates (>= 4.3) - restriction: || (&& (== net45) (>= net46)) (== net46) (== net5.0) (== netcoreapp3.1) (== netstandard1.6) (== netstandard2.0) (== netstandard2.1)
      System.Text.Encoding (>= 4.3) - restriction: || (&& (== net46) (< net45)) (== net5.0) (== netcoreapp3.1) (== netstandard1.6) (== netstandard2.0) (== netstandard2.1)
      System.Threading (>= 4.3) - restriction: || (&& (== net46) (< net45)) (== net5.0) (== netcoreapp3.1) (== netstandard1.6) (== netstandard2.0) (== netstandard2.1)
      System.Threading.Tasks (>= 4.3) - restriction: || (&& (== net46) (< net45)) (== net5.0) (== netcoreapp3.1) (== netstandard1.6) (== netstandard2.0) (== netstandard2.1)
    System.Net.Primitives (4.3.1) - restriction: || (&& (== net45) (== net5.0)) (&& (== net45) (== netcoreapp3.1)) (&& (== net45) (== netstandard2.1)) (&& (== net46) (== net5.0)) (&& (== net46) (== netcoreapp3.1)) (&& (== net46) (== netstandard2.0)) (&& (== net46) (== netstandard2.1)) (&& (== net46) (< net45) (>= netstandard1.6)) (&& (== net46) (>= netstandard1.6) (< portable-net45+win8+wpa81)) (&& (== net46) (>= netstandard1.6) (>= uap10.0)) (&& (== net5.0) (< netstandard1.2)) (&& (== net5.0) (< netstandard1.3)) (&& (== net5.0) (< netstandard1.4)) (&& (== net5.0) (< netstandard1.5)) (&& (== net5.0) (< netstandard1.6)) (&& (== net5.0) (< netstandard2.0)) (&& (== net5.0) (< portable-net45+win8+wpa81)) (&& (== netcoreapp3.1) (< netstandard1.2)) (&& (== netcoreapp3.1) (< netstandard1.3)) (&& (== netcoreapp3.1) (< netstandard1.4)) (&& (== netcoreapp3.1) (< netstandard1.5)) (&& (== netcoreapp3.1) (< netstandard1.6)) (&& (== netcoreapp3.1) (< netstandard2.0)) (&& (== netcoreapp3.1) (< portable-net45+win8+wpa81)) (== netstandard1.6) (&& (== netstandard2.1) (< netstandard1.2)) (&& (== netstandard2.1) (< netstandard1.3)) (&& (== netstandard2.1) (< netstandard1.4)) (&& (== netstandard2.1) (< netstandard1.5)) (&& (== netstandard2.1) (< netstandard1.6)) (&& (== netstandard2.1) (< netstandard2.0)) (&& (== netstandard2.1) (< portable-net45+win8+wpa81))
      Microsoft.NETCore.Platforms (>= 1.1.1) - restriction: || (&& (== net45) (< netstandard1.1)) (&& (== net46) (< net45)) (&& (== net46) (< netstandard1.1)) (== net5.0) (== netcoreapp3.1) (== netstandard1.6) (== netstandard2.0) (== netstandard2.1)
      Microsoft.NETCore.Targets (>= 1.1.3) - restriction: || (&& (== net45) (< netstandard1.1)) (&& (== net46) (< net45)) (&& (== net46) (< netstandard1.1)) (== net5.0) (== netcoreapp3.1) (== netstandard1.6) (== netstandard2.0) (== netstandard2.1)
      System.Runtime (>= 4.3.1) - restriction: || (&& (== net45) (< netstandard1.1)) (&& (== net46) (< net45)) (&& (== net46) (< netstandard1.1)) (== net5.0) (== netcoreapp3.1) (== netstandard1.6) (== netstandard2.0) (== netstandard2.1)
      System.Runtime.Handles (>= 4.3) - restriction: || (&& (== net46) (< net45)) (== net5.0) (== netcoreapp3.1) (== netstandard1.6) (== netstandard2.0) (== netstandard2.1)
    System.Net.Sockets (4.3) - restriction: || (&& (== net45) (== net5.0)) (&& (== net45) (== netcoreapp3.1)) (&& (== net45) (== netstandard2.1)) (&& (== net46) (== net5.0)) (&& (== net46) (== netcoreapp3.1)) (&& (== net46) (== netstandard2.0)) (&& (== net46) (== netstandard2.1)) (&& (== net46) (< net45) (>= netstandard1.6)) (&& (== net46) (>= netstandard1.6) (>= uap10.0)) (&& (== net5.0) (< netstandard1.4)) (&& (== net5.0) (< netstandard1.5)) (&& (== net5.0) (< netstandard1.6)) (&& (== net5.0) (< netstandard2.0)) (&& (== netcoreapp3.1) (< netstandard1.4)) (&& (== netcoreapp3.1) (< netstandard1.5)) (&& (== netcoreapp3.1) (< netstandard1.6)) (&& (== netcoreapp3.1) (< netstandard2.0)) (== netstandard1.6) (&& (== netstandard2.1) (< netstandard1.4)) (&& (== netstandard2.1) (< netstandard1.5)) (&& (== netstandard2.1) (< netstandard1.6)) (&& (== netstandard2.1) (< netstandard2.0))
      Microsoft.NETCore.Platforms (>= 1.1) - restriction: || (&& (== net45) (>= netstandard1.3)) (== net5.0) (== netcoreapp3.1) (== netstandard1.6) (== netstandard2.0) (== netstandard2.1)
      Microsoft.NETCore.Targets (>= 1.1) - restriction: || (&& (== net45) (>= netstandard1.3)) (== net5.0) (== netcoreapp3.1) (== netstandard1.6) (== netstandard2.0) (== netstandard2.1)
      System.IO (>= 4.3) - restriction: || (&& (== net45) (>= netstandard1.3)) (== net5.0) (== netcoreapp3.1) (== netstandard1.6) (== netstandard2.0) (== netstandard2.1)
      System.Net.Primitives (>= 4.3) - restriction: || (&& (== net45) (>= netstandard1.3)) (== net5.0) (== netcoreapp3.1) (== netstandard1.6) (== netstandard2.0) (== netstandard2.1)
      System.Runtime (>= 4.3) - restriction: || (&& (== net45) (>= netstandard1.3)) (== net5.0) (== netcoreapp3.1) (== netstandard1.6) (== netstandard2.0) (== netstandard2.1)
      System.Threading.Tasks (>= 4.3) - restriction: || (&& (== net45) (>= netstandard1.3)) (== net5.0) (== netcoreapp3.1) (== netstandard1.6) (== netstandard2.0) (== netstandard2.1)
    System.Numerics.Vectors (4.5) - restriction: || (&& (== net45) (== net5.0)) (&& (== net45) (== netcoreapp3.1)) (&& (== net45) (== netstandard2.1)) (&& (== net46) (== net5.0)) (&& (== net46) (== netcoreapp3.1)) (&& (== net46) (== netstandard2.1)) (&& (== net46) (< net45) (>= netstandard2.0)) (&& (== net5.0) (== netstandard1.6)) (&& (== net5.0) (>= net45) (< netstandard1.6)) (&& (== net5.0) (>= net46)) (&& (== net5.0) (< netcoreapp2.0) (< netstandard2.1)) (&& (== net5.0) (< netstandard2.0)) (&& (== netcoreapp3.1) (== netstandard1.6)) (&& (== netcoreapp3.1) (>= net45) (< netstandard1.6)) (&& (== netcoreapp3.1) (>= net46)) (&& (== netcoreapp3.1) (< netcoreapp2.0) (< netstandard2.1)) (&& (== netcoreapp3.1) (< netstandard2.0)) (&& (== netstandard1.6) (== netstandard2.1)) (&& (== netstandard1.6) (>= netstandard2.0)) (== netstandard2.0) (&& (== netstandard2.1) (>= net45) (< netstandard1.6)) (&& (== netstandard2.1) (>= net46)) (&& (== netstandard2.1) (< netstandard2.0))
    System.ObjectModel (4.3) - restriction: || (&& (== net45) (== net5.0)) (&& (== net45) (== netcoreapp3.1)) (&& (== net45) (== netstandard2.1)) (&& (== net46) (== net5.0)) (&& (== net46) (== netcoreapp3.1)) (&& (== net46) (== netstandard2.0)) (&& (== net46) (== netstandard2.1)) (&& (== net46) (< net45) (>= netstandard1.6)) (&& (== net46) (>= netstandard1.6) (< portable-net45+win8+wpa81)) (&& (== net46) (>= netstandard1.6) (>= uap10.0)) (&& (== net5.0) (< netstandard1.2)) (&& (== net5.0) (< netstandard1.3)) (&& (== net5.0) (< netstandard1.4)) (&& (== net5.0) (< netstandard1.5)) (&& (== net5.0) (< netstandard1.6)) (&& (== net5.0) (< netstandard2.0)) (&& (== net5.0) (< portable-net45+win8+wpa81)) (&& (== netcoreapp3.1) (< netstandard1.2)) (&& (== netcoreapp3.1) (< netstandard1.3)) (&& (== netcoreapp3.1) (< netstandard1.4)) (&& (== netcoreapp3.1) (< netstandard1.5)) (&& (== netcoreapp3.1) (< netstandard1.6)) (&& (== netcoreapp3.1) (< netstandard2.0)) (&& (== netcoreapp3.1) (< portable-net45+win8+wpa81)) (== netstandard1.6) (&& (== netstandard2.1) (< netstandard1.2)) (&& (== netstandard2.1) (< netstandard1.3)) (&& (== netstandard2.1) (< netstandard1.4)) (&& (== netstandard2.1) (< netstandard1.5)) (&& (== netstandard2.1) (< netstandard1.6)) (&& (== netstandard2.1) (< netstandard2.0)) (&& (== netstandard2.1) (< portable-net45+win8+wpa81))
      System.Collections (>= 4.3) - restriction: || (&& (== net46) (< net45)) (== net5.0) (== netcoreapp3.1) (== netstandard1.6) (== netstandard2.0) (== netstandard2.1)
      System.Diagnostics.Debug (>= 4.3) - restriction: || (&& (== net46) (< net45)) (== net5.0) (== netcoreapp3.1) (== netstandard1.6) (== netstandard2.0) (== netstandard2.1)
      System.Resources.ResourceManager (>= 4.3) - restriction: || (&& (== net46) (< net45)) (== net5.0) (== netcoreapp3.1) (== netstandard1.6) (== netstandard2.0) (== netstandard2.1)
      System.Runtime (>= 4.3) - restriction: || (&& (== net46) (< net45)) (== net5.0) (== netcoreapp3.1) (== netstandard1.6) (== netstandard2.0) (== netstandard2.1)
      System.Threading (>= 4.3) - restriction: || (&& (== net46) (< net45)) (== net5.0) (== netcoreapp3.1) (== netstandard1.6) (== netstandard2.0) (== netstandard2.1)
    System.Reflection (4.3) - restriction: || (&& (== net45) (== net5.0)) (&& (== net45) (== netcoreapp3.1)) (&& (== net45) (== netstandard2.1)) (&& (== net46) (== net5.0)) (&& (== net46) (== netcoreapp3.1)) (&& (== net46) (== netstandard2.0)) (&& (== net46) (== netstandard2.1)) (&& (== net46) (< net45)) (&& (== net5.0) (>= net45) (< netstandard1.6)) (&& (== net5.0) (< netstandard2.0)) (&& (== netcoreapp3.1) (>= net45) (< netstandard1.6)) (&& (== netcoreapp3.1) (< netstandard2.0)) (== netstandard1.6) (&& (== netstandard2.1) (>= net45) (< netstandard1.6)) (&& (== netstandard2.1) (< netstandard2.0))
      Microsoft.NETCore.Platforms (>= 1.1) - restriction: || (&& (== net46) (< net45)) (== net5.0) (== netcoreapp3.1) (== netstandard1.6) (== netstandard2.0) (== netstandard2.1)
      Microsoft.NETCore.Targets (>= 1.1) - restriction: || (&& (== net46) (< net45)) (== net5.0) (== netcoreapp3.1) (== netstandard1.6) (== netstandard2.0) (== netstandard2.1)
      System.IO (>= 4.3) - restriction: || (&& (== net46) (< net45)) (== net5.0) (== netcoreapp3.1) (== netstandard1.6) (== netstandard2.0) (== netstandard2.1)
      System.Reflection.Primitives (>= 4.3) - restriction: || (&& (== net46) (< net45)) (== net5.0) (== netcoreapp3.1) (== netstandard1.6) (== netstandard2.0) (== netstandard2.1)
      System.Runtime (>= 4.3) - restriction: || (&& (== net46) (< net45)) (== net5.0) (== netcoreapp3.1) (== netstandard1.6) (== netstandard2.0) (== netstandard2.1)
    System.Reflection.Emit (4.7) - restriction: || (&& (== net45) (>= netstandard2.0)) (&& (== net46) (< net45) (>= netstandard1.6)) (&& (== net46) (>= netstandard1.6) (< portable-net45+win8+wpa81)) (&& (== net46) (>= netstandard1.6) (>= uap10.0)) (&& (== net46) (>= netstandard2.0)) (== net5.0) (== netcoreapp3.1) (== netstandard1.6) (== netstandard2.0) (== netstandard2.1)
      System.Reflection.Emit.ILGeneration (>= 4.7) - restriction: || (&& (== net45) (< netstandard1.1)) (&& (== net45) (>= uap10.1)) (&& (== net45) (>= wpa81)) (&& (== net46) (< net45)) (&& (== net46) (< netstandard1.1)) (&& (== net46) (>= uap10.1)) (&& (== net46) (>= wpa81)) (&& (== net5.0) (< netcoreapp2.0) (< netstandard2.1)) (&& (== net5.0) (< netstandard1.1)) (&& (== net5.0) (< netstandard2.0)) (&& (== net5.0) (>= uap10.1)) (&& (== netcoreapp3.1) (< netcoreapp2.0) (< netstandard2.1)) (&& (== netcoreapp3.1) (< netstandard1.1)) (&& (== netcoreapp3.1) (< netstandard2.0)) (&& (== netcoreapp3.1) (>= uap10.1)) (== netstandard1.6) (== netstandard2.0) (&& (== netstandard2.1) (< netstandard1.1)) (&& (== netstandard2.1) (< netstandard2.0)) (&& (== netstandard2.1) (>= uap10.1))
    System.Reflection.Emit.ILGeneration (4.7) - restriction: || (&& (== net45) (== net5.0)) (&& (== net45) (== netcoreapp3.1)) (&& (== net45) (== netstandard2.1)) (&& (== net45) (< netstandard1.1) (>= netstandard2.0)) (&& (== net45) (>= netstandard2.0) (>= uap10.1)) (&& (== net45) (>= netstandard2.0) (>= wpa81)) (&& (== net46) (== net5.0)) (&& (== net46) (== netcoreapp3.1)) (&& (== net46) (== netstandard2.1)) (&& (== net46) (< net45) (>= netstandard1.6)) (&& (== net46) (< net45) (>= netstandard2.0)) (&& (== net46) (< netstandard1.1) (>= netstandard2.0)) (&& (== net46) (>= netstandard1.6) (< portable-net45+win8+wpa81)) (&& (== net46) (>= netstandard1.6) (>= uap10.0)) (&& (== net46) (>= netstandard2.0) (>= uap10.1)) (&& (== net46) (>= netstandard2.0) (>= wpa81)) (&& (== net5.0) (< netcoreapp2.0) (< netstandard2.1)) (&& (== net5.0) (< netstandard1.1)) (&& (== net5.0) (< netstandard1.2)) (&& (== net5.0) (< netstandard1.3)) (&& (== net5.0) (< netstandard1.4)) (&& (== net5.0) (< netstandard1.5)) (&& (== net5.0) (< netstandard1.6)) (&& (== net5.0) (< netstandard2.0)) (&& (== net5.0) (< portable-net45+win8+wpa81)) (&& (== net5.0) (>= uap10.1)) (&& (== netcoreapp3.1) (< netcoreapp2.0) (< netstandard2.1)) (&& (== netcoreapp3.1) (< netstandard1.1)) (&& (== netcoreapp3.1) (< netstandard1.2)) (&& (== netcoreapp3.1) (< netstandard1.3)) (&& (== netcoreapp3.1) (< netstandard1.4)) (&& (== netcoreapp3.1) (< netstandard1.5)) (&& (== netcoreapp3.1) (< netstandard1.6)) (&& (== netcoreapp3.1) (< netstandard2.0)) (&& (== netcoreapp3.1) (< portable-net45+win8+wpa81)) (&& (== netcoreapp3.1) (>= uap10.1)) (== netstandard1.6) (== netstandard2.0) (&& (== netstandard2.1) (< netstandard1.1)) (&& (== netstandard2.1) (< netstandard1.2)) (&& (== netstandard2.1) (< netstandard1.3)) (&& (== netstandard2.1) (< netstandard1.4)) (&& (== netstandard2.1) (< netstandard1.5)) (&& (== netstandard2.1) (< netstandard1.6)) (&& (== netstandard2.1) (< netstandard2.0)) (&& (== netstandard2.1) (< portable-net45+win8+wpa81)) (&& (== netstandard2.1) (>= uap10.1))
    System.Reflection.Emit.Lightweight (4.7) - restriction: || (&& (== net45) (>= netstandard2.0)) (&& (== net46) (< net45) (>= netstandard1.6)) (&& (== net46) (>= netstandard1.6) (< portable-net45+win8+wpa81)) (&& (== net46) (>= netstandard1.6) (>= uap10.0)) (&& (== net46) (>= netstandard2.0)) (== net5.0) (== netcoreapp3.1) (== netstandard1.6) (== netstandard2.0) (== netstandard2.1)
      System.Reflection.Emit.ILGeneration (>= 4.7) - restriction: || (&& (== net45) (< portable-net45+wp8)) (&& (== net45) (>= uap10.1)) (&& (== net45) (>= wpa81)) (&& (== net46) (< net45)) (&& (== net46) (< portable-net45+wp8)) (&& (== net46) (>= uap10.1)) (&& (== net46) (>= wpa81)) (&& (== net5.0) (< netcoreapp2.0) (< netstandard2.1)) (&& (== net5.0) (< netstandard2.0)) (&& (== net5.0) (< portable-net45+wp8)) (&& (== net5.0) (>= uap10.1)) (&& (== netcoreapp3.1) (< netcoreapp2.0) (< netstandard2.1)) (&& (== netcoreapp3.1) (< netstandard2.0)) (&& (== netcoreapp3.1) (< portable-net45+wp8)) (&& (== netcoreapp3.1) (>= uap10.1)) (== netstandard1.6) (== netstandard2.0) (&& (== netstandard2.1) (< netstandard2.0)) (&& (== netstandard2.1) (< portable-net45+wp8)) (&& (== netstandard2.1) (>= uap10.1))
    System.Reflection.Extensions (4.3) - restriction: || (&& (== net45) (== net5.0)) (&& (== net45) (== netcoreapp3.1)) (&& (== net45) (== netstandard2.1)) (&& (== net46) (== net5.0)) (&& (== net46) (== netcoreapp3.1)) (&& (== net46) (== netstandard2.0)) (&& (== net46) (== netstandard2.1)) (&& (== net46) (< net45) (>= netstandard1.6)) (&& (== net46) (>= netstandard1.6) (< portable-net45+win8+wpa81)) (&& (== net46) (>= netstandard1.6) (>= uap10.0)) (&& (== net5.0) (< netstandard1.2)) (&& (== net5.0) (< netstandard1.3)) (&& (== net5.0) (< netstandard1.4)) (&& (== net5.0) (< netstandard1.5)) (&& (== net5.0) (< netstandard1.6)) (&& (== net5.0) (< netstandard2.0)) (&& (== net5.0) (< portable-net45+win8+wpa81)) (&& (== netcoreapp3.1) (< netstandard1.2)) (&& (== netcoreapp3.1) (< netstandard1.3)) (&& (== netcoreapp3.1) (< netstandard1.4)) (&& (== netcoreapp3.1) (< netstandard1.5)) (&& (== netcoreapp3.1) (< netstandard1.6)) (&& (== netcoreapp3.1) (< netstandard2.0)) (&& (== netcoreapp3.1) (< portable-net45+win8+wpa81)) (== netstandard1.6) (&& (== netstandard2.1) (< netstandard1.2)) (&& (== netstandard2.1) (< netstandard1.3)) (&& (== netstandard2.1) (< netstandard1.4)) (&& (== netstandard2.1) (< netstandard1.5)) (&& (== netstandard2.1) (< netstandard1.6)) (&& (== netstandard2.1) (< netstandard2.0)) (&& (== netstandard2.1) (< portable-net45+win8+wpa81))
      Microsoft.NETCore.Platforms (>= 1.1) - restriction: || (&& (== net46) (< net45)) (== net5.0) (== netcoreapp3.1) (== netstandard1.6) (== netstandard2.0) (== netstandard2.1)
      Microsoft.NETCore.Targets (>= 1.1) - restriction: || (&& (== net46) (< net45)) (== net5.0) (== netcoreapp3.1) (== netstandard1.6) (== netstandard2.0) (== netstandard2.1)
      System.Reflection (>= 4.3) - restriction: || (&& (== net46) (< net45)) (== net5.0) (== netcoreapp3.1) (== netstandard1.6) (== netstandard2.0) (== netstandard2.1)
      System.Runtime (>= 4.3) - restriction: || (&& (== net46) (< net45)) (== net5.0) (== netcoreapp3.1) (== netstandard1.6) (== netstandard2.0) (== netstandard2.1)
    System.Reflection.Metadata (5.0) - restriction: || (&& (== net45) (>= netcoreapp1.0)) (&& (== net45) (>= netcoreapp2.1)) (&& (== net45) (>= netstandard2.0)) (&& (== net46) (>= netcoreapp1.0)) (&& (== net46) (>= netcoreapp2.1)) (&& (== net46) (>= netstandard2.0)) (== net5.0) (== netcoreapp3.1) (&& (== netstandard1.6) (>= netcoreapp1.0)) (&& (== netstandard1.6) (>= netcoreapp2.1)) (&& (== netstandard1.6) (>= netstandard2.0)) (== netstandard2.0) (== netstandard2.1)
      System.Collections.Immutable (>= 5.0) - restriction: || (== net45) (== net46) (&& (== net5.0) (>= net461)) (&& (== net5.0) (< netstandard1.1)) (&& (== net5.0) (< netstandard2.0)) (== netcoreapp3.1) (== netstandard1.6) (== netstandard2.0) (== netstandard2.1)
    System.Reflection.Primitives (4.3) - restriction: || (&& (== net45) (== net5.0)) (&& (== net45) (== netcoreapp3.1)) (&& (== net45) (== netstandard2.1)) (&& (== net46) (== net5.0)) (&& (== net46) (== netcoreapp3.1)) (&& (== net46) (== netstandard2.0)) (&& (== net46) (== netstandard2.1)) (&& (== net46) (< net45) (>= netstandard1.6)) (&& (== net46) (>= netstandard1.6) (< portable-net45+win8+wpa81)) (&& (== net46) (>= netstandard1.6) (>= uap10.0)) (&& (== net5.0) (< netstandard1.2)) (&& (== net5.0) (< netstandard1.3)) (&& (== net5.0) (< netstandard1.4)) (&& (== net5.0) (< netstandard1.5)) (&& (== net5.0) (< netstandard1.6)) (&& (== net5.0) (< netstandard2.0)) (&& (== net5.0) (< portable-net45+win8+wpa81)) (&& (== netcoreapp3.1) (< netstandard1.2)) (&& (== netcoreapp3.1) (< netstandard1.3)) (&& (== netcoreapp3.1) (< netstandard1.4)) (&& (== netcoreapp3.1) (< netstandard1.5)) (&& (== netcoreapp3.1) (< netstandard1.6)) (&& (== netcoreapp3.1) (< netstandard2.0)) (&& (== netcoreapp3.1) (< portable-net45+win8+wpa81)) (== netstandard1.6) (&& (== netstandard2.1) (< netstandard1.2)) (&& (== netstandard2.1) (< netstandard1.3)) (&& (== netstandard2.1) (< netstandard1.4)) (&& (== netstandard2.1) (< netstandard1.5)) (&& (== netstandard2.1) (< netstandard1.6)) (&& (== netstandard2.1) (< netstandard2.0)) (&& (== netstandard2.1) (< portable-net45+win8+wpa81))
      Microsoft.NETCore.Platforms (>= 1.1) - restriction: || (&& (== net46) (< net45)) (== net5.0) (== netcoreapp3.1) (== netstandard1.6) (== netstandard2.0) (== netstandard2.1)
      Microsoft.NETCore.Targets (>= 1.1) - restriction: || (&& (== net46) (< net45)) (== net5.0) (== netcoreapp3.1) (== netstandard1.6) (== netstandard2.0) (== netstandard2.1)
      System.Runtime (>= 4.3) - restriction: || (&& (== net46) (< net45)) (== net5.0) (== netcoreapp3.1) (== netstandard1.6) (== netstandard2.0) (== netstandard2.1)
    System.Reflection.TypeExtensions (4.7) - restriction: || (&& (== net45) (== net5.0)) (&& (== net45) (== netcoreapp3.1)) (&& (== net45) (== netstandard2.1)) (&& (== net46) (== net5.0)) (&& (== net46) (== netcoreapp3.1)) (&& (== net46) (== netstandard2.0)) (&& (== net46) (== netstandard2.1)) (&& (== net46) (< net45) (>= netstandard1.6)) (&& (== net46) (>= netstandard1.6) (< portable-net45+win8+wpa81)) (&& (== net46) (>= netstandard1.6) (>= uap10.0)) (&& (== net5.0) (< netstandard1.2)) (&& (== net5.0) (< netstandard1.3)) (&& (== net5.0) (< netstandard1.4)) (&& (== net5.0) (< netstandard1.5)) (&& (== net5.0) (< netstandard1.6)) (&& (== net5.0) (< netstandard2.0)) (&& (== net5.0) (< portable-net45+win8+wpa81)) (&& (== netcoreapp3.1) (< netstandard1.2)) (&& (== netcoreapp3.1) (< netstandard1.3)) (&& (== netcoreapp3.1) (< netstandard1.4)) (&& (== netcoreapp3.1) (< netstandard1.5)) (&& (== netcoreapp3.1) (< netstandard1.6)) (&& (== netcoreapp3.1) (< netstandard2.0)) (&& (== netcoreapp3.1) (< portable-net45+win8+wpa81)) (== netstandard1.6) (&& (== netstandard2.1) (< netstandard1.2)) (&& (== netstandard2.1) (< netstandard1.3)) (&& (== netstandard2.1) (< netstandard1.4)) (&& (== netstandard2.1) (< netstandard1.5)) (&& (== netstandard2.1) (< netstandard1.6)) (&& (== netstandard2.1) (< netstandard2.0)) (&& (== netstandard2.1) (< portable-net45+win8+wpa81))
      System.Reflection (>= 4.3) - restriction: || (&& (== net45) (>= netstandard1.3)) (&& (== net45) (>= netstandard1.5)) (&& (== net5.0) (< netstandard1.5)) (&& (== net5.0) (< netstandard2.0)) (&& (== netcoreapp3.1) (< netstandard1.5)) (&& (== netcoreapp3.1) (< netstandard2.0)) (== netstandard1.6) (&& (== netstandard2.0) (< netstandard1.5)) (&& (== netstandard2.1) (< netstandard1.5)) (&& (== netstandard2.1) (< netstandard2.0))
      System.Resources.ResourceManager (>= 4.3) - restriction: || (&& (== net45) (>= netstandard1.3)) (&& (== net45) (>= netstandard1.5)) (&& (== net5.0) (< netstandard1.5)) (&& (== net5.0) (< netstandard2.0)) (&& (== netcoreapp3.1) (< netstandard1.5)) (&& (== netcoreapp3.1) (< netstandard2.0)) (== netstandard1.6) (&& (== netstandard2.0) (< netstandard1.5)) (&& (== netstandard2.1) (< netstandard1.5)) (&& (== netstandard2.1) (< netstandard2.0))
      System.Runtime (>= 4.3) - restriction: || (&& (== net45) (>= netstandard1.3)) (&& (== net45) (>= netstandard1.5)) (&& (== net5.0) (< netstandard1.5)) (&& (== net5.0) (< netstandard2.0)) (&& (== netcoreapp3.1) (< netstandard1.5)) (&& (== netcoreapp3.1) (< netstandard2.0)) (== netstandard1.6) (&& (== netstandard2.0) (< netstandard1.5)) (&& (== netstandard2.1) (< netstandard1.5)) (&& (== netstandard2.1) (< netstandard2.0))
    System.Resources.ResourceManager (4.3) - restriction: || (&& (== net45) (== net5.0)) (&& (== net45) (== netcoreapp3.1)) (&& (== net45) (== netstandard2.1)) (&& (== net46) (== net5.0)) (&& (== net46) (== netcoreapp3.1)) (&& (== net46) (== netstandard2.0)) (&& (== net46) (== netstandard2.1)) (&& (== net46) (< net45)) (&& (== net5.0) (>= net45) (< netstandard1.6)) (&& (== net5.0) (< netstandard2.0)) (&& (== netcoreapp3.1) (>= net45) (< netstandard1.6)) (&& (== netcoreapp3.1) (< netstandard2.0)) (== netstandard1.6) (&& (== netstandard2.1) (>= net45) (< netstandard1.6)) (&& (== netstandard2.1) (< netstandard2.0))
      Microsoft.NETCore.Platforms (>= 1.1) - restriction: || (&& (== net46) (< net45)) (== net5.0) (== netcoreapp3.1) (== netstandard1.6) (== netstandard2.0) (== netstandard2.1)
      Microsoft.NETCore.Targets (>= 1.1) - restriction: || (&& (== net46) (< net45)) (== net5.0) (== netcoreapp3.1) (== netstandard1.6) (== netstandard2.0) (== netstandard2.1)
      System.Globalization (>= 4.3) - restriction: || (&& (== net46) (< net45)) (== net5.0) (== netcoreapp3.1) (== netstandard1.6) (== netstandard2.0) (== netstandard2.1)
      System.Reflection (>= 4.3) - restriction: || (&& (== net46) (< net45)) (== net5.0) (== netcoreapp3.1) (== netstandard1.6) (== netstandard2.0) (== netstandard2.1)
      System.Runtime (>= 4.3) - restriction: || (&& (== net46) (< net45)) (== net5.0) (== netcoreapp3.1) (== netstandard1.6) (== netstandard2.0) (== netstandard2.1)
    System.Runtime (4.3.1) - restriction: || (&& (== net45) (== net5.0)) (&& (== net45) (== netcoreapp3.1)) (&& (== net45) (== netstandard2.1)) (&& (== net46) (== net5.0)) (&& (== net46) (== netcoreapp3.1)) (&& (== net46) (== netstandard2.0)) (&& (== net46) (== netstandard2.1)) (&& (== net46) (< net45) (>= netstandard1.6)) (&& (== net46) (< netstandard1.1) (>= netstandard1.6)) (&& (== net46) (>= netstandard1.6) (< portable-net45+win8+wpa81)) (&& (== net46) (>= netstandard1.6) (>= uap10.0)) (&& (== net5.0) (< netstandard1.1)) (&& (== net5.0) (< netstandard1.2)) (&& (== net5.0) (< netstandard1.3)) (&& (== net5.0) (< netstandard1.4)) (&& (== net5.0) (< netstandard1.5)) (&& (== net5.0) (< netstandard1.6)) (&& (== net5.0) (< netstandard2.0)) (&& (== net5.0) (< portable-net45+win8+wpa81)) (&& (== netcoreapp3.1) (< netstandard1.1)) (&& (== netcoreapp3.1) (< netstandard1.2)) (&& (== netcoreapp3.1) (< netstandard1.3)) (&& (== netcoreapp3.1) (< netstandard1.4)) (&& (== netcoreapp3.1) (< netstandard1.5)) (&& (== netcoreapp3.1) (< netstandard1.6)) (&& (== netcoreapp3.1) (< netstandard2.0)) (&& (== netcoreapp3.1) (< portable-net45+win8+wpa81)) (== netstandard1.6) (&& (== netstandard2.1) (< netstandard1.1)) (&& (== netstandard2.1) (< netstandard1.2)) (&& (== netstandard2.1) (< netstandard1.3)) (&& (== netstandard2.1) (< netstandard1.4)) (&& (== netstandard2.1) (< netstandard1.5)) (&& (== netstandard2.1) (< netstandard1.6)) (&& (== netstandard2.1) (< netstandard2.0)) (&& (== netstandard2.1) (< portable-net45+win8+wpa81))
      Microsoft.NETCore.Platforms (>= 1.1.1) - restriction: || (&& (== net46) (< net45)) (== net5.0) (== netcoreapp3.1) (== netstandard1.6) (== netstandard2.0) (== netstandard2.1)
      Microsoft.NETCore.Targets (>= 1.1.3) - restriction: || (&& (== net46) (< net45)) (== net5.0) (== netcoreapp3.1) (== netstandard1.6) (== netstandard2.0) (== netstandard2.1)
    System.Runtime.CompilerServices.Unsafe (5.0)
      System.Runtime (>= 4.3) - restriction: || (&& (== net46) (< net45)) (&& (== net5.0) (< netstandard2.0)) (&& (== netcoreapp3.1) (< netstandard2.0)) (== netstandard1.6) (&& (== netstandard2.1) (< netstandard2.0))
    System.Runtime.Extensions (4.3.1) - restriction: || (&& (== net45) (== net5.0)) (&& (== net45) (== netcoreapp3.1)) (&& (== net45) (== netstandard2.1)) (&& (== net46) (== net5.0)) (&& (== net46) (== netcoreapp3.1)) (&& (== net46) (== netstandard2.0)) (&& (== net46) (== netstandard2.1)) (&& (== net46) (< net45) (>= netstandard1.6)) (&& (== net46) (>= netstandard1.6) (< portable-net45+win8+wpa81)) (&& (== net46) (>= netstandard1.6) (>= uap10.0)) (&& (== net5.0) (< netcoreapp1.1) (< netstandard2.0)) (&& (== net5.0) (< netstandard1.2)) (&& (== net5.0) (< netstandard1.3)) (&& (== net5.0) (< netstandard1.4)) (&& (== net5.0) (< netstandard1.5)) (&& (== net5.0) (< netstandard1.6)) (&& (== net5.0) (< portable-net45+win8+wpa81)) (&& (== netcoreapp3.1) (< netcoreapp1.1) (< netstandard2.0)) (&& (== netcoreapp3.1) (< netstandard1.2)) (&& (== netcoreapp3.1) (< netstandard1.3)) (&& (== netcoreapp3.1) (< netstandard1.4)) (&& (== netcoreapp3.1) (< netstandard1.5)) (&& (== netcoreapp3.1) (< netstandard1.6)) (&& (== netcoreapp3.1) (< portable-net45+win8+wpa81)) (== netstandard1.6) (&& (== netstandard2.1) (< netstandard1.2)) (&& (== netstandard2.1) (< netstandard1.3)) (&& (== netstandard2.1) (< netstandard1.4)) (&& (== netstandard2.1) (< netstandard1.5)) (&& (== netstandard2.1) (< netstandard1.6)) (&& (== netstandard2.1) (< netstandard2.0)) (&& (== netstandard2.1) (< portable-net45+win8+wpa81))
      Microsoft.NETCore.Platforms (>= 1.1.1) - restriction: || (&& (== net46) (< net45)) (== net5.0) (== netcoreapp3.1) (== netstandard1.6) (== netstandard2.0) (== netstandard2.1)
      Microsoft.NETCore.Targets (>= 1.1.3) - restriction: || (&& (== net46) (< net45)) (== net5.0) (== netcoreapp3.1) (== netstandard1.6) (== netstandard2.0) (== netstandard2.1)
      System.Runtime (>= 4.3.1) - restriction: || (&& (== net46) (< net45)) (== net5.0) (== netcoreapp3.1) (== netstandard1.6) (== netstandard2.0) (== netstandard2.1)
    System.Runtime.Handles (4.3) - restriction: || (&& (== net45) (== net5.0)) (&& (== net45) (== netcoreapp3.1)) (&& (== net45) (== netstandard2.1)) (&& (== net46) (== net5.0)) (&& (== net46) (== netcoreapp3.1)) (&& (== net46) (== netstandard2.0)) (&& (== net46) (== netstandard2.1)) (&& (== net46) (< net45) (>= netstandard1.6)) (&& (== net46) (>= netstandard1.6) (>= uap10.0)) (&& (== net5.0) (< netstandard1.4)) (&& (== net5.0) (< netstandard1.5)) (&& (== net5.0) (< netstandard1.6)) (&& (== net5.0) (< netstandard2.0)) (&& (== netcoreapp3.1) (< netstandard1.4)) (&& (== netcoreapp3.1) (< netstandard1.5)) (&& (== netcoreapp3.1) (< netstandard1.6)) (&& (== netcoreapp3.1) (< netstandard2.0)) (== netstandard1.6) (&& (== netstandard2.1) (< netstandard1.4)) (&& (== netstandard2.1) (< netstandard1.5)) (&& (== netstandard2.1) (< netstandard1.6)) (&& (== netstandard2.1) (< netstandard2.0))
      Microsoft.NETCore.Platforms (>= 1.1) - restriction: || (&& (== net45) (>= netstandard1.3)) (== net5.0) (== netcoreapp3.1) (== netstandard1.6) (== netstandard2.0) (== netstandard2.1)
      Microsoft.NETCore.Targets (>= 1.1) - restriction: || (&& (== net45) (>= netstandard1.3)) (== net5.0) (== netcoreapp3.1) (== netstandard1.6) (== netstandard2.0) (== netstandard2.1)
      System.Runtime (>= 4.3) - restriction: || (&& (== net45) (>= netstandard1.3)) (== net5.0) (== netcoreapp3.1) (== netstandard1.6) (== netstandard2.0) (== netstandard2.1)
    System.Runtime.InteropServices (4.3) - restriction: || (&& (== net45) (== net5.0)) (&& (== net45) (== netcoreapp3.1)) (&& (== net45) (== netstandard2.1)) (&& (== net46) (== net5.0)) (&& (== net46) (== netcoreapp3.1)) (&& (== net46) (== netstandard2.0)) (&& (== net46) (== netstandard2.1)) (&& (== net46) (< net45)) (&& (== net5.0) (>= net45) (< netstandard1.6)) (&& (== net5.0) (< netstandard2.0)) (&& (== netcoreapp3.1) (>= net45) (< netstandard1.6)) (&& (== netcoreapp3.1) (< netstandard2.0)) (== netstandard1.6) (&& (== netstandard2.1) (>= net45) (< netstandard1.6)) (&& (== netstandard2.1) (< netstandard2.0))
      Microsoft.NETCore.Platforms (>= 1.1) - restriction: || (&& (== net45) (>= netcoreapp1.1)) (&& (== net46) (< net45)) (&& (== net46) (>= netcoreapp1.1)) (== net5.0) (== netcoreapp3.1) (== netstandard1.6) (== netstandard2.0) (== netstandard2.1)
      Microsoft.NETCore.Targets (>= 1.1) - restriction: || (&& (== net45) (>= netcoreapp1.1)) (&& (== net46) (< net45)) (&& (== net46) (>= netcoreapp1.1)) (== net5.0) (== netcoreapp3.1) (== netstandard1.6) (== netstandard2.0) (== netstandard2.1)
      System.Reflection (>= 4.3) - restriction: || (&& (== net45) (>= netcoreapp1.1)) (&& (== net46) (< net45)) (&& (== net46) (>= netcoreapp1.1)) (== net5.0) (== netcoreapp3.1) (== netstandard1.6) (== netstandard2.0) (== netstandard2.1)
      System.Reflection.Primitives (>= 4.3) - restriction: || (&& (== net45) (>= netcoreapp1.1)) (&& (== net46) (< net45)) (&& (== net46) (>= netcoreapp1.1)) (== net5.0) (== netcoreapp3.1) (== netstandard1.6) (== netstandard2.0) (== netstandard2.1)
      System.Runtime (>= 4.3) - restriction: || (&& (== net45) (>= net462)) (&& (== net45) (>= netcoreapp1.1)) (&& (== net46) (< net45)) (&& (== net46) (>= net462)) (&& (== net46) (>= netcoreapp1.1)) (== net5.0) (== netcoreapp3.1) (== netstandard1.6) (== netstandard2.0) (== netstandard2.1)
      System.Runtime.Handles (>= 4.3) - restriction: || (&& (== net45) (>= netcoreapp1.1)) (&& (== net46) (< net45)) (&& (== net46) (>= netcoreapp1.1)) (== net5.0) (== netcoreapp3.1) (== netstandard1.6) (== netstandard2.0) (== netstandard2.1)
    System.Runtime.InteropServices.RuntimeInformation (4.3) - restriction: || (&& (== net45) (== net46) (>= netstandard1.6) (>= wpa81)) (&& (== net45) (== net5.0)) (&& (== net45) (== netcoreapp3.1)) (&& (== net45) (== netstandard2.1)) (&& (== net46) (== net5.0)) (&& (== net46) (== netcoreapp3.1)) (&& (== net46) (== netstandard2.0)) (&& (== net46) (== netstandard2.1)) (&& (== net46) (< net45) (>= netstandard1.6)) (&& (== net46) (< netstandard1.0) (>= netstandard1.6)) (&& (== net46) (< netstandard1.3) (>= netstandard1.6) (>= wpa81)) (&& (== net46) (>= netstandard1.6) (>= uap10.0)) (&& (== net5.0) (< netstandard1.0)) (&& (== net5.0) (< netstandard1.2)) (&& (== net5.0) (< netstandard1.3)) (&& (== net5.0) (< netstandard1.4)) (&& (== net5.0) (< netstandard1.5)) (&& (== net5.0) (< netstandard1.6)) (&& (== net5.0) (< netstandard2.0)) (&& (== netcoreapp3.1) (< netstandard1.0)) (&& (== netcoreapp3.1) (< netstandard1.2)) (&& (== netcoreapp3.1) (< netstandard1.3)) (&& (== netcoreapp3.1) (< netstandard1.4)) (&& (== netcoreapp3.1) (< netstandard1.5)) (&& (== netcoreapp3.1) (< netstandard1.6)) (&& (== netcoreapp3.1) (< netstandard2.0)) (== netstandard1.6) (&& (== netstandard2.1) (< netstandard1.0)) (&& (== netstandard2.1) (< netstandard1.2)) (&& (== netstandard2.1) (< netstandard1.3)) (&& (== netstandard2.1) (< netstandard1.4)) (&& (== netstandard2.1) (< netstandard1.5)) (&& (== netstandard2.1) (< netstandard1.6)) (&& (== netstandard2.1) (< netstandard2.0))
      runtime.native.System (>= 4.3) - restriction: || (&& (== net46) (< net45)) (== net5.0) (== netcoreapp3.1) (== netstandard1.6) (== netstandard2.0) (== netstandard2.1)
      System.Reflection (>= 4.3) - restriction: || (&& (== net46) (< net45)) (== net5.0) (== netcoreapp3.1) (== netstandard1.6) (== netstandard2.0) (== netstandard2.1)
      System.Reflection.Extensions (>= 4.3) - restriction: || (&& (== net46) (< net45)) (== net5.0) (== netcoreapp3.1) (== netstandard1.6) (== netstandard2.0) (== netstandard2.1)
      System.Resources.ResourceManager (>= 4.3) - restriction: || (&& (== net46) (< net45)) (== net5.0) (== netcoreapp3.1) (== netstandard1.6) (== netstandard2.0) (== netstandard2.1)
      System.Runtime (>= 4.3) - restriction: || (&& (== net46) (< net45)) (== net5.0) (== netcoreapp3.1) (== netstandard1.6) (== netstandard2.0) (== netstandard2.1)
      System.Runtime.InteropServices (>= 4.3) - restriction: || (&& (== net46) (< net45)) (== net5.0) (== netcoreapp3.1) (== netstandard1.6) (== netstandard2.0) (== netstandard2.1)
      System.Threading (>= 4.3) - restriction: || (&& (== net46) (< net45)) (== net5.0) (== netcoreapp3.1) (== netstandard1.6) (== netstandard2.0) (== netstandard2.1)
    System.Runtime.Numerics (4.3) - restriction: || (&& (== net45) (== net5.0)) (&& (== net45) (== netcoreapp3.1)) (&& (== net45) (== netstandard2.1)) (&& (== net46) (== net5.0)) (&& (== net46) (== netcoreapp3.1)) (&& (== net46) (== netstandard2.0)) (&& (== net46) (== netstandard2.1)) (&& (== net46) (< net45) (>= netstandard1.6)) (&& (== net46) (>= netstandard1.6) (>= uap10.0)) (&& (== net5.0) (< netstandard1.2)) (&& (== net5.0) (< netstandard1.3)) (&& (== net5.0) (< netstandard1.4)) (&& (== net5.0) (< netstandard1.5)) (&& (== net5.0) (< netstandard1.6)) (&& (== net5.0) (< netstandard2.0)) (&& (== netcoreapp3.1) (< netstandard1.2)) (&& (== netcoreapp3.1) (< netstandard1.3)) (&& (== netcoreapp3.1) (< netstandard1.4)) (&& (== netcoreapp3.1) (< netstandard1.5)) (&& (== netcoreapp3.1) (< netstandard1.6)) (&& (== netcoreapp3.1) (< netstandard2.0)) (== netstandard1.6) (&& (== netstandard2.1) (< netstandard1.2)) (&& (== netstandard2.1) (< netstandard1.3)) (&& (== netstandard2.1) (< netstandard1.4)) (&& (== netstandard2.1) (< netstandard1.5)) (&& (== netstandard2.1) (< netstandard1.6)) (&& (== netstandard2.1) (< netstandard2.0))
      System.Globalization (>= 4.3) - restriction: || (&& (== net46) (< net45)) (== net5.0) (== netcoreapp3.1) (== netstandard1.6) (== netstandard2.0) (== netstandard2.1)
      System.Resources.ResourceManager (>= 4.3) - restriction: || (&& (== net46) (< net45)) (== net5.0) (== netcoreapp3.1) (== netstandard1.6) (== netstandard2.0) (== netstandard2.1)
      System.Runtime (>= 4.3) - restriction: || (&& (== net46) (< net45)) (== net5.0) (== netcoreapp3.1) (== netstandard1.6) (== netstandard2.0) (== netstandard2.1)
      System.Runtime.Extensions (>= 4.3) - restriction: || (&& (== net46) (< net45)) (== net5.0) (== netcoreapp3.1) (== netstandard1.6) (== netstandard2.0) (== netstandard2.1)
    System.Security.AccessControl (5.0) - restriction: || (&& (== net45) (>= netcoreapp2.0)) (&& (== net45) (>= netcoreapp2.1)) (&& (== net45) (>= netstandard2.0)) (&& (== net45) (>= xamarinios)) (&& (== net45) (>= xamarinmac)) (&& (== net46) (>= monoandroid) (< netstandard1.3) (>= netstandard2.0)) (&& (== net46) (>= monotouch) (>= netstandard2.0)) (&& (== net46) (>= net461) (>= netstandard2.0)) (&& (== net46) (>= netcoreapp2.0)) (&& (== net46) (>= netcoreapp2.1)) (&& (== net46) (>= netstandard2.0) (>= uap10.1)) (&& (== net46) (>= netstandard2.0) (>= xamarintvos)) (&& (== net46) (>= netstandard2.0) (>= xamarinwatchos)) (&& (== net46) (>= xamarinios)) (&& (== net46) (>= xamarinmac)) (== net5.0) (== netcoreapp3.1) (&& (== netstandard1.6) (>= netcoreapp2.0)) (&& (== netstandard1.6) (>= netcoreapp2.1)) (&& (== netstandard1.6) (>= netstandard2.0)) (&& (== netstandard1.6) (>= xamarinios)) (&& (== netstandard1.6) (>= xamarinmac)) (== netstandard2.0) (== netstandard2.1)
      Microsoft.NETCore.Platforms (>= 5.0) - restriction: || (&& (== net45) (>= netcoreapp2.0)) (&& (== net46) (>= netcoreapp2.0)) (== net5.0) (== netcoreapp3.1) (&& (== netstandard1.6) (>= netcoreapp2.0)) (&& (== netstandard2.0) (>= netcoreapp2.0)) (&& (== netstandard2.1) (>= netcoreapp2.0))
      System.Security.Principal.Windows (>= 5.0) - restriction: || (&& (== net45) (>= net46)) (&& (== net45) (>= net461)) (&& (== net45) (>= netcoreapp2.0)) (&& (== net45) (>= netstandard1.3)) (&& (== net45) (>= netstandard2.0)) (== net46) (== net5.0) (== netcoreapp3.1) (== netstandard1.6) (== netstandard2.0) (== netstandard2.1)
    System.Security.Cryptography.Algorithms (4.3.1) - restriction: || (&& (== net45) (== net5.0)) (&& (== net45) (== netcoreapp3.1)) (&& (== net45) (== netstandard2.1)) (&& (== net46) (== net5.0)) (&& (== net46) (== netcoreapp3.1)) (&& (== net46) (== netstandard2.0)) (&& (== net46) (== netstandard2.1)) (&& (== net46) (< net45) (>= netstandard1.6)) (&& (== net46) (>= netstandard1.6) (>= uap10.0)) (&& (== net5.0) (< netstandard1.2)) (&& (== net5.0) (< netstandard1.3)) (&& (== net5.0) (< netstandard1.4)) (&& (== net5.0) (< netstandard1.5)) (&& (== net5.0) (< netstandard1.6)) (&& (== net5.0) (< netstandard2.0)) (&& (== netcoreapp3.1) (< netstandard1.2)) (&& (== netcoreapp3.1) (< netstandard1.3)) (&& (== netcoreapp3.1) (< netstandard1.4)) (&& (== netcoreapp3.1) (< netstandard1.5)) (&& (== netcoreapp3.1) (< netstandard1.6)) (&& (== netcoreapp3.1) (< netstandard2.0)) (== netstandard1.6) (&& (== netstandard2.1) (< netstandard1.2)) (&& (== netstandard2.1) (< netstandard1.3)) (&& (== netstandard2.1) (< netstandard1.4)) (&& (== netstandard2.1) (< netstandard1.5)) (&& (== netstandard2.1) (< netstandard1.6)) (&& (== netstandard2.1) (< netstandard2.0))
      Microsoft.NETCore.Platforms (>= 1.1) - restriction: || (&& (== net45) (>= netstandard1.6)) (== net5.0) (== netcoreapp3.1) (== netstandard1.6) (== netstandard2.0) (== netstandard2.1)
      runtime.native.System.Security.Cryptography.Apple (>= 4.3.1) - restriction: || (&& (== net45) (>= netstandard1.6)) (== net5.0) (== netcoreapp3.1) (== netstandard1.6) (== netstandard2.0) (== netstandard2.1)
      runtime.native.System.Security.Cryptography.OpenSsl (>= 4.3.2) - restriction: || (&& (== net45) (>= netstandard1.6)) (== net5.0) (== netcoreapp3.1) (== netstandard1.6) (== netstandard2.0) (== netstandard2.1)
      System.Collections (>= 4.3) - restriction: || (&& (== net45) (>= netstandard1.6)) (== net5.0) (== netcoreapp3.1) (== netstandard1.6) (== netstandard2.0) (== netstandard2.1)
      System.IO (>= 4.3) - restriction: || (&& (== net45) (>= net463)) (&& (== net45) (>= netstandard1.3)) (&& (== net45) (>= netstandard1.4)) (&& (== net45) (>= netstandard1.6)) (&& (== net46) (>= net463)) (== net5.0) (== netcoreapp3.1) (== netstandard1.6) (== netstandard2.0) (== netstandard2.1)
      System.Resources.ResourceManager (>= 4.3) - restriction: || (&& (== net45) (>= netstandard1.6)) (== net5.0) (== netcoreapp3.1) (== netstandard1.6) (== netstandard2.0) (== netstandard2.1)
      System.Runtime (>= 4.3) - restriction: || (&& (== net45) (>= net463)) (&& (== net45) (>= netstandard1.3)) (&& (== net45) (>= netstandard1.4)) (&& (== net45) (>= netstandard1.6)) (&& (== net46) (>= net463)) (== net5.0) (== netcoreapp3.1) (== netstandard1.6) (== netstandard2.0) (== netstandard2.1)
      System.Runtime.Extensions (>= 4.3) - restriction: || (&& (== net45) (>= netstandard1.6)) (== net5.0) (== netcoreapp3.1) (== netstandard1.6) (== netstandard2.0) (== netstandard2.1)
      System.Runtime.Handles (>= 4.3) - restriction: || (&& (== net45) (>= netstandard1.6)) (== net5.0) (== netcoreapp3.1) (== netstandard1.6) (== netstandard2.0) (== netstandard2.1)
      System.Runtime.InteropServices (>= 4.3) - restriction: || (&& (== net45) (>= netstandard1.6)) (== net5.0) (== netcoreapp3.1) (== netstandard1.6) (== netstandard2.0) (== netstandard2.1)
      System.Runtime.Numerics (>= 4.3) - restriction: || (&& (== net45) (>= netstandard1.6)) (== net5.0) (== netcoreapp3.1) (== netstandard1.6) (== netstandard2.0) (== netstandard2.1)
      System.Security.Cryptography.Encoding (>= 4.3) - restriction: || (&& (== net45) (>= net463)) (&& (== net45) (>= netstandard1.6)) (&& (== net46) (>= net463)) (== net5.0) (== netcoreapp3.1) (== netstandard1.6) (== netstandard2.0) (== netstandard2.1)
      System.Security.Cryptography.Primitives (>= 4.3) - restriction: || (&& (== net45) (>= net46)) (&& (== net45) (>= net461)) (&& (== net45) (>= net463)) (&& (== net45) (>= netstandard1.3)) (&& (== net45) (>= netstandard1.4)) (&& (== net45) (>= netstandard1.6)) (== net46) (== net5.0) (== netcoreapp3.1) (== netstandard1.6) (== netstandard2.0) (== netstandard2.1)
      System.Text.Encoding (>= 4.3) - restriction: || (&& (== net45) (>= netstandard1.6)) (== net5.0) (== netcoreapp3.1) (== netstandard1.6) (== netstandard2.0) (== netstandard2.1)
    System.Security.Cryptography.Cng (5.0) - restriction: || (&& (== net45) (== net5.0)) (&& (== net45) (== netcoreapp3.1)) (&& (== net45) (== netstandard2.1)) (&& (== net46) (== net5.0)) (&& (== net46) (== netcoreapp3.1)) (&& (== net46) (== netstandard2.0)) (&& (== net46) (== netstandard2.1)) (&& (== net46) (< net45) (>= netstandard1.6)) (&& (== net46) (>= netstandard1.6) (>= uap10.0)) (&& (== net5.0) (< netstandard1.4)) (&& (== net5.0) (< netstandard1.5)) (&& (== net5.0) (< netstandard1.6)) (&& (== net5.0) (< netstandard2.0)) (&& (== netcoreapp3.1) (< netstandard1.4)) (&& (== netcoreapp3.1) (< netstandard1.5)) (&& (== netcoreapp3.1) (< netstandard1.6)) (&& (== netcoreapp3.1) (< netstandard2.0)) (== netstandard1.6) (&& (== netstandard2.1) (< netstandard1.4)) (&& (== netstandard2.1) (< netstandard1.5)) (&& (== netstandard2.1) (< netstandard1.6)) (&& (== netstandard2.1) (< netstandard2.0))
      System.IO (>= 4.3) - restriction: || (&& (== net45) (>= netstandard1.3)) (&& (== net45) (>= netstandard1.4)) (&& (== net45) (>= netstandard1.6)) (&& (== net5.0) (< netstandard1.4)) (&& (== net5.0) (< netstandard1.6)) (&& (== net5.0) (< netstandard2.0)) (&& (== netcoreapp3.1) (< netstandard1.4)) (&& (== netcoreapp3.1) (< netstandard1.6)) (&& (== netcoreapp3.1) (< netstandard2.0)) (== netstandard1.6) (&& (== netstandard2.0) (< netstandard1.4)) (&& (== netstandard2.0) (< netstandard1.6)) (&& (== netstandard2.1) (< netstandard1.4)) (&& (== netstandard2.1) (< netstandard1.6)) (&& (== netstandard2.1) (< netstandard2.0))
      System.Resources.ResourceManager (>= 4.3) - restriction: || (&& (== net45) (>= netstandard1.3)) (&& (== net45) (>= netstandard1.4)) (&& (== net45) (>= netstandard1.6)) (&& (== net5.0) (< netstandard1.4)) (&& (== net5.0) (< netstandard1.6)) (&& (== net5.0) (< netstandard2.0)) (&& (== netcoreapp3.1) (< netstandard1.4)) (&& (== netcoreapp3.1) (< netstandard1.6)) (&& (== netcoreapp3.1) (< netstandard2.0)) (== netstandard1.6) (&& (== netstandard2.0) (< netstandard1.4)) (&& (== netstandard2.0) (< netstandard1.6)) (&& (== netstandard2.1) (< netstandard1.4)) (&& (== netstandard2.1) (< netstandard1.6)) (&& (== netstandard2.1) (< netstandard2.0))
      System.Runtime (>= 4.3) - restriction: || (&& (== net45) (>= netstandard1.3)) (&& (== net45) (>= netstandard1.4)) (&& (== net45) (>= netstandard1.6)) (&& (== net5.0) (< netstandard1.4)) (&& (== net5.0) (< netstandard1.6)) (&& (== net5.0) (< netstandard2.0)) (&& (== netcoreapp3.1) (< netstandard1.4)) (&& (== netcoreapp3.1) (< netstandard1.6)) (&& (== netcoreapp3.1) (< netstandard2.0)) (== netstandard1.6) (&& (== netstandard2.0) (< netstandard1.4)) (&& (== netstandard2.0) (< netstandard1.6)) (&& (== netstandard2.1) (< netstandard1.4)) (&& (== netstandard2.1) (< netstandard1.6)) (&& (== netstandard2.1) (< netstandard2.0))
      System.Runtime.Extensions (>= 4.3) - restriction: || (&& (== net45) (>= netstandard1.4)) (&& (== net45) (>= netstandard1.6)) (&& (== net5.0) (< netstandard1.6)) (&& (== net5.0) (< netstandard2.0)) (&& (== netcoreapp3.1) (< netstandard1.6)) (&& (== netcoreapp3.1) (< netstandard2.0)) (== netstandard1.6) (&& (== netstandard2.0) (< netstandard1.6)) (&& (== netstandard2.1) (< netstandard1.6)) (&& (== netstandard2.1) (< netstandard2.0))
      System.Runtime.Handles (>= 4.3) - restriction: || (&& (== net45) (>= netstandard1.3)) (&& (== net45) (>= netstandard1.4)) (&& (== net45) (>= netstandard1.6)) (&& (== net5.0) (< netstandard1.4)) (&& (== net5.0) (< netstandard1.6)) (&& (== net5.0) (< netstandard2.0)) (&& (== netcoreapp3.1) (< netstandard1.4)) (&& (== netcoreapp3.1) (< netstandard1.6)) (&& (== netcoreapp3.1) (< netstandard2.0)) (== netstandard1.6) (&& (== netstandard2.0) (< netstandard1.4)) (&& (== netstandard2.0) (< netstandard1.6)) (&& (== netstandard2.1) (< netstandard1.4)) (&& (== netstandard2.1) (< netstandard1.6)) (&& (== netstandard2.1) (< netstandard2.0))
      System.Runtime.InteropServices (>= 4.3) - restriction: || (&& (== net45) (>= netstandard1.3)) (&& (== net45) (>= netstandard1.4)) (&& (== net45) (>= netstandard1.6)) (&& (== net5.0) (< netstandard1.4)) (&& (== net5.0) (< netstandard1.6)) (&& (== net5.0) (< netstandard2.0)) (&& (== netcoreapp3.1) (< netstandard1.4)) (&& (== netcoreapp3.1) (< netstandard1.6)) (&& (== netcoreapp3.1) (< netstandard2.0)) (== netstandard1.6) (&& (== netstandard2.0) (< netstandard1.4)) (&& (== netstandard2.0) (< netstandard1.6)) (&& (== netstandard2.1) (< netstandard1.4)) (&& (== netstandard2.1) (< netstandard1.6)) (&& (== netstandard2.1) (< netstandard2.0))
      System.Security.Cryptography.Algorithms (>= 4.3.1) - restriction: || (&& (== net45) (>= net46)) (&& (== net45) (>= net461)) (&& (== net45) (>= net462)) (&& (== net45) (>= net47)) (&& (== net45) (>= netstandard1.3)) (&& (== net45) (>= netstandard1.4)) (&& (== net45) (>= netstandard1.6)) (== net46) (&& (== net5.0) (>= net47)) (&& (== net5.0) (< netstandard1.4)) (&& (== net5.0) (< netstandard1.6)) (&& (== net5.0) (< netstandard2.0)) (&& (== netcoreapp3.1) (>= net47)) (&& (== netcoreapp3.1) (< netstandard1.4)) (&& (== netcoreapp3.1) (< netstandard1.6)) (&& (== netcoreapp3.1) (< netstandard2.0)) (== netstandard1.6) (&& (== netstandard2.0) (>= net47)) (&& (== netstandard2.0) (< netstandard1.4)) (&& (== netstandard2.0) (< netstandard1.6)) (&& (== netstandard2.1) (>= net47)) (&& (== netstandard2.1) (< netstandard1.4)) (&& (== netstandard2.1) (< netstandard1.6)) (&& (== netstandard2.1) (< netstandard2.0))
      System.Security.Cryptography.Encoding (>= 4.3) - restriction: || (&& (== net45) (>= netstandard1.4)) (&& (== net45) (>= netstandard1.6)) (&& (== net5.0) (< netstandard1.6)) (&& (== net5.0) (< netstandard2.0)) (&& (== netcoreapp3.1) (< netstandard1.6)) (&& (== netcoreapp3.1) (< netstandard2.0)) (== netstandard1.6) (&& (== netstandard2.0) (< netstandard1.6)) (&& (== netstandard2.1) (< netstandard1.6)) (&& (== netstandard2.1) (< netstandard2.0))
      System.Security.Cryptography.Primitives (>= 4.3) - restriction: || (&& (== net45) (>= net46)) (&& (== net45) (>= netstandard1.3)) (&& (== net45) (>= netstandard1.4)) (&& (== net45) (>= netstandard1.6)) (== net46) (&& (== net5.0) (< netstandard1.4)) (&& (== net5.0) (< netstandard1.6)) (&& (== net5.0) (< netstandard2.0)) (&& (== netcoreapp3.1) (< netstandard1.4)) (&& (== netcoreapp3.1) (< netstandard1.6)) (&& (== netcoreapp3.1) (< netstandard2.0)) (== netstandard1.6) (&& (== netstandard2.0) (< netstandard1.4)) (&& (== netstandard2.0) (< netstandard1.6)) (&& (== netstandard2.1) (< netstandard1.4)) (&& (== netstandard2.1) (< netstandard1.6)) (&& (== netstandard2.1) (< netstandard2.0))
      System.Text.Encoding (>= 4.3) - restriction: || (&& (== net45) (>= netstandard1.4)) (&& (== net45) (>= netstandard1.6)) (&& (== net5.0) (< netstandard1.6)) (&& (== net5.0) (< netstandard2.0)) (&& (== netcoreapp3.1) (< netstandard1.6)) (&& (== netcoreapp3.1) (< netstandard2.0)) (== netstandard1.6) (&& (== netstandard2.0) (< netstandard1.6)) (&& (== netstandard2.1) (< netstandard1.6)) (&& (== netstandard2.1) (< netstandard2.0))
    System.Security.Cryptography.Csp (4.3) - restriction: || (&& (== net45) (== net5.0)) (&& (== net45) (== netcoreapp3.1)) (&& (== net45) (== netstandard2.1)) (&& (== net46) (== net5.0)) (&& (== net46) (== netcoreapp3.1)) (&& (== net46) (== netstandard2.0)) (&& (== net46) (== netstandard2.1)) (&& (== net46) (< net45) (>= netstandard1.6)) (&& (== net46) (>= netstandard1.6) (>= uap10.0)) (&& (== net5.0) (< netstandard1.4)) (&& (== net5.0) (< netstandard1.5)) (&& (== net5.0) (< netstandard1.6)) (&& (== net5.0) (< netstandard2.0)) (&& (== netcoreapp3.1) (< netstandard1.4)) (&& (== netcoreapp3.1) (< netstandard1.5)) (&& (== netcoreapp3.1) (< netstandard1.6)) (&& (== netcoreapp3.1) (< netstandard2.0)) (== netstandard1.6) (&& (== netstandard2.1) (< netstandard1.4)) (&& (== netstandard2.1) (< netstandard1.5)) (&& (== netstandard2.1) (< netstandard1.6)) (&& (== netstandard2.1) (< netstandard2.0))
      Microsoft.NETCore.Platforms (>= 1.1) - restriction: || (&& (== net45) (>= netstandard1.3)) (== net5.0) (== netcoreapp3.1) (== netstandard1.6) (== netstandard2.0) (== netstandard2.1)
      System.IO (>= 4.3) - restriction: || (&& (== net45) (>= netstandard1.3)) (== net5.0) (== netcoreapp3.1) (== netstandard1.6) (== netstandard2.0) (== netstandard2.1)
      System.Reflection (>= 4.3) - restriction: || (&& (== net45) (>= netstandard1.3)) (== net5.0) (== netcoreapp3.1) (== netstandard1.6) (== netstandard2.0) (== netstandard2.1)
      System.Resources.ResourceManager (>= 4.3) - restriction: || (&& (== net45) (>= netstandard1.3)) (== net5.0) (== netcoreapp3.1) (== netstandard1.6) (== netstandard2.0) (== netstandard2.1)
      System.Runtime (>= 4.3) - restriction: || (&& (== net45) (>= netstandard1.3)) (== net5.0) (== netcoreapp3.1) (== netstandard1.6) (== netstandard2.0) (== netstandard2.1)
      System.Runtime.Extensions (>= 4.3) - restriction: || (&& (== net45) (>= netstandard1.3)) (== net5.0) (== netcoreapp3.1) (== netstandard1.6) (== netstandard2.0) (== netstandard2.1)
      System.Runtime.Handles (>= 4.3) - restriction: || (&& (== net45) (>= netstandard1.3)) (== net5.0) (== netcoreapp3.1) (== netstandard1.6) (== netstandard2.0) (== netstandard2.1)
      System.Runtime.InteropServices (>= 4.3) - restriction: || (&& (== net45) (>= netstandard1.3)) (== net5.0) (== netcoreapp3.1) (== netstandard1.6) (== netstandard2.0) (== netstandard2.1)
      System.Security.Cryptography.Algorithms (>= 4.3) - restriction: || (&& (== net45) (>= net46)) (&& (== net45) (>= netstandard1.3)) (== net46) (== net5.0) (== netcoreapp3.1) (== netstandard1.6) (== netstandard2.0) (== netstandard2.1)
      System.Security.Cryptography.Encoding (>= 4.3) - restriction: || (&& (== net45) (>= netstandard1.3)) (== net5.0) (== netcoreapp3.1) (== netstandard1.6) (== netstandard2.0) (== netstandard2.1)
      System.Security.Cryptography.Primitives (>= 4.3) - restriction: || (&& (== net45) (>= net46)) (&& (== net45) (>= netstandard1.3)) (== net46) (== net5.0) (== netcoreapp3.1) (== netstandard1.6) (== netstandard2.0) (== netstandard2.1)
      System.Text.Encoding (>= 4.3) - restriction: || (&& (== net45) (>= netstandard1.3)) (== net5.0) (== netcoreapp3.1) (== netstandard1.6) (== netstandard2.0) (== netstandard2.1)
      System.Threading (>= 4.3) - restriction: || (&& (== net45) (>= netstandard1.3)) (== net5.0) (== netcoreapp3.1) (== netstandard1.6) (== netstandard2.0) (== netstandard2.1)
    System.Security.Cryptography.Encoding (4.3) - restriction: || (&& (== net45) (== net5.0)) (&& (== net45) (== netcoreapp3.1)) (&& (== net45) (== netstandard2.1)) (&& (== net46) (== net5.0)) (&& (== net46) (== netcoreapp3.1)) (&& (== net46) (== netstandard2.0)) (&& (== net46) (== netstandard2.1)) (&& (== net46) (< net45) (>= netstandard1.6)) (&& (== net46) (>= netstandard1.6) (>= uap10.0)) (&& (== net5.0) (< netstandard1.4)) (&& (== net5.0) (< netstandard1.5)) (&& (== net5.0) (< netstandard1.6)) (&& (== net5.0) (< netstandard2.0)) (&& (== netcoreapp3.1) (< netstandard1.4)) (&& (== netcoreapp3.1) (< netstandard1.5)) (&& (== netcoreapp3.1) (< netstandard1.6)) (&& (== netcoreapp3.1) (< netstandard2.0)) (== netstandard1.6) (&& (== netstandard2.1) (< netstandard1.4)) (&& (== netstandard2.1) (< netstandard1.5)) (&& (== netstandard2.1) (< netstandard1.6)) (&& (== netstandard2.1) (< netstandard2.0))
      Microsoft.NETCore.Platforms (>= 1.1) - restriction: || (&& (== net45) (>= netstandard1.3)) (== net5.0) (== netcoreapp3.1) (== netstandard1.6) (== netstandard2.0) (== netstandard2.1)
      runtime.native.System.Security.Cryptography.OpenSsl (>= 4.3) - restriction: || (&& (== net45) (>= netstandard1.3)) (== net5.0) (== netcoreapp3.1) (== netstandard1.6) (== netstandard2.0) (== netstandard2.1)
      System.Collections (>= 4.3) - restriction: || (&& (== net45) (>= netstandard1.3)) (== net5.0) (== netcoreapp3.1) (== netstandard1.6) (== netstandard2.0) (== netstandard2.1)
      System.Collections.Concurrent (>= 4.3) - restriction: || (&& (== net45) (>= netstandard1.3)) (== net5.0) (== netcoreapp3.1) (== netstandard1.6) (== netstandard2.0) (== netstandard2.1)
      System.Linq (>= 4.3) - restriction: || (&& (== net45) (>= netstandard1.3)) (== net5.0) (== netcoreapp3.1) (== netstandard1.6) (== netstandard2.0) (== netstandard2.1)
      System.Resources.ResourceManager (>= 4.3) - restriction: || (&& (== net45) (>= netstandard1.3)) (== net5.0) (== netcoreapp3.1) (== netstandard1.6) (== netstandard2.0) (== netstandard2.1)
      System.Runtime (>= 4.3) - restriction: || (&& (== net45) (>= netstandard1.3)) (== net5.0) (== netcoreapp3.1) (== netstandard1.6) (== netstandard2.0) (== netstandard2.1)
      System.Runtime.Extensions (>= 4.3) - restriction: || (&& (== net45) (>= netstandard1.3)) (== net5.0) (== netcoreapp3.1) (== netstandard1.6) (== netstandard2.0) (== netstandard2.1)
      System.Runtime.Handles (>= 4.3) - restriction: || (&& (== net45) (>= netstandard1.3)) (== net5.0) (== netcoreapp3.1) (== netstandard1.6) (== netstandard2.0) (== netstandard2.1)
      System.Runtime.InteropServices (>= 4.3) - restriction: || (&& (== net45) (>= netstandard1.3)) (== net5.0) (== netcoreapp3.1) (== netstandard1.6) (== netstandard2.0) (== netstandard2.1)
      System.Security.Cryptography.Primitives (>= 4.3) - restriction: || (&& (== net45) (>= netstandard1.3)) (== net5.0) (== netcoreapp3.1) (== netstandard1.6) (== netstandard2.0) (== netstandard2.1)
      System.Text.Encoding (>= 4.3) - restriction: || (&& (== net45) (>= netstandard1.3)) (== net5.0) (== netcoreapp3.1) (== netstandard1.6) (== netstandard2.0) (== netstandard2.1)
    System.Security.Cryptography.OpenSsl (5.0) - restriction: || (&& (== net45) (== net5.0)) (&& (== net45) (== netcoreapp3.1)) (&& (== net45) (== netstandard2.1)) (&& (== net46) (== net5.0)) (&& (== net46) (== netcoreapp3.1)) (&& (== net46) (== netstandard2.0)) (&& (== net46) (== netstandard2.1)) (&& (== net46) (< net45) (>= netstandard1.6)) (&& (== net46) (>= netstandard1.6) (>= uap10.0)) (&& (== net5.0) (< netstandard1.2)) (&& (== net5.0) (< netstandard1.3)) (&& (== net5.0) (< netstandard1.4)) (&& (== net5.0) (< netstandard1.5)) (&& (== net5.0) (< netstandard1.6)) (&& (== net5.0) (< netstandard2.0)) (&& (== netcoreapp3.1) (< netstandard1.2)) (&& (== netcoreapp3.1) (< netstandard1.3)) (&& (== netcoreapp3.1) (< netstandard1.4)) (&& (== netcoreapp3.1) (< netstandard1.5)) (&& (== netcoreapp3.1) (< netstandard1.6)) (&& (== netcoreapp3.1) (< netstandard2.0)) (== netstandard1.6) (&& (== netstandard2.1) (< netstandard1.2)) (&& (== netstandard2.1) (< netstandard1.3)) (&& (== netstandard2.1) (< netstandard1.4)) (&& (== netstandard2.1) (< netstandard1.5)) (&& (== netstandard2.1) (< netstandard1.6)) (&& (== netstandard2.1) (< netstandard2.0))
      System.Collections (>= 4.3) - restriction: || (&& (== net45) (>= netstandard1.6)) (&& (== net46) (>= netstandard1.6)) (&& (== net5.0) (< netstandard2.0)) (&& (== netcoreapp3.1) (< netstandard2.0)) (== netstandard1.6) (&& (== netstandard2.1) (< netstandard2.0))
      System.IO (>= 4.3) - restriction: || (&& (== net45) (>= netstandard1.6)) (&& (== net46) (>= netstandard1.6)) (&& (== net5.0) (< netstandard2.0)) (&& (== netcoreapp3.1) (< netstandard2.0)) (== netstandard1.6) (&& (== netstandard2.1) (< netstandard2.0))
      System.Resources.ResourceManager (>= 4.3) - restriction: || (&& (== net45) (>= netstandard1.6)) (&& (== net46) (>= netstandard1.6)) (&& (== net5.0) (< netstandard2.0)) (&& (== netcoreapp3.1) (< netstandard2.0)) (== netstandard1.6) (&& (== netstandard2.1) (< netstandard2.0))
      System.Runtime (>= 4.3) - restriction: || (&& (== net45) (>= netstandard1.6)) (&& (== net46) (>= netstandard1.6)) (&& (== net5.0) (< netstandard2.0)) (&& (== netcoreapp3.1) (< netstandard2.0)) (== netstandard1.6) (&& (== netstandard2.1) (< netstandard2.0))
      System.Runtime.Extensions (>= 4.3) - restriction: || (&& (== net45) (>= netstandard1.6)) (&& (== net46) (>= netstandard1.6)) (&& (== net5.0) (< netstandard2.0)) (&& (== netcoreapp3.1) (< netstandard2.0)) (== netstandard1.6) (&& (== netstandard2.1) (< netstandard2.0))
      System.Runtime.Handles (>= 4.3) - restriction: || (&& (== net45) (>= netstandard1.6)) (&& (== net46) (>= netstandard1.6)) (&& (== net5.0) (< netstandard2.0)) (&& (== netcoreapp3.1) (< netstandard2.0)) (== netstandard1.6) (&& (== netstandard2.1) (< netstandard2.0))
      System.Runtime.InteropServices (>= 4.3) - restriction: || (&& (== net45) (>= netstandard1.6)) (&& (== net46) (>= netstandard1.6)) (&& (== net5.0) (< netstandard2.0)) (&& (== netcoreapp3.1) (< netstandard2.0)) (== netstandard1.6) (&& (== netstandard2.1) (< netstandard2.0))
      System.Runtime.Numerics (>= 4.3) - restriction: || (&& (== net45) (>= netstandard1.6)) (&& (== net46) (>= netstandard1.6)) (&& (== net5.0) (< netstandard2.0)) (&& (== netcoreapp3.1) (< netstandard2.0)) (== netstandard1.6) (&& (== netstandard2.1) (< netstandard2.0))
      System.Security.Cryptography.Algorithms (>= 4.3.1) - restriction: || (&& (== net45) (>= net461)) (&& (== net45) (>= netstandard1.6)) (&& (== net46) (>= net461)) (&& (== net46) (>= netstandard1.6)) (&& (== net5.0) (>= net461)) (&& (== net5.0) (< netstandard2.0)) (&& (== netcoreapp3.1) (>= net461)) (&& (== netcoreapp3.1) (< netstandard2.0)) (== netstandard1.6) (&& (== netstandard2.0) (>= net461)) (&& (== netstandard2.1) (>= net461)) (&& (== netstandard2.1) (< netstandard2.0))
      System.Security.Cryptography.Encoding (>= 4.3) - restriction: || (&& (== net45) (>= netstandard1.6)) (&& (== net46) (>= netstandard1.6)) (&& (== net5.0) (< netstandard2.0)) (&& (== netcoreapp3.1) (< netstandard2.0)) (== netstandard1.6) (&& (== netstandard2.1) (< netstandard2.0))
      System.Security.Cryptography.Primitives (>= 4.3) - restriction: || (&& (== net45) (>= netstandard1.6)) (&& (== net46) (>= netstandard1.6)) (&& (== net5.0) (< netstandard2.0)) (&& (== netcoreapp3.1) (< netstandard2.0)) (== netstandard1.6) (&& (== netstandard2.1) (< netstandard2.0))
      System.Text.Encoding (>= 4.3) - restriction: || (&& (== net45) (>= netstandard1.6)) (&& (== net46) (>= netstandard1.6)) (&& (== net5.0) (< netstandard2.0)) (&& (== netcoreapp3.1) (< netstandard2.0)) (== netstandard1.6) (&& (== netstandard2.1) (< netstandard2.0))
    System.Security.Cryptography.Primitives (4.3) - restriction: || (&& (== net45) (== net5.0)) (&& (== net45) (== netcoreapp3.1)) (&& (== net45) (== netstandard2.1)) (&& (== net46) (== net5.0)) (&& (== net46) (== netcoreapp3.1)) (&& (== net46) (== netstandard2.0)) (&& (== net46) (== netstandard2.1)) (&& (== net46) (< net45) (>= netstandard1.6)) (&& (== net46) (>= netstandard1.6) (>= uap10.0)) (&& (== net5.0) (< netstandard1.4)) (&& (== net5.0) (< netstandard1.5)) (&& (== net5.0) (< netstandard1.6)) (&& (== net5.0) (< netstandard2.0)) (&& (== netcoreapp3.1) (< netstandard1.4)) (&& (== netcoreapp3.1) (< netstandard1.5)) (&& (== netcoreapp3.1) (< netstandard1.6)) (&& (== netcoreapp3.1) (< netstandard2.0)) (== netstandard1.6) (&& (== netstandard2.1) (< netstandard1.4)) (&& (== netstandard2.1) (< netstandard1.5)) (&& (== netstandard2.1) (< netstandard1.6)) (&& (== netstandard2.1) (< netstandard2.0))
      System.Diagnostics.Debug (>= 4.3) - restriction: || (&& (== net45) (>= netstandard1.3)) (== net5.0) (== netcoreapp3.1) (== netstandard1.6) (== netstandard2.0) (== netstandard2.1)
      System.Globalization (>= 4.3) - restriction: || (&& (== net45) (>= netstandard1.3)) (== net5.0) (== netcoreapp3.1) (== netstandard1.6) (== netstandard2.0) (== netstandard2.1)
      System.IO (>= 4.3) - restriction: || (&& (== net45) (>= netstandard1.3)) (== net5.0) (== netcoreapp3.1) (== netstandard1.6) (== netstandard2.0) (== netstandard2.1)
      System.Resources.ResourceManager (>= 4.3) - restriction: || (&& (== net45) (>= netstandard1.3)) (== net5.0) (== netcoreapp3.1) (== netstandard1.6) (== netstandard2.0) (== netstandard2.1)
      System.Runtime (>= 4.3) - restriction: || (&& (== net45) (>= netstandard1.3)) (== net5.0) (== netcoreapp3.1) (== netstandard1.6) (== netstandard2.0) (== netstandard2.1)
      System.Threading (>= 4.3) - restriction: || (&& (== net45) (>= netstandard1.3)) (== net5.0) (== netcoreapp3.1) (== netstandard1.6) (== netstandard2.0) (== netstandard2.1)
      System.Threading.Tasks (>= 4.3) - restriction: || (&& (== net45) (>= netstandard1.3)) (== net5.0) (== netcoreapp3.1) (== netstandard1.6) (== netstandard2.0) (== netstandard2.1)
    System.Security.Cryptography.X509Certificates (4.3.2) - restriction: || (&& (== net45) (== net5.0)) (&& (== net45) (== netcoreapp3.1)) (&& (== net45) (== netstandard2.1)) (&& (== net46) (== net5.0)) (&& (== net46) (== netcoreapp3.1)) (&& (== net46) (== netstandard2.0)) (&& (== net46) (== netstandard2.1)) (&& (== net46) (< net45) (>= netstandard1.6)) (&& (== net46) (>= netstandard1.6) (>= uap10.0)) (&& (== net5.0) (< netstandard1.4)) (&& (== net5.0) (< netstandard1.5)) (&& (== net5.0) (< netstandard1.6)) (&& (== net5.0) (< netstandard2.0)) (&& (== netcoreapp3.1) (< netstandard1.4)) (&& (== netcoreapp3.1) (< netstandard1.5)) (&& (== netcoreapp3.1) (< netstandard1.6)) (&& (== netcoreapp3.1) (< netstandard2.0)) (== netstandard1.6) (&& (== netstandard2.1) (< netstandard1.4)) (&& (== netstandard2.1) (< netstandard1.5)) (&& (== netstandard2.1) (< netstandard1.6)) (&& (== netstandard2.1) (< netstandard2.0))
      Microsoft.NETCore.Platforms (>= 1.1) - restriction: || (&& (== net45) (>= netstandard1.6)) (== net5.0) (== netcoreapp3.1) (== netstandard1.6) (== netstandard2.0) (== netstandard2.1)
      runtime.native.System (>= 4.3) - restriction: || (&& (== net45) (>= netstandard1.6)) (== net5.0) (== netcoreapp3.1) (== netstandard1.6) (== netstandard2.0) (== netstandard2.1)
      runtime.native.System.Net.Http (>= 4.3) - restriction: || (&& (== net45) (>= netstandard1.6)) (== net5.0) (== netcoreapp3.1) (== netstandard1.6) (== netstandard2.0) (== netstandard2.1)
      runtime.native.System.Security.Cryptography.OpenSsl (>= 4.3.2) - restriction: || (&& (== net45) (>= netstandard1.6)) (== net5.0) (== netcoreapp3.1) (== netstandard1.6) (== netstandard2.0) (== netstandard2.1)
      System.Collections (>= 4.3) - restriction: || (&& (== net45) (>= netstandard1.6)) (== net5.0) (== netcoreapp3.1) (== netstandard1.6) (== netstandard2.0) (== netstandard2.1)
      System.Diagnostics.Debug (>= 4.3) - restriction: || (&& (== net45) (>= netstandard1.6)) (== net5.0) (== netcoreapp3.1) (== netstandard1.6) (== netstandard2.0) (== netstandard2.1)
      System.Globalization (>= 4.3) - restriction: || (&& (== net45) (>= netstandard1.6)) (== net5.0) (== netcoreapp3.1) (== netstandard1.6) (== netstandard2.0) (== netstandard2.1)
      System.Globalization.Calendars (>= 4.3) - restriction: || (&& (== net45) (>= netstandard1.6)) (== net5.0) (== netcoreapp3.1) (== netstandard1.6) (== netstandard2.0) (== netstandard2.1)
      System.IO (>= 4.3) - restriction: || (&& (== net45) (>= netstandard1.6)) (== net5.0) (== netcoreapp3.1) (== netstandard1.6) (== netstandard2.0) (== netstandard2.1)
      System.IO.FileSystem (>= 4.3) - restriction: || (&& (== net45) (>= netstandard1.6)) (== net5.0) (== netcoreapp3.1) (== netstandard1.6) (== netstandard2.0) (== netstandard2.1)
      System.IO.FileSystem.Primitives (>= 4.3) - restriction: || (&& (== net45) (>= netstandard1.6)) (== net5.0) (== netcoreapp3.1) (== netstandard1.6) (== netstandard2.0) (== netstandard2.1)
      System.Resources.ResourceManager (>= 4.3) - restriction: || (&& (== net45) (>= netstandard1.6)) (== net5.0) (== netcoreapp3.1) (== netstandard1.6) (== netstandard2.0) (== netstandard2.1)
      System.Runtime (>= 4.3) - restriction: || (&& (== net45) (>= netstandard1.3)) (&& (== net45) (>= netstandard1.4)) (&& (== net45) (>= netstandard1.6)) (== net5.0) (== netcoreapp3.1) (== netstandard1.6) (== netstandard2.0) (== netstandard2.1)
      System.Runtime.Extensions (>= 4.3) - restriction: || (&& (== net45) (>= netstandard1.6)) (== net5.0) (== netcoreapp3.1) (== netstandard1.6) (== netstandard2.0) (== netstandard2.1)
      System.Runtime.Handles (>= 4.3) - restriction: || (&& (== net45) (>= netstandard1.3)) (&& (== net45) (>= netstandard1.4)) (&& (== net45) (>= netstandard1.6)) (== net5.0) (== netcoreapp3.1) (== netstandard1.6) (== netstandard2.0) (== netstandard2.1)
      System.Runtime.InteropServices (>= 4.3) - restriction: || (&& (== net45) (>= netstandard1.6)) (== net5.0) (== netcoreapp3.1) (== netstandard1.6) (== netstandard2.0) (== netstandard2.1)
      System.Runtime.Numerics (>= 4.3) - restriction: || (&& (== net45) (>= netstandard1.6)) (== net5.0) (== netcoreapp3.1) (== netstandard1.6) (== netstandard2.0) (== netstandard2.1)
      System.Security.Cryptography.Algorithms (>= 4.3) - restriction: || (&& (== net45) (>= net46)) (&& (== net45) (>= net461)) (&& (== net45) (>= netstandard1.3)) (&& (== net45) (>= netstandard1.4)) (&& (== net45) (>= netstandard1.6)) (== net46) (== net5.0) (== netcoreapp3.1) (== netstandard1.6) (== netstandard2.0) (== netstandard2.1)
      System.Security.Cryptography.Cng (>= 4.3) - restriction: || (&& (== net45) (>= netstandard1.6)) (== net5.0) (== netcoreapp3.1) (== netstandard1.6) (== netstandard2.0) (== netstandard2.1)
      System.Security.Cryptography.Csp (>= 4.3) - restriction: || (&& (== net45) (>= netstandard1.6)) (== net5.0) (== netcoreapp3.1) (== netstandard1.6) (== netstandard2.0) (== netstandard2.1)
      System.Security.Cryptography.Encoding (>= 4.3) - restriction: || (&& (== net45) (>= net46)) (&& (== net45) (>= net461)) (&& (== net45) (>= netstandard1.3)) (&& (== net45) (>= netstandard1.4)) (&& (== net45) (>= netstandard1.6)) (== net46) (== net5.0) (== netcoreapp3.1) (== netstandard1.6) (== netstandard2.0) (== netstandard2.1)
      System.Security.Cryptography.OpenSsl (>= 4.3) - restriction: || (&& (== net45) (>= netstandard1.6)) (== net5.0) (== netcoreapp3.1) (== netstandard1.6) (== netstandard2.0) (== netstandard2.1)
      System.Security.Cryptography.Primitives (>= 4.3) - restriction: || (&& (== net45) (>= netstandard1.6)) (== net5.0) (== netcoreapp3.1) (== netstandard1.6) (== netstandard2.0) (== netstandard2.1)
      System.Text.Encoding (>= 4.3) - restriction: || (&& (== net45) (>= netstandard1.6)) (== net5.0) (== netcoreapp3.1) (== netstandard1.6) (== netstandard2.0) (== netstandard2.1)
      System.Threading (>= 4.3) - restriction: || (&& (== net45) (>= netstandard1.6)) (== net5.0) (== netcoreapp3.1) (== netstandard1.6) (== netstandard2.0) (== netstandard2.1)
    System.Security.Principal.Windows (5.0) - restriction: || (&& (== net45) (>= netcoreapp2.0)) (&& (== net45) (>= netcoreapp2.1)) (&& (== net45) (>= netstandard2.0)) (&& (== net45) (>= xamarinios)) (&& (== net45) (>= xamarinmac)) (&& (== net46) (>= monoandroid) (< netstandard1.3) (>= netstandard2.0)) (&& (== net46) (>= monotouch) (>= netstandard2.0)) (&& (== net46) (>= net461) (>= netstandard2.0)) (&& (== net46) (>= netcoreapp2.0)) (&& (== net46) (>= netcoreapp2.1)) (&& (== net46) (>= netstandard2.0) (>= uap10.1)) (&& (== net46) (>= netstandard2.0) (>= xamarintvos)) (&& (== net46) (>= netstandard2.0) (>= xamarinwatchos)) (&& (== net46) (>= xamarinios)) (&& (== net46) (>= xamarinmac)) (== net5.0) (== netcoreapp3.1) (&& (== netstandard1.6) (>= netcoreapp2.0)) (&& (== netstandard1.6) (>= netcoreapp2.1)) (&& (== netstandard1.6) (>= netstandard2.0)) (&& (== netstandard1.6) (>= xamarinios)) (&& (== netstandard1.6) (>= xamarinmac)) (== netstandard2.0) (== netstandard2.1)
    System.Text.Encoding (4.3) - restriction: || (&& (== net45) (== net5.0)) (&& (== net45) (== netcoreapp3.1)) (&& (== net45) (== netstandard2.1)) (&& (== net46) (== net5.0)) (&& (== net46) (== netcoreapp3.1)) (&& (== net46) (== netstandard2.0)) (&& (== net46) (== netstandard2.1)) (&& (== net46) (< net45) (>= netstandard1.6)) (&& (== net46) (>= netstandard1.6) (< portable-net45+win8+wpa81)) (&& (== net46) (>= netstandard1.6) (>= uap10.0)) (&& (== net5.0) (< netstandard1.2)) (&& (== net5.0) (< netstandard1.3)) (&& (== net5.0) (< netstandard1.4)) (&& (== net5.0) (< netstandard1.5)) (&& (== net5.0) (< netstandard1.6)) (&& (== net5.0) (< netstandard2.0)) (&& (== net5.0) (< portable-net45+win8+wpa81)) (&& (== netcoreapp3.1) (< netstandard1.2)) (&& (== netcoreapp3.1) (< netstandard1.3)) (&& (== netcoreapp3.1) (< netstandard1.4)) (&& (== netcoreapp3.1) (< netstandard1.5)) (&& (== netcoreapp3.1) (< netstandard1.6)) (&& (== netcoreapp3.1) (< netstandard2.0)) (&& (== netcoreapp3.1) (< portable-net45+win8+wpa81)) (== netstandard1.6) (&& (== netstandard2.1) (< netstandard1.2)) (&& (== netstandard2.1) (< netstandard1.3)) (&& (== netstandard2.1) (< netstandard1.4)) (&& (== netstandard2.1) (< netstandard1.5)) (&& (== netstandard2.1) (< netstandard1.6)) (&& (== netstandard2.1) (< netstandard2.0)) (&& (== netstandard2.1) (< portable-net45+win8+wpa81))
      Microsoft.NETCore.Platforms (>= 1.1) - restriction: || (&& (== net46) (< net45)) (== net5.0) (== netcoreapp3.1) (== netstandard1.6) (== netstandard2.0) (== netstandard2.1)
      Microsoft.NETCore.Targets (>= 1.1) - restriction: || (&& (== net46) (< net45)) (== net5.0) (== netcoreapp3.1) (== netstandard1.6) (== netstandard2.0) (== netstandard2.1)
      System.Runtime (>= 4.3) - restriction: || (&& (== net46) (< net45)) (== net5.0) (== netcoreapp3.1) (== netstandard1.6) (== netstandard2.0) (== netstandard2.1)
    System.Text.Encoding.CodePages (5.0) - restriction: || (&& (== net45) (>= netstandard2.0)) (&& (== net46) (>= netstandard2.0)) (== net5.0) (== netcoreapp3.1) (&& (== netstandard1.6) (>= netstandard2.0)) (== netstandard2.0) (== netstandard2.1)
      Microsoft.NETCore.Platforms (>= 5.0) - restriction: || (&& (== net45) (>= net5.0)) (&& (== net45) (>= netcoreapp2.0)) (&& (== net46) (>= net5.0)) (&& (== net46) (>= netcoreapp2.0)) (== net5.0) (== netcoreapp3.1) (&& (== netstandard1.6) (>= net5.0)) (&& (== netstandard1.6) (>= netcoreapp2.0)) (&& (== netstandard2.0) (>= net5.0)) (&& (== netstandard2.0) (>= netcoreapp2.0)) (&& (== netstandard2.1) (>= net5.0)) (&& (== netstandard2.1) (>= netcoreapp2.0))
      System.Runtime.CompilerServices.Unsafe (>= 5.0) - restriction: || (&& (== net45) (>= net461)) (&& (== net45) (>= netcoreapp2.0)) (&& (== net45) (>= netstandard2.0)) (&& (== net46) (>= net461)) (&& (== net46) (>= netcoreapp2.0)) (&& (== net5.0) (>= net461)) (&& (== net5.0) (< netcoreapp2.0)) (== netcoreapp3.1) (&& (== netstandard1.6) (>= net461)) (&& (== netstandard1.6) (>= netcoreapp2.0)) (&& (== netstandard1.6) (>= netstandard2.0)) (== netstandard2.0) (== netstandard2.1)
    System.Text.Encoding.Extensions (4.3) - restriction: || (&& (== net45) (== net5.0)) (&& (== net45) (== netcoreapp3.1)) (&& (== net45) (== netstandard2.1)) (&& (== net46) (== net5.0)) (&& (== net46) (== netcoreapp3.1)) (&& (== net46) (== netstandard2.0)) (&& (== net46) (== netstandard2.1)) (&& (== net46) (< net45) (>= netstandard1.6)) (&& (== net46) (>= netstandard1.6) (< portable-net45+win8+wpa81)) (&& (== net46) (>= netstandard1.6) (>= uap10.0)) (&& (== net5.0) (< netstandard1.2)) (&& (== net5.0) (< netstandard1.3)) (&& (== net5.0) (< netstandard1.4)) (&& (== net5.0) (< netstandard1.5)) (&& (== net5.0) (< netstandard1.6)) (&& (== net5.0) (< netstandard2.0)) (&& (== net5.0) (< portable-net45+win8+wpa81)) (&& (== netcoreapp3.1) (< netstandard1.2)) (&& (== netcoreapp3.1) (< netstandard1.3)) (&& (== netcoreapp3.1) (< netstandard1.4)) (&& (== netcoreapp3.1) (< netstandard1.5)) (&& (== netcoreapp3.1) (< netstandard1.6)) (&& (== netcoreapp3.1) (< netstandard2.0)) (&& (== netcoreapp3.1) (< portable-net45+win8+wpa81)) (== netstandard1.6) (&& (== netstandard2.1) (< netstandard1.2)) (&& (== netstandard2.1) (< netstandard1.3)) (&& (== netstandard2.1) (< netstandard1.4)) (&& (== netstandard2.1) (< netstandard1.5)) (&& (== netstandard2.1) (< netstandard1.6)) (&& (== netstandard2.1) (< netstandard2.0)) (&& (== netstandard2.1) (< portable-net45+win8+wpa81))
      Microsoft.NETCore.Platforms (>= 1.1) - restriction: || (&& (== net46) (< net45)) (== net5.0) (== netcoreapp3.1) (== netstandard1.6) (== netstandard2.0) (== netstandard2.1)
      Microsoft.NETCore.Targets (>= 1.1) - restriction: || (&& (== net46) (< net45)) (== net5.0) (== netcoreapp3.1) (== netstandard1.6) (== netstandard2.0) (== netstandard2.1)
      System.Runtime (>= 4.3) - restriction: || (&& (== net46) (< net45)) (== net5.0) (== netcoreapp3.1) (== netstandard1.6) (== netstandard2.0) (== netstandard2.1)
      System.Text.Encoding (>= 4.3) - restriction: || (&& (== net46) (< net45)) (== net5.0) (== netcoreapp3.1) (== netstandard1.6) (== netstandard2.0) (== netstandard2.1)
    System.Text.RegularExpressions (4.3.1) - restriction: || (&& (== net45) (== net5.0)) (&& (== net45) (== netcoreapp3.1)) (&& (== net45) (== netstandard2.1)) (&& (== net46) (== net5.0)) (&& (== net46) (== netcoreapp3.1)) (&& (== net46) (== netstandard2.0)) (&& (== net46) (== netstandard2.1)) (&& (== net46) (< net45) (>= netstandard1.6)) (&& (== net46) (>= netstandard1.6) (< portable-net45+win8+wpa81)) (&& (== net46) (>= netstandard1.6) (>= uap10.0)) (&& (== net5.0) (< netstandard1.2)) (&& (== net5.0) (< netstandard1.3)) (&& (== net5.0) (< netstandard1.4)) (&& (== net5.0) (< netstandard1.5)) (&& (== net5.0) (< netstandard1.6)) (&& (== net5.0) (< netstandard2.0)) (&& (== net5.0) (< portable-net45+win8+wpa81)) (&& (== netcoreapp3.1) (< netstandard1.2)) (&& (== netcoreapp3.1) (< netstandard1.3)) (&& (== netcoreapp3.1) (< netstandard1.4)) (&& (== netcoreapp3.1) (< netstandard1.5)) (&& (== netcoreapp3.1) (< netstandard1.6)) (&& (== netcoreapp3.1) (< netstandard2.0)) (&& (== netcoreapp3.1) (< portable-net45+win8+wpa81)) (== netstandard1.6) (&& (== netstandard2.1) (< netstandard1.2)) (&& (== netstandard2.1) (< netstandard1.3)) (&& (== netstandard2.1) (< netstandard1.4)) (&& (== netstandard2.1) (< netstandard1.5)) (&& (== netstandard2.1) (< netstandard1.6)) (&& (== netstandard2.1) (< netstandard2.0)) (&& (== netstandard2.1) (< portable-net45+win8+wpa81))
      System.Collections (>= 4.3) - restriction: || (&& (== net46) (< net45) (>= netstandard1.6)) (&& (== net5.0) (< netcoreapp1.1)) (&& (== netcoreapp3.1) (< netcoreapp1.1)) (== netstandard1.6) (== netstandard2.0) (== netstandard2.1)
      System.Globalization (>= 4.3) - restriction: || (&& (== net46) (< net45) (>= netstandard1.6)) (&& (== net5.0) (< netcoreapp1.1)) (&& (== netcoreapp3.1) (< netcoreapp1.1)) (== netstandard1.6) (== netstandard2.0) (== netstandard2.1)
      System.Resources.ResourceManager (>= 4.3) - restriction: || (&& (== net46) (< net45) (>= netstandard1.6)) (&& (== net5.0) (< netcoreapp1.1)) (&& (== netcoreapp3.1) (< netcoreapp1.1)) (== netstandard1.6) (== netstandard2.0) (== netstandard2.1)
      System.Runtime (>= 4.3.1) - restriction: || (&& (== net45) (>= netcoreapp1.1)) (&& (== net46) (< net45)) (&& (== net46) (>= netcoreapp1.1)) (== net5.0) (== netcoreapp3.1) (== netstandard1.6) (== netstandard2.0) (== netstandard2.1)
      System.Runtime.Extensions (>= 4.3.1) - restriction: || (&& (== net46) (< net45) (>= netstandard1.6)) (&& (== net5.0) (< netcoreapp1.1)) (&& (== netcoreapp3.1) (< netcoreapp1.1)) (== netstandard1.6) (== netstandard2.0) (== netstandard2.1)
      System.Threading (>= 4.3) - restriction: || (&& (== net46) (< net45) (>= netstandard1.6)) (&& (== net5.0) (< netcoreapp1.1)) (&& (== netcoreapp3.1) (< netcoreapp1.1)) (== netstandard1.6) (== netstandard2.0) (== netstandard2.1)
    System.Threading (4.3) - restriction: || (&& (== net45) (== net5.0)) (&& (== net45) (== netcoreapp3.1)) (&& (== net45) (== netstandard2.1)) (&& (== net46) (== net5.0)) (&& (== net46) (== netcoreapp3.1)) (&& (== net46) (== netstandard2.0)) (&& (== net46) (== netstandard2.1)) (&& (== net46) (< net45) (>= netstandard1.6)) (&& (== net46) (>= netstandard1.6) (< portable-net45+win8+wpa81)) (&& (== net46) (>= netstandard1.6) (>= uap10.0)) (&& (== net5.0) (< netstandard1.2)) (&& (== net5.0) (< netstandard1.3)) (&& (== net5.0) (< netstandard1.4)) (&& (== net5.0) (< netstandard1.5)) (&& (== net5.0) (< netstandard1.6)) (&& (== net5.0) (< netstandard2.0)) (&& (== net5.0) (< portable-net45+win8+wpa81)) (&& (== netcoreapp3.1) (< netstandard1.2)) (&& (== netcoreapp3.1) (< netstandard1.3)) (&& (== netcoreapp3.1) (< netstandard1.4)) (&& (== netcoreapp3.1) (< netstandard1.5)) (&& (== netcoreapp3.1) (< netstandard1.6)) (&& (== netcoreapp3.1) (< netstandard2.0)) (&& (== netcoreapp3.1) (< portable-net45+win8+wpa81)) (== netstandard1.6) (&& (== netstandard2.1) (< netstandard1.2)) (&& (== netstandard2.1) (< netstandard1.3)) (&& (== netstandard2.1) (< netstandard1.4)) (&& (== netstandard2.1) (< netstandard1.5)) (&& (== netstandard2.1) (< netstandard1.6)) (&& (== netstandard2.1) (< netstandard2.0)) (&& (== netstandard2.1) (< portable-net45+win8+wpa81))
      System.Runtime (>= 4.3) - restriction: || (&& (== net46) (< net45)) (== net5.0) (== netcoreapp3.1) (== netstandard1.6) (== netstandard2.0) (== netstandard2.1)
      System.Threading.Tasks (>= 4.3) - restriction: || (&& (== net46) (< net45)) (== net5.0) (== netcoreapp3.1) (== netstandard1.6) (== netstandard2.0) (== netstandard2.1)
    System.Threading.Tasks (4.3) - restriction: || (&& (== net45) (== net5.0)) (&& (== net45) (== netcoreapp3.1)) (&& (== net45) (== netstandard2.1)) (&& (== net46) (== net5.0)) (&& (== net46) (== netcoreapp3.1)) (&& (== net46) (== netstandard2.0)) (&& (== net46) (== netstandard2.1)) (&& (== net46) (< net45) (>= netstandard1.6)) (&& (== net46) (>= netstandard1.6) (< portable-net45+win8+wpa81)) (&& (== net46) (>= netstandard1.6) (>= uap10.0)) (&& (== net5.0) (< netstandard1.2)) (&& (== net5.0) (< netstandard1.3)) (&& (== net5.0) (< netstandard1.4)) (&& (== net5.0) (< netstandard1.5)) (&& (== net5.0) (< netstandard1.6)) (&& (== net5.0) (< netstandard2.0)) (&& (== net5.0) (< portable-net45+win8+wpa81)) (&& (== netcoreapp3.1) (< netstandard1.2)) (&& (== netcoreapp3.1) (< netstandard1.3)) (&& (== netcoreapp3.1) (< netstandard1.4)) (&& (== netcoreapp3.1) (< netstandard1.5)) (&& (== netcoreapp3.1) (< netstandard1.6)) (&& (== netcoreapp3.1) (< netstandard2.0)) (&& (== netcoreapp3.1) (< portable-net45+win8+wpa81)) (== netstandard1.6) (&& (== netstandard2.1) (< netstandard1.2)) (&& (== netstandard2.1) (< netstandard1.3)) (&& (== netstandard2.1) (< netstandard1.4)) (&& (== netstandard2.1) (< netstandard1.5)) (&& (== netstandard2.1) (< netstandard1.6)) (&& (== netstandard2.1) (< netstandard2.0)) (&& (== netstandard2.1) (< portable-net45+win8+wpa81))
      Microsoft.NETCore.Platforms (>= 1.1) - restriction: || (&& (== net46) (< net45)) (== net5.0) (== netcoreapp3.1) (== netstandard1.6) (== netstandard2.0) (== netstandard2.1)
      Microsoft.NETCore.Targets (>= 1.1) - restriction: || (&& (== net46) (< net45)) (== net5.0) (== netcoreapp3.1) (== netstandard1.6) (== netstandard2.0) (== netstandard2.1)
      System.Runtime (>= 4.3) - restriction: || (&& (== net46) (< net45)) (== net5.0) (== netcoreapp3.1) (== netstandard1.6) (== netstandard2.0) (== netstandard2.1)
    System.Threading.Tasks.Extensions (4.5.4) - restriction: || (&& (== net45) (>= netstandard2.0)) (&& (== net46) (< net45) (>= netstandard1.6)) (&& (== net46) (>= netstandard1.6) (< portable-net45+win8+wpa81)) (&& (== net46) (>= netstandard1.6) (>= uap10.0)) (&& (== net46) (>= netstandard2.0)) (== net5.0) (== netcoreapp3.1) (== netstandard1.6) (== netstandard2.0) (== netstandard2.1)
      System.Runtime.CompilerServices.Unsafe (>= 4.5.3) - restriction: || (== net45) (== net46) (&& (== net5.0) (>= net461)) (&& (== net5.0) (< netcoreapp2.1)) (&& (== net5.0) (< netstandard1.0)) (&& (== net5.0) (< netstandard2.0)) (&& (== net5.0) (>= wp8)) (&& (== netcoreapp3.1) (>= net461)) (&& (== netcoreapp3.1) (< netcoreapp2.1)) (&& (== netcoreapp3.1) (< netstandard1.0)) (&& (== netcoreapp3.1) (< netstandard2.0)) (&& (== netcoreapp3.1) (>= wp8)) (== netstandard1.6) (== netstandard2.0) (== netstandard2.1)
    System.Threading.Timer (4.3) - restriction: || (&& (== net45) (== net5.0)) (&& (== net45) (== netcoreapp3.1)) (&& (== net45) (== netstandard2.1)) (&& (== net46) (== net5.0)) (&& (== net46) (== netcoreapp3.1)) (&& (== net46) (== netstandard2.0)) (&& (== net46) (== netstandard2.1)) (&& (== net46) (< net45) (>= netstandard1.6)) (&& (== net46) (>= netstandard1.6) (>= uap10.0)) (&& (== net5.0) (< netstandard1.3)) (&& (== net5.0) (< netstandard1.4)) (&& (== net5.0) (< netstandard1.5)) (&& (== net5.0) (< netstandard1.6)) (&& (== net5.0) (< netstandard2.0)) (&& (== netcoreapp3.1) (< netstandard1.3)) (&& (== netcoreapp3.1) (< netstandard1.4)) (&& (== netcoreapp3.1) (< netstandard1.5)) (&& (== netcoreapp3.1) (< netstandard1.6)) (&& (== netcoreapp3.1) (< netstandard2.0)) (== netstandard1.6) (&& (== netstandard2.1) (< netstandard1.3)) (&& (== netstandard2.1) (< netstandard1.4)) (&& (== netstandard2.1) (< netstandard1.5)) (&& (== netstandard2.1) (< netstandard1.6)) (&& (== netstandard2.1) (< netstandard2.0))
      Microsoft.NETCore.Platforms (>= 1.1) - restriction: || (&& (== net45) (>= netstandard1.2)) (&& (== net46) (< net451)) (== net5.0) (== netcoreapp3.1) (== netstandard1.6) (== netstandard2.0) (== netstandard2.1)
      Microsoft.NETCore.Targets (>= 1.1) - restriction: || (&& (== net45) (>= netstandard1.2)) (&& (== net46) (< net451)) (== net5.0) (== netcoreapp3.1) (== netstandard1.6) (== netstandard2.0) (== netstandard2.1)
      System.Runtime (>= 4.3) - restriction: || (&& (== net45) (>= netstandard1.2)) (&& (== net46) (< net451)) (== net5.0) (== netcoreapp3.1) (== netstandard1.6) (== netstandard2.0) (== netstandard2.1)
    System.ValueTuple (4.5) - restriction: || (&& (== net45) (>= netstandard2.0)) (&& (== net46) (>= netstandard2.0)) (== net5.0) (== netcoreapp3.1) (&& (== netstandard1.6) (>= netstandard2.0)) (== netstandard2.0) (== netstandard2.1)
    System.Xml.ReaderWriter (4.3.1) - restriction: || (&& (== net45) (== net5.0)) (&& (== net45) (== netcoreapp3.1)) (&& (== net45) (== netstandard2.1)) (&& (== net46) (== net5.0)) (&& (== net46) (== netcoreapp3.1)) (&& (== net46) (== netstandard2.0)) (&& (== net46) (== netstandard2.1)) (&& (== net46) (< net45) (>= netstandard1.6)) (&& (== net46) (>= netstandard1.6) (< portable-net45+win8+wpa81)) (&& (== net46) (>= netstandard1.6) (>= uap10.0)) (&& (== net5.0) (< netstandard1.2)) (&& (== net5.0) (< netstandard1.3)) (&& (== net5.0) (< netstandard1.4)) (&& (== net5.0) (< netstandard1.5)) (&& (== net5.0) (< netstandard1.6)) (&& (== net5.0) (< netstandard2.0)) (&& (== net5.0) (< portable-net45+win8+wpa81)) (&& (== netcoreapp3.1) (< netstandard1.2)) (&& (== netcoreapp3.1) (< netstandard1.3)) (&& (== netcoreapp3.1) (< netstandard1.4)) (&& (== netcoreapp3.1) (< netstandard1.5)) (&& (== netcoreapp3.1) (< netstandard1.6)) (&& (== netcoreapp3.1) (< netstandard2.0)) (&& (== netcoreapp3.1) (< portable-net45+win8+wpa81)) (== netstandard1.6) (&& (== netstandard2.1) (< netstandard1.2)) (&& (== netstandard2.1) (< netstandard1.3)) (&& (== netstandard2.1) (< netstandard1.4)) (&& (== netstandard2.1) (< netstandard1.5)) (&& (== netstandard2.1) (< netstandard1.6)) (&& (== netstandard2.1) (< netstandard2.0)) (&& (== netstandard2.1) (< portable-net45+win8+wpa81))
      System.Collections (>= 4.3) - restriction: || (&& (== net46) (< net45)) (== net5.0) (== netcoreapp3.1) (== netstandard1.6) (== netstandard2.0) (== netstandard2.1)
      System.Diagnostics.Debug (>= 4.3) - restriction: || (&& (== net46) (< net45)) (== net5.0) (== netcoreapp3.1) (== netstandard1.6) (== netstandard2.0) (== netstandard2.1)
      System.Globalization (>= 4.3) - restriction: || (&& (== net46) (< net45)) (== net5.0) (== netcoreapp3.1) (== netstandard1.6) (== netstandard2.0) (== netstandard2.1)
      System.IO (>= 4.3) - restriction: || (&& (== net46) (< net45)) (== net5.0) (== netcoreapp3.1) (== netstandard1.6) (== netstandard2.0) (== netstandard2.1)
      System.IO.FileSystem (>= 4.3) - restriction: || (&& (== net46) (< net45)) (== net5.0) (== netcoreapp3.1) (== netstandard1.6) (== netstandard2.0) (== netstandard2.1)
      System.IO.FileSystem.Primitives (>= 4.3) - restriction: || (&& (== net46) (< net45)) (== net5.0) (== netcoreapp3.1) (== netstandard1.6) (== netstandard2.0) (== netstandard2.1)
      System.Resources.ResourceManager (>= 4.3) - restriction: || (&& (== net46) (< net45)) (== net5.0) (== netcoreapp3.1) (== netstandard1.6) (== netstandard2.0) (== netstandard2.1)
      System.Runtime (>= 4.3) - restriction: || (&& (== net46) (< net45)) (== net5.0) (== netcoreapp3.1) (== netstandard1.6) (== netstandard2.0) (== netstandard2.1)
      System.Runtime.Extensions (>= 4.3) - restriction: || (&& (== net46) (< net45)) (== net5.0) (== netcoreapp3.1) (== netstandard1.6) (== netstandard2.0) (== netstandard2.1)
      System.Runtime.InteropServices (>= 4.3) - restriction: || (&& (== net46) (< net45)) (== net5.0) (== netcoreapp3.1) (== netstandard1.6) (== netstandard2.0) (== netstandard2.1)
      System.Text.Encoding (>= 4.3) - restriction: || (&& (== net46) (< net45)) (== net5.0) (== netcoreapp3.1) (== netstandard1.6) (== netstandard2.0) (== netstandard2.1)
      System.Text.Encoding.Extensions (>= 4.3) - restriction: || (&& (== net46) (< net45)) (== net5.0) (== netcoreapp3.1) (== netstandard1.6) (== netstandard2.0) (== netstandard2.1)
      System.Text.RegularExpressions (>= 4.3) - restriction: || (&& (== net46) (< net45)) (== net5.0) (== netcoreapp3.1) (== netstandard1.6) (== netstandard2.0) (== netstandard2.1)
      System.Threading.Tasks (>= 4.3) - restriction: || (&& (== net46) (< net45)) (== net5.0) (== netcoreapp3.1) (== netstandard1.6) (== netstandard2.0) (== netstandard2.1)
      System.Threading.Tasks.Extensions (>= 4.3) - restriction: || (&& (== net46) (< net45)) (== net5.0) (== netcoreapp3.1) (== netstandard1.6) (== netstandard2.0) (== netstandard2.1)
    System.Xml.XDocument (4.3) - restriction: || (&& (== net45) (== net5.0)) (&& (== net45) (== netcoreapp3.1)) (&& (== net45) (== netstandard2.1)) (&& (== net46) (== net5.0)) (&& (== net46) (== netcoreapp3.1)) (&& (== net46) (== netstandard2.0)) (&& (== net46) (== netstandard2.1)) (&& (== net46) (< net45) (>= netstandard1.6)) (&& (== net46) (>= netstandard1.6) (< portable-net45+win8+wpa81)) (&& (== net46) (>= netstandard1.6) (>= uap10.0)) (&& (== net5.0) (< netstandard1.2)) (&& (== net5.0) (< netstandard1.3)) (&& (== net5.0) (< netstandard1.4)) (&& (== net5.0) (< netstandard1.5)) (&& (== net5.0) (< netstandard1.6)) (&& (== net5.0) (< netstandard2.0)) (&& (== net5.0) (< portable-net45+win8+wpa81)) (&& (== netcoreapp3.1) (< netstandard1.2)) (&& (== netcoreapp3.1) (< netstandard1.3)) (&& (== netcoreapp3.1) (< netstandard1.4)) (&& (== netcoreapp3.1) (< netstandard1.5)) (&& (== netcoreapp3.1) (< netstandard1.6)) (&& (== netcoreapp3.1) (< netstandard2.0)) (&& (== netcoreapp3.1) (< portable-net45+win8+wpa81)) (== netstandard1.6) (&& (== netstandard2.1) (< netstandard1.2)) (&& (== netstandard2.1) (< netstandard1.3)) (&& (== netstandard2.1) (< netstandard1.4)) (&& (== netstandard2.1) (< netstandard1.5)) (&& (== netstandard2.1) (< netstandard1.6)) (&& (== netstandard2.1) (< netstandard2.0)) (&& (== netstandard2.1) (< portable-net45+win8+wpa81))
      System.Collections (>= 4.3) - restriction: || (&& (== net46) (< net45)) (== net5.0) (== netcoreapp3.1) (== netstandard1.6) (== netstandard2.0) (== netstandard2.1)
      System.Diagnostics.Debug (>= 4.3) - restriction: || (&& (== net46) (< net45)) (== net5.0) (== netcoreapp3.1) (== netstandard1.6) (== netstandard2.0) (== netstandard2.1)
      System.Diagnostics.Tools (>= 4.3) - restriction: || (&& (== net46) (< net45)) (== net5.0) (== netcoreapp3.1) (== netstandard1.6) (== netstandard2.0) (== netstandard2.1)
      System.Globalization (>= 4.3) - restriction: || (&& (== net46) (< net45)) (== net5.0) (== netcoreapp3.1) (== netstandard1.6) (== netstandard2.0) (== netstandard2.1)
      System.IO (>= 4.3) - restriction: || (&& (== net46) (< net45)) (== net5.0) (== netcoreapp3.1) (== netstandard1.6) (== netstandard2.0) (== netstandard2.1)
      System.Reflection (>= 4.3) - restriction: || (&& (== net46) (< net45)) (== net5.0) (== netcoreapp3.1) (== netstandard1.6) (== netstandard2.0) (== netstandard2.1)
      System.Resources.ResourceManager (>= 4.3) - restriction: || (&& (== net46) (< net45)) (== net5.0) (== netcoreapp3.1) (== netstandard1.6) (== netstandard2.0) (== netstandard2.1)
      System.Runtime (>= 4.3) - restriction: || (&& (== net46) (< net45)) (== net5.0) (== netcoreapp3.1) (== netstandard1.6) (== netstandard2.0) (== netstandard2.1)
      System.Runtime.Extensions (>= 4.3) - restriction: || (&& (== net46) (< net45)) (== net5.0) (== netcoreapp3.1) (== netstandard1.6) (== netstandard2.0) (== netstandard2.1)
      System.Text.Encoding (>= 4.3) - restriction: || (&& (== net46) (< net45)) (== net5.0) (== netcoreapp3.1) (== netstandard1.6) (== netstandard2.0) (== netstandard2.1)
      System.Threading (>= 4.3) - restriction: || (&& (== net46) (< net45)) (== net5.0) (== netcoreapp3.1) (== netstandard1.6) (== netstandard2.0) (== netstandard2.1)
      System.Xml.ReaderWriter (>= 4.3) - restriction: || (&& (== net46) (< net45)) (== net5.0) (== netcoreapp3.1) (== netstandard1.6) (== netstandard2.0) (== netstandard2.1)
    xunit (2.4.1)
      xunit.analyzers (>= 0.10)
      xunit.assert (2.4.1)
      xunit.core (2.4.1)
    xunit.abstractions (2.0.3)
      NETStandard.Library (>= 1.6) - restriction: || (&& (== net45) (< net35)) (&& (== net46) (< net35)) (&& (== net5.0) (< netstandard2.0)) (&& (== netcoreapp3.1) (< netstandard2.0)) (== netstandard1.6) (&& (== netstandard2.1) (< netstandard2.0))
    xunit.analyzers (0.10)
    xunit.assert (2.4.1)
      NETStandard.Library (>= 1.6.1) - restriction: || (== net45) (&& (== net46) (< net452)) (== net5.0) (== netcoreapp3.1) (== netstandard1.6) (== netstandard2.0) (== netstandard2.1)
    xunit.core (2.4.1)
      xunit.extensibility.core (2.4.1)
      xunit.extensibility.execution (2.4.1)
    xunit.extensibility.core (2.4.1)
      NETStandard.Library (>= 1.6.1) - restriction: || (== net45) (&& (== net46) (< net452)) (== net5.0) (== netcoreapp3.1) (== netstandard1.6) (== netstandard2.0) (== netstandard2.1)
      xunit.abstractions (>= 2.0.3)
    xunit.extensibility.execution (2.4.1)
      NETStandard.Library (>= 1.6.1) - restriction: || (== net45) (&& (== net46) (< net452)) (== net5.0) (== netcoreapp3.1) (== netstandard1.6) (== netstandard2.0) (== netstandard2.1)
      xunit.extensibility.core (2.4.1)
    xunit.runner.visualstudio (2.4.3)
